STORAGE: NONE
RESTRICTION: || (== net462) (== netcoreapp2.1) (== netstandard1.6) (== netstandard2.0)
NUGET
  remote: https://www.nuget.org/api/v2
    Argu (5.1) - restriction: || (== net462) (== netcoreapp2.1) (&& (== netstandard1.6) (>= net461)) (&& (== netstandard1.6) (>= netcoreapp2.0)) (&& (== netstandard1.6) (>= netstandard2.0)) (== netstandard2.0)
      FSharp.Core (>= 4.0.0.1) - restriction: || (== net462) (&& (== netcoreapp2.1) (>= net45)) (&& (== netstandard1.6) (>= net45)) (&& (== netstandard2.0) (>= net45))
      FSharp.Core (>= 4.3.2) - restriction: || (&& (== net462) (< net45) (>= netstandard2.0)) (== netcoreapp2.1) (&& (== netstandard1.6) (>= netstandard2.0)) (== netstandard2.0)
      System.Configuration.ConfigurationManager (>= 4.4) - restriction: || (&& (== net462) (< net45) (>= netstandard2.0)) (== netcoreapp2.1) (&& (== netstandard1.6) (>= netstandard2.0)) (== netstandard2.0)
    Baseline (1.5)
      NETStandard.Library (>= 1.6.1) - restriction: || (&& (== net462) (< net451)) (&& (== netcoreapp2.1) (< netstandard2.0)) (== netstandard1.6)
      System.Diagnostics.Process (>= 4.3) - restriction: || (&& (== net462) (< net451)) (&& (== netcoreapp2.1) (< netstandard2.0)) (== netstandard1.6)
      System.Diagnostics.StackTrace (>= 4.3) - restriction: || (&& (== net462) (< net451)) (&& (== netcoreapp2.1) (< netstandard2.0)) (== netstandard1.6)
      System.Reflection.TypeExtensions (>= 4.3) - restriction: || (&& (== net462) (< net451)) (&& (== netcoreapp2.1) (< netstandard2.0)) (== netstandard1.6)
      System.Threading.Thread (>= 4.3) - restriction: || (&& (== net462) (< net451)) (&& (== netcoreapp2.1) (< netstandard2.0)) (== netstandard1.6)
      System.Xml.XmlSerializer (>= 4.3) - restriction: || (&& (== net462) (< net451)) (&& (== netcoreapp2.1) (< netstandard2.0)) (== netstandard1.6)
    Chessie (0.6) - restriction: || (&& (== net462) (>= netcoreapp2.0)) (== netcoreapp2.1) (&& (== netstandard1.6) (>= netcoreapp2.0)) (&& (== netstandard2.0) (>= netcoreapp2.0))
      FSharp.Core (>= 4.0.1.7-alpha) - restriction: || (&& (== net462) (>= netstandard1.6)) (== netcoreapp2.1) (== netstandard1.6) (== netstandard2.0)
      NETStandard.Library (>= 1.6) - restriction: || (&& (== net462) (>= netstandard1.6)) (== netcoreapp2.1) (== netstandard1.6) (== netstandard2.0)
    dotnet-mono (0.5.3) - clitool: true
      Argu (>= 3.7) - restriction: || (&& (== net462) (>= netcoreapp2.0)) (== netcoreapp2.1) (&& (== netstandard1.6) (>= netcoreapp2.0)) (&& (== netstandard2.0) (>= netcoreapp2.0))
      Chessie (>= 0.6) - restriction: || (&& (== net462) (>= netcoreapp2.0)) (== netcoreapp2.1) (&& (== netstandard1.6) (>= netcoreapp2.0)) (&& (== netstandard2.0) (>= netcoreapp2.0))
      FSharp.Core (>= 4.1.17) - restriction: || (&& (== net462) (>= netcoreapp2.0)) (== netcoreapp2.1) (&& (== netstandard1.6) (>= netcoreapp2.0)) (&& (== netstandard2.0) (>= netcoreapp2.0))
      Microsoft.Build (>= 15.7.179) - restriction: || (&& (== net462) (>= netcoreapp2.0)) (== netcoreapp2.1) (&& (== netstandard1.6) (>= netcoreapp2.0)) (&& (== netstandard2.0) (>= netcoreapp2.0))
      Microsoft.Build.Utilities.Core (>= 15.7.179) - restriction: || (&& (== net462) (>= netcoreapp2.0)) (== netcoreapp2.1) (&& (== netstandard1.6) (>= netcoreapp2.0)) (&& (== netstandard2.0) (>= netcoreapp2.0))
      Microsoft.NETCore.App (>= 2.0) - restriction: || (&& (== net462) (>= netcoreapp2.0)) (== netcoreapp2.1) (&& (== netstandard1.6) (>= netcoreapp2.0)) (&& (== netstandard2.0) (>= netcoreapp2.0))
      Microsoft.NETCore.App (>= 2.1) - restriction: || (&& (== net462) (>= netcoreapp2.1)) (== netcoreapp2.1) (&& (== netstandard1.6) (>= netcoreapp2.1)) (&& (== netstandard2.0) (>= netcoreapp2.1))
    Expecto (8.2.2)
      Argu (>= 5.1) - restriction: || (== net462) (== netcoreapp2.1) (&& (== netstandard1.6) (>= net461)) (&& (== netstandard1.6) (>= netstandard2.0)) (== netstandard2.0)
      Mono.Cecil (>= 0.10) - restriction: || (== net462) (== netcoreapp2.1) (&& (== netstandard1.6) (>= net461)) (&& (== netstandard1.6) (>= netstandard2.0)) (== netstandard2.0)
      System.Diagnostics.FileVersionInfo (>= 4.3) - restriction: || (&& (== net462) (< net461) (>= netstandard2.0)) (== netcoreapp2.1) (&& (== netstandard1.6) (>= netstandard2.0)) (== netstandard2.0)
    FSharp.Core (4.3.4)
      System.Collections (>= 4.0.11) - restriction: || (&& (== net462) (< net45) (>= netstandard1.6)) (&& (== netcoreapp2.1) (< netstandard2.0)) (== netstandard1.6)
      System.Console (>= 4.0) - restriction: || (&& (== net462) (< net45) (>= netstandard1.6)) (&& (== netcoreapp2.1) (< netstandard2.0)) (== netstandard1.6)
      System.Diagnostics.Debug (>= 4.0.11) - restriction: || (&& (== net462) (< net45) (>= netstandard1.6)) (&& (== netcoreapp2.1) (< netstandard2.0)) (== netstandard1.6)
      System.Diagnostics.Tools (>= 4.0.1) - restriction: || (&& (== net462) (< net45) (>= netstandard1.6)) (&& (== netcoreapp2.1) (< netstandard2.0)) (== netstandard1.6)
      System.Globalization (>= 4.0.11) - restriction: || (&& (== net462) (< net45) (>= netstandard1.6)) (&& (== netcoreapp2.1) (< netstandard2.0)) (== netstandard1.6)
      System.IO (>= 4.1) - restriction: || (&& (== net462) (< net45) (>= netstandard1.6)) (&& (== netcoreapp2.1) (< netstandard2.0)) (== netstandard1.6)
      System.Linq (>= 4.1) - restriction: || (&& (== net462) (< net45) (>= netstandard1.6)) (&& (== netcoreapp2.1) (< netstandard2.0)) (== netstandard1.6)
      System.Linq.Expressions (>= 4.1) - restriction: || (&& (== net462) (< net45) (>= netstandard1.6)) (&& (== netcoreapp2.1) (< netstandard2.0)) (== netstandard1.6)
      System.Linq.Queryable (>= 4.0.1) - restriction: || (&& (== net462) (< net45) (>= netstandard1.6)) (&& (== netcoreapp2.1) (< netstandard2.0)) (== netstandard1.6)
      System.Net.Requests (>= 4.0.11) - restriction: || (&& (== net462) (< net45) (>= netstandard1.6)) (&& (== netcoreapp2.1) (< netstandard2.0)) (== netstandard1.6)
      System.Reflection (>= 4.1) - restriction: || (&& (== net462) (< net45) (>= netstandard1.6)) (&& (== netcoreapp2.1) (< netstandard2.0)) (== netstandard1.6)
      System.Reflection.Extensions (>= 4.0.1) - restriction: || (&& (== net462) (< net45) (>= netstandard1.6)) (&& (== netcoreapp2.1) (< netstandard2.0)) (== netstandard1.6)
      System.Resources.ResourceManager (>= 4.0.1) - restriction: || (&& (== net462) (< net45) (>= netstandard1.6)) (&& (== netcoreapp2.1) (< netstandard2.0)) (== netstandard1.6)
      System.Runtime (>= 4.1) - restriction: || (&& (== net462) (< net45) (>= netstandard1.6)) (&& (== netcoreapp2.1) (< netstandard2.0)) (== netstandard1.6)
      System.Runtime.Extensions (>= 4.1) - restriction: || (&& (== net462) (< net45) (>= netstandard1.6)) (&& (== netcoreapp2.1) (< netstandard2.0)) (== netstandard1.6)
      System.Runtime.Numerics (>= 4.0.1) - restriction: || (&& (== net462) (< net45) (>= netstandard1.6)) (&& (== netcoreapp2.1) (< netstandard2.0)) (== netstandard1.6)
      System.Text.RegularExpressions (>= 4.1) - restriction: || (&& (== net462) (< net45) (>= netstandard1.6)) (&& (== netcoreapp2.1) (< netstandard2.0)) (== netstandard1.6)
      System.Threading (>= 4.0.11) - restriction: || (&& (== net462) (< net45) (>= netstandard1.6)) (&& (== netcoreapp2.1) (< netstandard2.0)) (== netstandard1.6)
      System.Threading.Tasks (>= 4.0.11) - restriction: || (&& (== net462) (< net45) (>= netstandard1.6)) (&& (== netcoreapp2.1) (< netstandard2.0)) (== netstandard1.6)
      System.Threading.Tasks.Parallel (>= 4.0.1) - restriction: || (&& (== net462) (< net45) (>= netstandard1.6)) (&& (== netcoreapp2.1) (< netstandard2.0)) (== netstandard1.6)
      System.Threading.Thread (>= 4.0) - restriction: || (&& (== net462) (< net45) (>= netstandard1.6)) (&& (== netcoreapp2.1) (< netstandard2.0)) (== netstandard1.6)
      System.Threading.ThreadPool (>= 4.0.10) - restriction: || (&& (== net462) (< net45) (>= netstandard1.6)) (&& (== netcoreapp2.1) (< netstandard2.0)) (== netstandard1.6)
      System.Threading.Timer (>= 4.0.1) - restriction: || (&& (== net462) (< net45) (>= netstandard1.6)) (&& (== netcoreapp2.1) (< netstandard2.0)) (== netstandard1.6)
    Marten (2.9)
      Baseline (>= 1.3)
      NETStandard.Library (>= 1.6.1) - restriction: || (&& (== net462) (< net46)) (&& (== netcoreapp2.1) (< netstandard2.0)) (== netstandard1.6)
      Newtonsoft.Json (>= 9.0.1)
      Npgsql (>= 3.2.5)
      Remotion.Linq (>= 2.1.1)
      System.Reflection.Emit.Lightweight (>= 4.3)
      System.Threading.Tasks.Dataflow (>= 4.7)
    Microsoft.Build (15.8.166) - restriction: || (&& (== net462) (>= netcoreapp2.0)) (== netcoreapp2.1) (&& (== netstandard1.6) (>= netcoreapp2.0)) (&& (== netstandard2.0) (>= netcoreapp2.0))
      Microsoft.Build.Framework (>= 15.8.166) - restriction: || (== net462) (== netcoreapp2.1) (&& (== netstandard1.6) (>= net46)) (&& (== netstandard1.6) (>= netstandard2.0)) (== netstandard2.0)
      Microsoft.Win32.Registry (>= 4.3) - restriction: || (&& (== net462) (< net46) (>= netstandard2.0)) (&& (== net462) (>= netcoreapp2.1)) (== netcoreapp2.1) (&& (== netstandard1.6) (>= netcoreapp2.1)) (&& (== netstandard1.6) (>= netstandard2.0)) (== netstandard2.0)
      System.Collections.Immutable (>= 1.5) - restriction: || (== net462) (== netcoreapp2.1) (&& (== netstandard1.6) (>= net46)) (&& (== netstandard1.6) (>= netstandard2.0)) (== netstandard2.0)
      System.Diagnostics.TraceSource (>= 4.0) - restriction: || (&& (== net462) (< net46) (>= netstandard2.0)) (&& (== net462) (>= netcoreapp2.1)) (== netcoreapp2.1) (&& (== netstandard1.6) (>= netcoreapp2.1)) (&& (== netstandard1.6) (>= netstandard2.0)) (== netstandard2.0)
      System.IO.Compression (>= 4.3) - restriction: || (== net462) (== netcoreapp2.1) (&& (== netstandard1.6) (>= net46)) (&& (== netstandard1.6) (>= netstandard2.0)) (== netstandard2.0)
      System.Reflection.Metadata (>= 1.6) - restriction: || (&& (== net462) (< net46) (>= netstandard2.0)) (&& (== net462) (>= netcoreapp2.1)) (== netcoreapp2.1) (&& (== netstandard1.6) (>= netcoreapp2.1)) (&& (== netstandard1.6) (>= netstandard2.0)) (== netstandard2.0)
      System.Reflection.TypeExtensions (>= 4.1) - restriction: || (&& (== net462) (< net46) (>= netstandard2.0)) (&& (== net462) (>= netcoreapp2.1)) (== netcoreapp2.1) (&& (== netstandard1.6) (>= netcoreapp2.1)) (&& (== netstandard1.6) (>= netstandard2.0)) (== netstandard2.0)
      System.Runtime.InteropServices.RuntimeInformation (>= 4.3) - restriction: || (== net462) (== netcoreapp2.1) (&& (== netstandard1.6) (>= net46)) (&& (== netstandard1.6) (>= netstandard2.0)) (== netstandard2.0)
      System.Runtime.Loader (>= 4.0) - restriction: || (&& (== net462) (< net46) (>= netstandard2.0)) (&& (== net462) (>= netcoreapp2.1)) (== netcoreapp2.1) (&& (== netstandard1.6) (>= netcoreapp2.1)) (&& (== netstandard1.6) (>= netstandard2.0)) (== netstandard2.0)
      System.Security.Principal.Windows (>= 4.3) - restriction: || (&& (== net462) (>= netcoreapp2.1)) (== netcoreapp2.1) (&& (== netstandard1.6) (>= netcoreapp2.1)) (&& (== netstandard2.0) (>= netcoreapp2.1))
      System.Text.Encoding.CodePages (>= 4.0.1) - restriction: || (&& (== net462) (< net46) (>= netstandard2.0)) (&& (== net462) (>= netcoreapp2.1)) (== netcoreapp2.1) (&& (== netstandard1.6) (>= netcoreapp2.1)) (&& (== netstandard1.6) (>= netstandard2.0)) (== netstandard2.0)
      System.Threading.Tasks.Dataflow (>= 4.6) - restriction: || (&& (== net462) (< net46) (>= netstandard2.0)) (&& (== net462) (>= netcoreapp2.1)) (== netcoreapp2.1) (&& (== netstandard1.6) (>= netcoreapp2.1)) (&& (== netstandard1.6) (>= netstandard2.0)) (== netstandard2.0)
    Microsoft.Build.Framework (15.8.166) - restriction: || (&& (== net462) (>= netcoreapp2.0)) (== netcoreapp2.1) (&& (== netstandard1.6) (>= netcoreapp2.0)) (&& (== netstandard2.0) (>= netcoreapp2.0))
      System.Runtime.Serialization.Primitives (>= 4.1.1) - restriction: || (&& (== net462) (< net46) (>= netstandard2.0)) (== netcoreapp2.1) (&& (== netstandard1.6) (>= netstandard2.0)) (== netstandard2.0)
      System.Threading.Thread (>= 4.0) - restriction: || (&& (== net462) (< net46) (>= netstandard2.0)) (== netcoreapp2.1) (&& (== netstandard1.6) (>= netstandard2.0)) (== netstandard2.0)
    Microsoft.Build.Utilities.Core (15.8.166) - restriction: || (&& (== net462) (>= netcoreapp2.0)) (== netcoreapp2.1) (&& (== netstandard1.6) (>= netcoreapp2.0)) (&& (== netstandard2.0) (>= netcoreapp2.0))
      Microsoft.Build.Framework (>= 15.8.166) - restriction: || (== net462) (== netcoreapp2.1) (&& (== netstandard1.6) (>= net46)) (&& (== netstandard1.6) (>= netstandard2.0)) (== netstandard2.0)
      Microsoft.Win32.Registry (>= 4.3) - restriction: || (&& (== net462) (< net46) (>= netstandard2.0)) (== netcoreapp2.1) (&& (== netstandard1.6) (>= netstandard2.0)) (== netstandard2.0)
      System.Collections.Immutable (>= 1.5) - restriction: || (== net462) (== netcoreapp2.1) (&& (== netstandard1.6) (>= net46)) (&& (== netstandard1.6) (>= netstandard2.0)) (== netstandard2.0)
      System.Runtime.InteropServices.RuntimeInformation (>= 4.3) - restriction: || (== net462) (== netcoreapp2.1) (&& (== netstandard1.6) (>= net46)) (&& (== netstandard1.6) (>= netstandard2.0)) (== netstandard2.0)
      System.Text.Encoding.CodePages (>= 4.4) - restriction: || (&& (== net462) (< net46) (>= netstandard2.0)) (== netcoreapp2.1) (&& (== netstandard1.6) (>= netstandard2.0)) (== netstandard2.0)
    Microsoft.CSharp (4.5) - restriction: || (&& (== net462) (== netcoreapp2.1)) (&& (== net462) (== netstandard2.0)) (&& (== net462) (< net20)) (&& (== netcoreapp2.1) (< netstandard1.3)) (&& (== netcoreapp2.1) (< netstandard2.0)) (== netstandard1.6) (&& (== netstandard2.0) (< netstandard1.3))
      NETStandard.Library (>= 1.6.1) - restriction: || (&& (== net462) (< net45)) (&& (== net462) (< portable-net45+win8+wp8+wpa81)) (&& (== netcoreapp2.1) (< netstandard1.3)) (&& (== netcoreapp2.1) (< netstandard2.0)) (&& (== netcoreapp2.1) (< portable-net45+win8+wp8+wpa81)) (== netstandard1.6) (&& (== netstandard2.0) (< netstandard1.3)) (&& (== netstandard2.0) (< portable-net45+win8+wp8+wpa81))
      System.Dynamic.Runtime (>= 4.3) - restriction: || (&& (== net462) (< net45)) (&& (== net462) (< portable-net45+win8+wp8+wpa81)) (&& (== netcoreapp2.1) (< netstandard1.3)) (&& (== netcoreapp2.1) (< netstandard2.0)) (&& (== netcoreapp2.1) (< portable-net45+win8+wp8+wpa81)) (== netstandard1.6) (&& (== netstandard2.0) (< netstandard1.3)) (&& (== netstandard2.0) (< portable-net45+win8+wp8+wpa81))
      System.Reflection.TypeExtensions (>= 4.4) - restriction: || (&& (== net462) (< net45)) (&& (== net462) (< portable-net45+win8+wp8+wpa81)) (&& (== netcoreapp2.1) (< netstandard2.0)) (&& (== netcoreapp2.1) (< portable-net45+win8+wp8+wpa81)) (== netstandard1.6) (&& (== netstandard2.0) (< portable-net45+win8+wp8+wpa81))
    Microsoft.NETCore.App (2.1.2) - restriction: || (&& (== net462) (>= netcoreapp2.0)) (== netcoreapp2.1) (&& (== netstandard1.6) (>= netcoreapp2.0)) (&& (== netstandard2.0) (>= netcoreapp2.0))
      Microsoft.NETCore.DotNetHostPolicy (>= 2.1.2) - restriction: || (&& (== net462) (>= netcoreapp2.1)) (== netcoreapp2.1) (&& (== netstandard1.6) (>= netcoreapp2.1)) (&& (== netstandard2.0) (>= netcoreapp2.1))
      Microsoft.NETCore.Platforms (>= 2.1) - restriction: || (&& (== net462) (>= netcoreapp2.1)) (== netcoreapp2.1) (&& (== netstandard1.6) (>= netcoreapp2.1)) (&& (== netstandard2.0) (>= netcoreapp2.1))
      Microsoft.NETCore.Targets (>= 2.0) - restriction: || (&& (== net462) (>= netcoreapp2.1)) (== netcoreapp2.1) (&& (== netstandard1.6) (>= netcoreapp2.1)) (&& (== netstandard2.0) (>= netcoreapp2.1))
      NETStandard.Library (>= 2.0.3) - restriction: || (&& (== net462) (>= netcoreapp2.1)) (== netcoreapp2.1) (&& (== netstandard1.6) (>= netcoreapp2.1)) (&& (== netstandard2.0) (>= netcoreapp2.1))
    Microsoft.NETCore.DotNetAppHost (2.1.2) - restriction: || (&& (== net462) (>= netcoreapp2.1)) (== netcoreapp2.1) (&& (== netstandard1.6) (>= netcoreapp2.1)) (&& (== netstandard2.0) (>= netcoreapp2.1))
    Microsoft.NETCore.DotNetHostPolicy (2.1.2) - restriction: || (&& (== net462) (>= netcoreapp2.1)) (== netcoreapp2.1) (&& (== netstandard1.6) (>= netcoreapp2.1)) (&& (== netstandard2.0) (>= netcoreapp2.1))
      Microsoft.NETCore.DotNetHostResolver (>= 2.1.2)
    Microsoft.NETCore.DotNetHostResolver (2.1.2) - restriction: || (&& (== net462) (>= netcoreapp2.1)) (== netcoreapp2.1) (&& (== netstandard1.6) (>= netcoreapp2.1)) (&& (== netstandard2.0) (>= netcoreapp2.1))
      Microsoft.NETCore.DotNetAppHost (>= 2.1.2)
    Microsoft.NETCore.Platforms (2.1) - restriction: || (&& (== net462) (< net45)) (&& (== net462) (< net46) (>= netstandard2.0)) (&& (== net462) (>= netcoreapp2.1)) (&& (== net462) (< netstandard1.3) (>= netstandard2.0)) (== netcoreapp2.1) (== netstandard1.6) (== netstandard2.0)
    Microsoft.NETCore.Targets (2.1) - restriction: || (&& (== net462) (< net45)) (&& (== net462) (< net46) (>= netstandard2.0)) (&& (== net462) (>= netcoreapp2.1)) (&& (== net462) (< netstandard1.3) (>= netstandard2.0)) (== netcoreapp2.1) (== netstandard1.6) (== netstandard2.0)
    Microsoft.Win32.Primitives (4.3) - restriction: || (&& (== net462) (== netcoreapp2.1)) (&& (== net462) (== netstandard2.0)) (&& (== net462) (< net45)) (&& (== netcoreapp2.1) (< netstandard2.0)) (== netstandard1.6)
      Microsoft.NETCore.Platforms (>= 1.1) - restriction: || (&& (== net462) (< net46)) (== netcoreapp2.1) (== netstandard1.6) (== netstandard2.0)
      Microsoft.NETCore.Targets (>= 1.1) - restriction: || (&& (== net462) (< net46)) (== netcoreapp2.1) (== netstandard1.6) (== netstandard2.0)
      System.Runtime (>= 4.3) - restriction: || (&& (== net462) (< net46)) (== netcoreapp2.1) (== netstandard1.6) (== netstandard2.0)
    Microsoft.Win32.Registry (4.5) - restriction: || (&& (== net462) (== netstandard2.0)) (&& (== net462) (< net45)) (&& (== net462) (>= netcoreapp2.0)) (&& (== net462) (>= netcoreapp2.1)) (== netcoreapp2.1) (== netstandard1.6) (&& (== netstandard2.0) (>= netcoreapp2.0)) (&& (== netstandard2.0) (>= netcoreapp2.1))
      System.Memory (>= 4.5) - restriction: || (&& (== net462) (< net46) (>= netstandard2.0)) (&& (== net462) (>= netcoreapp2.0)) (&& (== net462) (>= uap10.1)) (== netcoreapp2.1) (&& (== netstandard1.6) (>= netcoreapp2.0)) (&& (== netstandard1.6) (>= netstandard2.0)) (&& (== netstandard1.6) (>= uap10.1)) (== netstandard2.0)
      System.Security.AccessControl (>= 4.5) - restriction: || (== net462) (== netcoreapp2.1) (&& (== netstandard1.6) (>= monoandroid)) (&& (== netstandard1.6) (>= monotouch)) (&& (== netstandard1.6) (>= net461)) (&& (== netstandard1.6) (>= netcoreapp2.0)) (&& (== netstandard1.6) (>= netstandard2.0)) (&& (== netstandard1.6) (>= xamarinios)) (&& (== netstandard1.6) (>= xamarinmac)) (&& (== netstandard1.6) (>= xamarintvos)) (&& (== netstandard1.6) (>= xamarinwatchos)) (== netstandard2.0)
      System.Security.Principal.Windows (>= 4.5) - restriction: || (== net462) (== netcoreapp2.1) (&& (== netstandard1.6) (>= monoandroid)) (&& (== netstandard1.6) (>= monotouch)) (&& (== netstandard1.6) (>= net461)) (&& (== netstandard1.6) (>= netcoreapp2.0)) (&& (== netstandard1.6) (>= netstandard2.0)) (&& (== netstandard1.6) (>= xamarinios)) (&& (== netstandard1.6) (>= xamarinmac)) (&& (== netstandard1.6) (>= xamarintvos)) (&& (== netstandard1.6) (>= xamarinwatchos)) (== netstandard2.0)
    Mono.Cecil (0.10) - restriction: || (== net462) (== netcoreapp2.1) (&& (== netstandard1.6) (>= net461)) (&& (== netstandard1.6) (>= netstandard2.0)) (== netstandard2.0)
      System.Collections (>= 4.0.11) - restriction: || (&& (== net462) (< net35)) (== netcoreapp2.1) (== netstandard1.6) (== netstandard2.0)
      System.IO.FileSystem (>= 4.0.1) - restriction: || (&& (== net462) (< net35)) (== netcoreapp2.1) (== netstandard1.6) (== netstandard2.0)
      System.IO.FileSystem.Primitives (>= 4.0.1) - restriction: || (&& (== net462) (< net35)) (== netcoreapp2.1) (== netstandard1.6) (== netstandard2.0)
      System.Reflection (>= 4.1) - restriction: || (&& (== net462) (< net35)) (== netcoreapp2.1) (== netstandard1.6) (== netstandard2.0)
      System.Runtime.Extensions (>= 4.1) - restriction: || (&& (== net462) (< net35)) (== netcoreapp2.1) (== netstandard1.6) (== netstandard2.0)
      System.Security.Cryptography.Algorithms (>= 4.2) - restriction: || (&& (== net462) (< net35)) (== netcoreapp2.1) (== netstandard1.6) (== netstandard2.0)
      System.Security.Cryptography.Csp (>= 4.0) - restriction: || (&& (== net462) (< net35)) (== netcoreapp2.1) (== netstandard1.6) (== netstandard2.0)
      System.Threading (>= 4.0.11) - restriction: || (&& (== net462) (< net35)) (== netcoreapp2.1) (== netstandard1.6) (== netstandard2.0)
    NETStandard.Library (2.0.3) - restriction: || (&& (== net462) (== netstandard2.0)) (&& (== net462) (< net45)) (&& (== net462) (>= netcoreapp2.1)) (== netcoreapp2.1) (== netstandard1.6) (&& (== netstandard2.0) (>= netcoreapp2.1))
      Microsoft.NETCore.Platforms (>= 1.1)
      Microsoft.Win32.Primitives (>= 4.3) - restriction: || (&& (== net462) (< net45)) (&& (== net462) (< netstandard1.4)) (&& (== net462) (< netstandard1.5) (>= uap10.0)) (&& (== netcoreapp2.1) (< netstandard1.4)) (&& (== netcoreapp2.1) (< netstandard1.5)) (&& (== netcoreapp2.1) (< netstandard1.6)) (&& (== netcoreapp2.1) (< netstandard2.0)) (== netstandard1.6) (&& (== netstandard2.0) (< netstandard1.4)) (&& (== netstandard2.0) (< netstandard1.5)) (&& (== netstandard2.0) (< netstandard1.6))
      System.AppContext (>= 4.3) - restriction: || (&& (== net462) (< net45)) (&& (== net462) (< netstandard1.4)) (&& (== net462) (< netstandard1.5) (>= uap10.0)) (&& (== netcoreapp2.1) (< netstandard1.4)) (&& (== netcoreapp2.1) (< netstandard1.5)) (&& (== netcoreapp2.1) (< netstandard1.6)) (&& (== netcoreapp2.1) (< netstandard2.0)) (== netstandard1.6) (&& (== netstandard2.0) (< netstandard1.4)) (&& (== netstandard2.0) (< netstandard1.5)) (&& (== netstandard2.0) (< netstandard1.6))
      System.Collections (>= 4.3) - restriction: || (&& (== net462) (< net45)) (&& (== net462) (< netstandard1.5) (>= uap10.0)) (&& (== net462) (< portable-net45+win8+wpa81)) (&& (== netcoreapp2.1) (< netstandard1.2)) (&& (== netcoreapp2.1) (< netstandard1.3)) (&& (== netcoreapp2.1) (< netstandard1.4)) (&& (== netcoreapp2.1) (< netstandard1.5)) (&& (== netcoreapp2.1) (< netstandard1.6)) (&& (== netcoreapp2.1) (< netstandard2.0)) (&& (== netcoreapp2.1) (< portable-net45+win8+wpa81)) (== netstandard1.6) (&& (== netstandard2.0) (< netstandard1.2)) (&& (== netstandard2.0) (< netstandard1.3)) (&& (== netstandard2.0) (< netstandard1.4)) (&& (== netstandard2.0) (< netstandard1.5)) (&& (== netstandard2.0) (< netstandard1.6)) (&& (== netstandard2.0) (< portable-net45+win8+wpa81))
      System.Collections.Concurrent (>= 4.3) - restriction: || (&& (== net462) (< net45)) (&& (== net462) (< netstandard1.5) (>= uap10.0)) (&& (== netcoreapp2.1) (< netstandard1.2)) (&& (== netcoreapp2.1) (< netstandard1.3)) (&& (== netcoreapp2.1) (< netstandard1.4)) (&& (== netcoreapp2.1) (< netstandard1.5)) (&& (== netcoreapp2.1) (< netstandard1.6)) (&& (== netcoreapp2.1) (< netstandard2.0)) (== netstandard1.6) (&& (== netstandard2.0) (< netstandard1.2)) (&& (== netstandard2.0) (< netstandard1.3)) (&& (== netstandard2.0) (< netstandard1.4)) (&& (== netstandard2.0) (< netstandard1.5)) (&& (== netstandard2.0) (< netstandard1.6))
      System.Console (>= 4.3) - restriction: || (&& (== net462) (< net45)) (&& (== net462) (< netstandard1.4)) (&& (== net462) (< netstandard1.5) (>= uap10.0)) (&& (== netcoreapp2.1) (< netstandard1.4)) (&& (== netcoreapp2.1) (< netstandard1.5)) (&& (== netcoreapp2.1) (< netstandard1.6)) (&& (== netcoreapp2.1) (< netstandard2.0)) (== netstandard1.6) (&& (== netstandard2.0) (< netstandard1.4)) (&& (== netstandard2.0) (< netstandard1.5)) (&& (== netstandard2.0) (< netstandard1.6))
      System.Diagnostics.Debug (>= 4.3) - restriction: || (&& (== net462) (< net45)) (&& (== net462) (< netstandard1.5) (>= uap10.0)) (&& (== net462) (< portable-net45+win8+wpa81)) (&& (== netcoreapp2.1) (< netstandard1.2)) (&& (== netcoreapp2.1) (< netstandard1.3)) (&& (== netcoreapp2.1) (< netstandard1.4)) (&& (== netcoreapp2.1) (< netstandard1.5)) (&& (== netcoreapp2.1) (< netstandard1.6)) (&& (== netcoreapp2.1) (< netstandard2.0)) (&& (== netcoreapp2.1) (< portable-net45+win8+wpa81)) (== netstandard1.6) (&& (== netstandard2.0) (< netstandard1.2)) (&& (== netstandard2.0) (< netstandard1.3)) (&& (== netstandard2.0) (< netstandard1.4)) (&& (== netstandard2.0) (< netstandard1.5)) (&& (== netstandard2.0) (< netstandard1.6)) (&& (== netstandard2.0) (< portable-net45+win8+wpa81))
      System.Diagnostics.Tools (>= 4.3) - restriction: || (&& (== net462) (< net45)) (&& (== net462) (< netstandard1.5) (>= uap10.0)) (&& (== net462) (< portable-net45+win8+wpa81)) (&& (== netcoreapp2.1) (< netstandard1.2)) (&& (== netcoreapp2.1) (< netstandard1.3)) (&& (== netcoreapp2.1) (< netstandard1.4)) (&& (== netcoreapp2.1) (< netstandard1.5)) (&& (== netcoreapp2.1) (< netstandard1.6)) (&& (== netcoreapp2.1) (< netstandard2.0)) (&& (== netcoreapp2.1) (< portable-net45+win8+wpa81)) (== netstandard1.6) (&& (== netstandard2.0) (< netstandard1.2)) (&& (== netstandard2.0) (< netstandard1.3)) (&& (== netstandard2.0) (< netstandard1.4)) (&& (== netstandard2.0) (< netstandard1.5)) (&& (== netstandard2.0) (< netstandard1.6)) (&& (== netstandard2.0) (< portable-net45+win8+wpa81))
      System.Diagnostics.Tracing (>= 4.3) - restriction: || (&& (== net462) (< net45)) (&& (== net462) (< netstandard1.5) (>= uap10.0)) (&& (== netcoreapp2.1) (< netstandard1.2)) (&& (== netcoreapp2.1) (< netstandard1.3)) (&& (== netcoreapp2.1) (< netstandard1.4)) (&& (== netcoreapp2.1) (< netstandard1.5)) (&& (== netcoreapp2.1) (< netstandard1.6)) (&& (== netcoreapp2.1) (< netstandard2.0)) (== netstandard1.6) (&& (== netstandard2.0) (< netstandard1.2)) (&& (== netstandard2.0) (< netstandard1.3)) (&& (== netstandard2.0) (< netstandard1.4)) (&& (== netstandard2.0) (< netstandard1.5)) (&& (== netstandard2.0) (< netstandard1.6))
      System.Globalization (>= 4.3) - restriction: || (&& (== net462) (< net45)) (&& (== net462) (< netstandard1.5) (>= uap10.0)) (&& (== net462) (< portable-net45+win8+wpa81)) (&& (== netcoreapp2.1) (< netstandard1.2)) (&& (== netcoreapp2.1) (< netstandard1.3)) (&& (== netcoreapp2.1) (< netstandard1.4)) (&& (== netcoreapp2.1) (< netstandard1.5)) (&& (== netcoreapp2.1) (< netstandard1.6)) (&& (== netcoreapp2.1) (< netstandard2.0)) (&& (== netcoreapp2.1) (< portable-net45+win8+wpa81)) (== netstandard1.6) (&& (== netstandard2.0) (< netstandard1.2)) (&& (== netstandard2.0) (< netstandard1.3)) (&& (== netstandard2.0) (< netstandard1.4)) (&& (== netstandard2.0) (< netstandard1.5)) (&& (== netstandard2.0) (< netstandard1.6)) (&& (== netstandard2.0) (< portable-net45+win8+wpa81))
      System.Globalization.Calendars (>= 4.3) - restriction: || (&& (== net462) (< net45)) (&& (== net462) (< netstandard1.4)) (&& (== net462) (< netstandard1.5) (>= uap10.0)) (&& (== netcoreapp2.1) (< netstandard1.4)) (&& (== netcoreapp2.1) (< netstandard1.5)) (&& (== netcoreapp2.1) (< netstandard1.6)) (&& (== netcoreapp2.1) (< netstandard2.0)) (== netstandard1.6) (&& (== netstandard2.0) (< netstandard1.4)) (&& (== netstandard2.0) (< netstandard1.5)) (&& (== netstandard2.0) (< netstandard1.6))
      System.IO (>= 4.3) - restriction: || (&& (== net462) (< net45)) (&& (== net462) (< netstandard1.5) (>= uap10.0)) (&& (== net462) (< portable-net45+win8+wpa81)) (&& (== netcoreapp2.1) (< netstandard1.2)) (&& (== netcoreapp2.1) (< netstandard1.3)) (&& (== netcoreapp2.1) (< netstandard1.4)) (&& (== netcoreapp2.1) (< netstandard1.5)) (&& (== netcoreapp2.1) (< netstandard1.6)) (&& (== netcoreapp2.1) (< netstandard2.0)) (&& (== netcoreapp2.1) (< portable-net45+win8+wpa81)) (== netstandard1.6) (&& (== netstandard2.0) (< netstandard1.2)) (&& (== netstandard2.0) (< netstandard1.3)) (&& (== netstandard2.0) (< netstandard1.4)) (&& (== netstandard2.0) (< netstandard1.5)) (&& (== netstandard2.0) (< netstandard1.6)) (&& (== netstandard2.0) (< portable-net45+win8+wpa81))
      System.IO.Compression (>= 4.3) - restriction: || (&& (== net462) (< net45)) (&& (== net462) (< netstandard1.4)) (&& (== net462) (< netstandard1.5) (>= uap10.0)) (&& (== netcoreapp2.1) (< netstandard1.2)) (&& (== netcoreapp2.1) (< netstandard1.3)) (&& (== netcoreapp2.1) (< netstandard1.4)) (&& (== netcoreapp2.1) (< netstandard1.5)) (&& (== netcoreapp2.1) (< netstandard1.6)) (&& (== netcoreapp2.1) (< netstandard2.0)) (== netstandard1.6) (&& (== netstandard2.0) (< netstandard1.2)) (&& (== netstandard2.0) (< netstandard1.3)) (&& (== netstandard2.0) (< netstandard1.4)) (&& (== netstandard2.0) (< netstandard1.5)) (&& (== netstandard2.0) (< netstandard1.6))
      System.IO.Compression.ZipFile (>= 4.3) - restriction: || (&& (== net462) (< net45)) (&& (== net462) (< netstandard1.4)) (&& (== net462) (< netstandard1.5) (>= uap10.0)) (&& (== netcoreapp2.1) (< netstandard1.4)) (&& (== netcoreapp2.1) (< netstandard1.5)) (&& (== netcoreapp2.1) (< netstandard1.6)) (&& (== netcoreapp2.1) (< netstandard2.0)) (== netstandard1.6) (&& (== netstandard2.0) (< netstandard1.4)) (&& (== netstandard2.0) (< netstandard1.5)) (&& (== netstandard2.0) (< netstandard1.6))
      System.IO.FileSystem (>= 4.3) - restriction: || (&& (== net462) (< net45)) (&& (== net462) (< netstandard1.4)) (&& (== net462) (< netstandard1.5) (>= uap10.0)) (&& (== netcoreapp2.1) (< netstandard1.4)) (&& (== netcoreapp2.1) (< netstandard1.5)) (&& (== netcoreapp2.1) (< netstandard1.6)) (&& (== netcoreapp2.1) (< netstandard2.0)) (== netstandard1.6) (&& (== netstandard2.0) (< netstandard1.4)) (&& (== netstandard2.0) (< netstandard1.5)) (&& (== netstandard2.0) (< netstandard1.6))
      System.IO.FileSystem.Primitives (>= 4.3) - restriction: || (&& (== net462) (< net45)) (&& (== net462) (< netstandard1.4)) (&& (== net462) (< netstandard1.5) (>= uap10.0)) (&& (== netcoreapp2.1) (< netstandard1.4)) (&& (== netcoreapp2.1) (< netstandard1.5)) (&& (== netcoreapp2.1) (< netstandard1.6)) (&& (== netcoreapp2.1) (< netstandard2.0)) (== netstandard1.6) (&& (== netstandard2.0) (< netstandard1.4)) (&& (== netstandard2.0) (< netstandard1.5)) (&& (== netstandard2.0) (< netstandard1.6))
      System.Linq (>= 4.3) - restriction: || (&& (== net462) (< net45)) (&& (== net462) (< netstandard1.5) (>= uap10.0)) (&& (== net462) (< portable-net45+win8+wpa81)) (&& (== netcoreapp2.1) (< netstandard1.2)) (&& (== netcoreapp2.1) (< netstandard1.3)) (&& (== netcoreapp2.1) (< netstandard1.4)) (&& (== netcoreapp2.1) (< netstandard1.5)) (&& (== netcoreapp2.1) (< netstandard1.6)) (&& (== netcoreapp2.1) (< netstandard2.0)) (&& (== netcoreapp2.1) (< portable-net45+win8+wpa81)) (== netstandard1.6) (&& (== netstandard2.0) (< netstandard1.2)) (&& (== netstandard2.0) (< netstandard1.3)) (&& (== netstandard2.0) (< netstandard1.4)) (&& (== netstandard2.0) (< netstandard1.5)) (&& (== netstandard2.0) (< netstandard1.6)) (&& (== netstandard2.0) (< portable-net45+win8+wpa81))
      System.Linq.Expressions (>= 4.3) - restriction: || (&& (== net462) (< net45)) (&& (== net462) (< netstandard1.5) (>= uap10.0)) (&& (== net462) (< portable-net45+win8+wpa81)) (&& (== netcoreapp2.1) (< netstandard1.2)) (&& (== netcoreapp2.1) (< netstandard1.3)) (&& (== netcoreapp2.1) (< netstandard1.4)) (&& (== netcoreapp2.1) (< netstandard1.5)) (&& (== netcoreapp2.1) (< netstandard1.6)) (&& (== netcoreapp2.1) (< netstandard2.0)) (&& (== netcoreapp2.1) (< portable-net45+win8+wpa81)) (== netstandard1.6) (&& (== netstandard2.0) (< netstandard1.2)) (&& (== netstandard2.0) (< netstandard1.3)) (&& (== netstandard2.0) (< netstandard1.4)) (&& (== netstandard2.0) (< netstandard1.5)) (&& (== netstandard2.0) (< netstandard1.6)) (&& (== netstandard2.0) (< portable-net45+win8+wpa81))
      System.Net.Http (>= 4.3.2) - restriction: || (&& (== net462) (< net45)) (&& (== net462) (< netstandard1.4)) (&& (== net462) (< netstandard1.5) (>= uap10.0)) (&& (== netcoreapp2.1) (< netstandard1.2)) (&& (== netcoreapp2.1) (< netstandard1.3)) (&& (== netcoreapp2.1) (< netstandard1.4)) (&& (== netcoreapp2.1) (< netstandard1.5)) (&& (== netcoreapp2.1) (< netstandard1.6)) (&& (== netcoreapp2.1) (< netstandard2.0)) (== netstandard1.6) (&& (== netstandard2.0) (< netstandard1.2)) (&& (== netstandard2.0) (< netstandard1.3)) (&& (== netstandard2.0) (< netstandard1.4)) (&& (== netstandard2.0) (< netstandard1.5)) (&& (== netstandard2.0) (< netstandard1.6))
      System.Net.Primitives (>= 4.3) - restriction: || (&& (== net462) (< net45)) (&& (== net462) (< netstandard1.5) (>= uap10.0)) (&& (== net462) (< portable-net45+win8+wpa81)) (&& (== netcoreapp2.1) (< netstandard1.2)) (&& (== netcoreapp2.1) (< netstandard1.3)) (&& (== netcoreapp2.1) (< netstandard1.4)) (&& (== netcoreapp2.1) (< netstandard1.5)) (&& (== netcoreapp2.1) (< netstandard1.6)) (&& (== netcoreapp2.1) (< netstandard2.0)) (&& (== netcoreapp2.1) (< portable-net45+win8+wpa81)) (== netstandard1.6) (&& (== netstandard2.0) (< netstandard1.2)) (&& (== netstandard2.0) (< netstandard1.3)) (&& (== netstandard2.0) (< netstandard1.4)) (&& (== netstandard2.0) (< netstandard1.5)) (&& (== netstandard2.0) (< netstandard1.6)) (&& (== netstandard2.0) (< portable-net45+win8+wpa81))
      System.Net.Sockets (>= 4.3) - restriction: || (&& (== net462) (< net45)) (&& (== net462) (< netstandard1.4)) (&& (== net462) (< netstandard1.5) (>= uap10.0)) (&& (== netcoreapp2.1) (< netstandard1.4)) (&& (== netcoreapp2.1) (< netstandard1.5)) (&& (== netcoreapp2.1) (< netstandard1.6)) (&& (== netcoreapp2.1) (< netstandard2.0)) (== netstandard1.6) (&& (== netstandard2.0) (< netstandard1.4)) (&& (== netstandard2.0) (< netstandard1.5)) (&& (== netstandard2.0) (< netstandard1.6))
      System.ObjectModel (>= 4.3) - restriction: || (&& (== net462) (< net45)) (&& (== net462) (< netstandard1.5) (>= uap10.0)) (&& (== net462) (< portable-net45+win8+wpa81)) (&& (== netcoreapp2.1) (< netstandard1.2)) (&& (== netcoreapp2.1) (< netstandard1.3)) (&& (== netcoreapp2.1) (< netstandard1.4)) (&& (== netcoreapp2.1) (< netstandard1.5)) (&& (== netcoreapp2.1) (< netstandard1.6)) (&& (== netcoreapp2.1) (< netstandard2.0)) (&& (== netcoreapp2.1) (< portable-net45+win8+wpa81)) (== netstandard1.6) (&& (== netstandard2.0) (< netstandard1.2)) (&& (== netstandard2.0) (< netstandard1.3)) (&& (== netstandard2.0) (< netstandard1.4)) (&& (== netstandard2.0) (< netstandard1.5)) (&& (== netstandard2.0) (< netstandard1.6)) (&& (== netstandard2.0) (< portable-net45+win8+wpa81))
      System.Reflection (>= 4.3) - restriction: || (&& (== net462) (< net45)) (&& (== net462) (< netstandard1.5) (>= uap10.0)) (&& (== net462) (< portable-net45+win8+wpa81)) (&& (== netcoreapp2.1) (< netstandard1.2)) (&& (== netcoreapp2.1) (< netstandard1.3)) (&& (== netcoreapp2.1) (< netstandard1.4)) (&& (== netcoreapp2.1) (< netstandard1.5)) (&& (== netcoreapp2.1) (< netstandard1.6)) (&& (== netcoreapp2.1) (< netstandard2.0)) (&& (== netcoreapp2.1) (< portable-net45+win8+wpa81)) (== netstandard1.6) (&& (== netstandard2.0) (< netstandard1.2)) (&& (== netstandard2.0) (< netstandard1.3)) (&& (== netstandard2.0) (< netstandard1.4)) (&& (== netstandard2.0) (< netstandard1.5)) (&& (== netstandard2.0) (< netstandard1.6)) (&& (== netstandard2.0) (< portable-net45+win8+wpa81))
      System.Reflection.Extensions (>= 4.3) - restriction: || (&& (== net462) (< net45)) (&& (== net462) (< netstandard1.5) (>= uap10.0)) (&& (== net462) (< portable-net45+win8+wpa81)) (&& (== netcoreapp2.1) (< netstandard1.2)) (&& (== netcoreapp2.1) (< netstandard1.3)) (&& (== netcoreapp2.1) (< netstandard1.4)) (&& (== netcoreapp2.1) (< netstandard1.5)) (&& (== netcoreapp2.1) (< netstandard1.6)) (&& (== netcoreapp2.1) (< netstandard2.0)) (&& (== netcoreapp2.1) (< portable-net45+win8+wpa81)) (== netstandard1.6) (&& (== netstandard2.0) (< netstandard1.2)) (&& (== netstandard2.0) (< netstandard1.3)) (&& (== netstandard2.0) (< netstandard1.4)) (&& (== netstandard2.0) (< netstandard1.5)) (&& (== netstandard2.0) (< netstandard1.6)) (&& (== netstandard2.0) (< portable-net45+win8+wpa81))
      System.Reflection.Primitives (>= 4.3) - restriction: || (&& (== net462) (< net45)) (&& (== net462) (< netstandard1.5) (>= uap10.0)) (&& (== net462) (< portable-net45+win8+wpa81)) (&& (== netcoreapp2.1) (< netstandard1.2)) (&& (== netcoreapp2.1) (< netstandard1.3)) (&& (== netcoreapp2.1) (< netstandard1.4)) (&& (== netcoreapp2.1) (< netstandard1.5)) (&& (== netcoreapp2.1) (< netstandard1.6)) (&& (== netcoreapp2.1) (< netstandard2.0)) (&& (== netcoreapp2.1) (< portable-net45+win8+wpa81)) (== netstandard1.6) (&& (== netstandard2.0) (< netstandard1.2)) (&& (== netstandard2.0) (< netstandard1.3)) (&& (== netstandard2.0) (< netstandard1.4)) (&& (== netstandard2.0) (< netstandard1.5)) (&& (== netstandard2.0) (< netstandard1.6)) (&& (== netstandard2.0) (< portable-net45+win8+wpa81))
      System.Resources.ResourceManager (>= 4.3) - restriction: || (&& (== net462) (< net45)) (&& (== net462) (< netstandard1.5) (>= uap10.0)) (&& (== net462) (< portable-net45+win8+wpa81)) (&& (== netcoreapp2.1) (< netstandard1.2)) (&& (== netcoreapp2.1) (< netstandard1.3)) (&& (== netcoreapp2.1) (< netstandard1.4)) (&& (== netcoreapp2.1) (< netstandard1.5)) (&& (== netcoreapp2.1) (< netstandard1.6)) (&& (== netcoreapp2.1) (< netstandard2.0)) (&& (== netcoreapp2.1) (< portable-net45+win8+wpa81)) (== netstandard1.6) (&& (== netstandard2.0) (< netstandard1.2)) (&& (== netstandard2.0) (< netstandard1.3)) (&& (== netstandard2.0) (< netstandard1.4)) (&& (== netstandard2.0) (< netstandard1.5)) (&& (== netstandard2.0) (< netstandard1.6)) (&& (== netstandard2.0) (< portable-net45+win8+wpa81))
      System.Runtime (>= 4.3) - restriction: || (&& (== net462) (< net45)) (&& (== net462) (< netstandard1.5) (>= uap10.0)) (&& (== net462) (< portable-net45+win8+wpa81)) (&& (== netcoreapp2.1) (< netstandard1.2)) (&& (== netcoreapp2.1) (< netstandard1.3)) (&& (== netcoreapp2.1) (< netstandard1.4)) (&& (== netcoreapp2.1) (< netstandard1.5)) (&& (== netcoreapp2.1) (< netstandard1.6)) (&& (== netcoreapp2.1) (< netstandard2.0)) (&& (== netcoreapp2.1) (< portable-net45+win8+wpa81)) (== netstandard1.6) (&& (== netstandard2.0) (< netstandard1.2)) (&& (== netstandard2.0) (< netstandard1.3)) (&& (== netstandard2.0) (< netstandard1.4)) (&& (== netstandard2.0) (< netstandard1.5)) (&& (== netstandard2.0) (< netstandard1.6)) (&& (== netstandard2.0) (< portable-net45+win8+wpa81))
      System.Runtime.Extensions (>= 4.3) - restriction: || (&& (== net462) (< net45)) (&& (== net462) (< netstandard1.5) (>= uap10.0)) (&& (== net462) (< portable-net45+win8+wpa81)) (&& (== netcoreapp2.1) (< netstandard1.2)) (&& (== netcoreapp2.1) (< netstandard1.3)) (&& (== netcoreapp2.1) (< netstandard1.4)) (&& (== netcoreapp2.1) (< netstandard1.5)) (&& (== netcoreapp2.1) (< netstandard1.6)) (&& (== netcoreapp2.1) (< netstandard2.0)) (&& (== netcoreapp2.1) (< portable-net45+win8+wpa81)) (== netstandard1.6) (&& (== netstandard2.0) (< netstandard1.2)) (&& (== netstandard2.0) (< netstandard1.3)) (&& (== netstandard2.0) (< netstandard1.4)) (&& (== netstandard2.0) (< netstandard1.5)) (&& (== netstandard2.0) (< netstandard1.6)) (&& (== netstandard2.0) (< portable-net45+win8+wpa81))
      System.Runtime.Handles (>= 4.3) - restriction: || (&& (== net462) (< net45)) (&& (== net462) (< netstandard1.5) (>= uap10.0)) (&& (== netcoreapp2.1) (< netstandard1.4)) (&& (== netcoreapp2.1) (< netstandard1.5)) (&& (== netcoreapp2.1) (< netstandard1.6)) (&& (== netcoreapp2.1) (< netstandard2.0)) (== netstandard1.6) (&& (== netstandard2.0) (< netstandard1.4)) (&& (== netstandard2.0) (< netstandard1.5)) (&& (== netstandard2.0) (< netstandard1.6))
      System.Runtime.InteropServices (>= 4.3) - restriction: || (&& (== net462) (< net45)) (&& (== net462) (< netstandard1.5) (>= uap10.0)) (&& (== netcoreapp2.1) (< netstandard1.2)) (&& (== netcoreapp2.1) (< netstandard1.3)) (&& (== netcoreapp2.1) (< netstandard1.4)) (&& (== netcoreapp2.1) (< netstandard1.5)) (&& (== netcoreapp2.1) (< netstandard1.6)) (&& (== netcoreapp2.1) (< netstandard2.0)) (== netstandard1.6) (&& (== netstandard2.0) (< netstandard1.2)) (&& (== netstandard2.0) (< netstandard1.3)) (&& (== netstandard2.0) (< netstandard1.4)) (&& (== netstandard2.0) (< netstandard1.5)) (&& (== netstandard2.0) (< netstandard1.6))
      System.Runtime.InteropServices.RuntimeInformation (>= 4.3) - restriction: || (&& (== net462) (< net45)) (&& (== net462) (< netstandard1.0)) (&& (== net462) (< netstandard1.3)) (&& (== net462) (< netstandard1.4)) (&& (== net462) (< netstandard1.5) (>= uap10.0)) (&& (== netcoreapp2.1) (< netstandard1.0)) (&& (== netcoreapp2.1) (< netstandard1.2)) (&& (== netcoreapp2.1) (< netstandard1.3)) (&& (== netcoreapp2.1) (< netstandard1.4)) (&& (== netcoreapp2.1) (< netstandard1.5)) (&& (== netcoreapp2.1) (< netstandard1.6)) (&& (== netcoreapp2.1) (< netstandard2.0)) (== netstandard1.6) (&& (== netstandard2.0) (< netstandard1.0)) (&& (== netstandard2.0) (< netstandard1.2)) (&& (== netstandard2.0) (< netstandard1.3)) (&& (== netstandard2.0) (< netstandard1.4)) (&& (== netstandard2.0) (< netstandard1.5)) (&& (== netstandard2.0) (< netstandard1.6))
      System.Runtime.Numerics (>= 4.3) - restriction: || (&& (== net462) (< net45)) (&& (== net462) (< netstandard1.5) (>= uap10.0)) (&& (== netcoreapp2.1) (< netstandard1.2)) (&& (== netcoreapp2.1) (< netstandard1.3)) (&& (== netcoreapp2.1) (< netstandard1.4)) (&& (== netcoreapp2.1) (< netstandard1.5)) (&& (== netcoreapp2.1) (< netstandard1.6)) (&& (== netcoreapp2.1) (< netstandard2.0)) (== netstandard1.6) (&& (== netstandard2.0) (< netstandard1.2)) (&& (== netstandard2.0) (< netstandard1.3)) (&& (== netstandard2.0) (< netstandard1.4)) (&& (== netstandard2.0) (< netstandard1.5)) (&& (== netstandard2.0) (< netstandard1.6))
      System.Security.Cryptography.Algorithms (>= 4.3) - restriction: || (&& (== net462) (< net45)) (&& (== net462) (< netstandard1.4)) (&& (== net462) (< netstandard1.5) (>= uap10.0)) (&& (== netcoreapp2.1) (< netstandard1.4)) (&& (== netcoreapp2.1) (< netstandard1.5)) (&& (== netcoreapp2.1) (< netstandard1.6)) (&& (== netcoreapp2.1) (< netstandard2.0)) (== netstandard1.6) (&& (== netstandard2.0) (< netstandard1.4)) (&& (== netstandard2.0) (< netstandard1.5)) (&& (== netstandard2.0) (< netstandard1.6))
      System.Security.Cryptography.Encoding (>= 4.3) - restriction: || (&& (== net462) (< net45)) (&& (== net462) (< netstandard1.4)) (&& (== net462) (< netstandard1.5) (>= uap10.0)) (&& (== netcoreapp2.1) (< netstandard1.4)) (&& (== netcoreapp2.1) (< netstandard1.5)) (&& (== netcoreapp2.1) (< netstandard1.6)) (&& (== netcoreapp2.1) (< netstandard2.0)) (== netstandard1.6) (&& (== netstandard2.0) (< netstandard1.4)) (&& (== netstandard2.0) (< netstandard1.5)) (&& (== netstandard2.0) (< netstandard1.6))
      System.Security.Cryptography.Primitives (>= 4.3) - restriction: || (&& (== net462) (< net45)) (&& (== net462) (< netstandard1.4)) (&& (== net462) (< netstandard1.5) (>= uap10.0)) (&& (== netcoreapp2.1) (< netstandard1.4)) (&& (== netcoreapp2.1) (< netstandard1.5)) (&& (== netcoreapp2.1) (< netstandard1.6)) (&& (== netcoreapp2.1) (< netstandard2.0)) (== netstandard1.6) (&& (== netstandard2.0) (< netstandard1.4)) (&& (== netstandard2.0) (< netstandard1.5)) (&& (== netstandard2.0) (< netstandard1.6))
      System.Security.Cryptography.X509Certificates (>= 4.3) - restriction: || (&& (== net462) (< net45)) (&& (== net462) (< netstandard1.4)) (&& (== net462) (< netstandard1.5) (>= uap10.0)) (&& (== netcoreapp2.1) (< netstandard1.4)) (&& (== netcoreapp2.1) (< netstandard1.5)) (&& (== netcoreapp2.1) (< netstandard1.6)) (&& (== netcoreapp2.1) (< netstandard2.0)) (== netstandard1.6) (&& (== netstandard2.0) (< netstandard1.4)) (&& (== netstandard2.0) (< netstandard1.5)) (&& (== netstandard2.0) (< netstandard1.6))
      System.Text.Encoding (>= 4.3) - restriction: || (&& (== net462) (< net45)) (&& (== net462) (< netstandard1.5) (>= uap10.0)) (&& (== net462) (< portable-net45+win8+wpa81)) (&& (== netcoreapp2.1) (< netstandard1.2)) (&& (== netcoreapp2.1) (< netstandard1.3)) (&& (== netcoreapp2.1) (< netstandard1.4)) (&& (== netcoreapp2.1) (< netstandard1.5)) (&& (== netcoreapp2.1) (< netstandard1.6)) (&& (== netcoreapp2.1) (< netstandard2.0)) (&& (== netcoreapp2.1) (< portable-net45+win8+wpa81)) (== netstandard1.6) (&& (== netstandard2.0) (< netstandard1.2)) (&& (== netstandard2.0) (< netstandard1.3)) (&& (== netstandard2.0) (< netstandard1.4)) (&& (== netstandard2.0) (< netstandard1.5)) (&& (== netstandard2.0) (< netstandard1.6)) (&& (== netstandard2.0) (< portable-net45+win8+wpa81))
      System.Text.Encoding.Extensions (>= 4.3) - restriction: || (&& (== net462) (< net45)) (&& (== net462) (< netstandard1.5) (>= uap10.0)) (&& (== net462) (< portable-net45+win8+wpa81)) (&& (== netcoreapp2.1) (< netstandard1.2)) (&& (== netcoreapp2.1) (< netstandard1.3)) (&& (== netcoreapp2.1) (< netstandard1.4)) (&& (== netcoreapp2.1) (< netstandard1.5)) (&& (== netcoreapp2.1) (< netstandard1.6)) (&& (== netcoreapp2.1) (< netstandard2.0)) (&& (== netcoreapp2.1) (< portable-net45+win8+wpa81)) (== netstandard1.6) (&& (== netstandard2.0) (< netstandard1.2)) (&& (== netstandard2.0) (< netstandard1.3)) (&& (== netstandard2.0) (< netstandard1.4)) (&& (== netstandard2.0) (< netstandard1.5)) (&& (== netstandard2.0) (< netstandard1.6)) (&& (== netstandard2.0) (< portable-net45+win8+wpa81))
      System.Text.RegularExpressions (>= 4.3) - restriction: || (&& (== net462) (< net45)) (&& (== net462) (< netstandard1.5) (>= uap10.0)) (&& (== net462) (< portable-net45+win8+wpa81)) (&& (== netcoreapp2.1) (< netstandard1.2)) (&& (== netcoreapp2.1) (< netstandard1.3)) (&& (== netcoreapp2.1) (< netstandard1.4)) (&& (== netcoreapp2.1) (< netstandard1.5)) (&& (== netcoreapp2.1) (< netstandard1.6)) (&& (== netcoreapp2.1) (< netstandard2.0)) (&& (== netcoreapp2.1) (< portable-net45+win8+wpa81)) (== netstandard1.6) (&& (== netstandard2.0) (< netstandard1.2)) (&& (== netstandard2.0) (< netstandard1.3)) (&& (== netstandard2.0) (< netstandard1.4)) (&& (== netstandard2.0) (< netstandard1.5)) (&& (== netstandard2.0) (< netstandard1.6)) (&& (== netstandard2.0) (< portable-net45+win8+wpa81))
      System.Threading (>= 4.3) - restriction: || (&& (== net462) (< net45)) (&& (== net462) (< netstandard1.5) (>= uap10.0)) (&& (== net462) (< portable-net45+win8+wpa81)) (&& (== netcoreapp2.1) (< netstandard1.2)) (&& (== netcoreapp2.1) (< netstandard1.3)) (&& (== netcoreapp2.1) (< netstandard1.4)) (&& (== netcoreapp2.1) (< netstandard1.5)) (&& (== netcoreapp2.1) (< netstandard1.6)) (&& (== netcoreapp2.1) (< netstandard2.0)) (&& (== netcoreapp2.1) (< portable-net45+win8+wpa81)) (== netstandard1.6) (&& (== netstandard2.0) (< netstandard1.2)) (&& (== netstandard2.0) (< netstandard1.3)) (&& (== netstandard2.0) (< netstandard1.4)) (&& (== netstandard2.0) (< netstandard1.5)) (&& (== netstandard2.0) (< netstandard1.6)) (&& (== netstandard2.0) (< portable-net45+win8+wpa81))
      System.Threading.Tasks (>= 4.3) - restriction: || (&& (== net462) (< net45)) (&& (== net462) (< netstandard1.5) (>= uap10.0)) (&& (== net462) (< portable-net45+win8+wpa81)) (&& (== netcoreapp2.1) (< netstandard1.2)) (&& (== netcoreapp2.1) (< netstandard1.3)) (&& (== netcoreapp2.1) (< netstandard1.4)) (&& (== netcoreapp2.1) (< netstandard1.5)) (&& (== netcoreapp2.1) (< netstandard1.6)) (&& (== netcoreapp2.1) (< netstandard2.0)) (&& (== netcoreapp2.1) (< portable-net45+win8+wpa81)) (== netstandard1.6) (&& (== netstandard2.0) (< netstandard1.2)) (&& (== netstandard2.0) (< netstandard1.3)) (&& (== netstandard2.0) (< netstandard1.4)) (&& (== netstandard2.0) (< netstandard1.5)) (&& (== netstandard2.0) (< netstandard1.6)) (&& (== netstandard2.0) (< portable-net45+win8+wpa81))
      System.Threading.Timer (>= 4.3) - restriction: || (&& (== net462) (< net45)) (&& (== net462) (< netstandard1.5) (>= uap10.0)) (&& (== netcoreapp2.1) (< netstandard1.3)) (&& (== netcoreapp2.1) (< netstandard1.4)) (&& (== netcoreapp2.1) (< netstandard1.5)) (&& (== netcoreapp2.1) (< netstandard1.6)) (&& (== netcoreapp2.1) (< netstandard2.0)) (== netstandard1.6) (&& (== netstandard2.0) (< netstandard1.3)) (&& (== netstandard2.0) (< netstandard1.4)) (&& (== netstandard2.0) (< netstandard1.5)) (&& (== netstandard2.0) (< netstandard1.6))
      System.Xml.ReaderWriter (>= 4.3) - restriction: || (&& (== net462) (< net45)) (&& (== net462) (< netstandard1.4)) (&& (== net462) (< netstandard1.5) (>= uap10.0)) (&& (== net462) (< portable-net45+win8+wpa81)) (&& (== netcoreapp2.1) (< netstandard1.2)) (&& (== netcoreapp2.1) (< netstandard1.3)) (&& (== netcoreapp2.1) (< netstandard1.4)) (&& (== netcoreapp2.1) (< netstandard1.5)) (&& (== netcoreapp2.1) (< netstandard1.6)) (&& (== netcoreapp2.1) (< netstandard2.0)) (&& (== netcoreapp2.1) (< portable-net45+win8+wpa81)) (== netstandard1.6) (&& (== netstandard2.0) (< netstandard1.2)) (&& (== netstandard2.0) (< netstandard1.3)) (&& (== netstandard2.0) (< netstandard1.4)) (&& (== netstandard2.0) (< netstandard1.5)) (&& (== netstandard2.0) (< netstandard1.6)) (&& (== netstandard2.0) (< portable-net45+win8+wpa81))
      System.Xml.XDocument (>= 4.3) - restriction: || (&& (== net462) (< net45)) (&& (== net462) (< netstandard1.5) (>= uap10.0)) (&& (== net462) (< portable-net45+win8+wpa81)) (&& (== netcoreapp2.1) (< netstandard1.2)) (&& (== netcoreapp2.1) (< netstandard1.3)) (&& (== netcoreapp2.1) (< netstandard1.4)) (&& (== netcoreapp2.1) (< netstandard1.5)) (&& (== netcoreapp2.1) (< netstandard1.6)) (&& (== netcoreapp2.1) (< netstandard2.0)) (&& (== netcoreapp2.1) (< portable-net45+win8+wpa81)) (== netstandard1.6) (&& (== netstandard2.0) (< netstandard1.2)) (&& (== netstandard2.0) (< netstandard1.3)) (&& (== netstandard2.0) (< netstandard1.4)) (&& (== netstandard2.0) (< netstandard1.5)) (&& (== netstandard2.0) (< netstandard1.6)) (&& (== netstandard2.0) (< portable-net45+win8+wpa81))
    Newtonsoft.Json (11.0.2)
      Microsoft.CSharp (>= 4.3) - restriction: || (&& (== net462) (< net20)) (&& (== netcoreapp2.1) (< netstandard1.3)) (&& (== netcoreapp2.1) (< netstandard2.0)) (== netstandard1.6) (&& (== netstandard2.0) (< netstandard1.3))
      NETStandard.Library (>= 1.6.1) - restriction: || (&& (== net462) (< net20)) (&& (== netcoreapp2.1) (< netstandard1.3)) (&& (== netcoreapp2.1) (< netstandard2.0)) (== netstandard1.6) (&& (== netstandard2.0) (< netstandard1.3))
      System.ComponentModel.TypeConverter (>= 4.3) - restriction: || (&& (== net462) (< net20)) (&& (== netcoreapp2.1) (< netstandard1.3)) (&& (== netcoreapp2.1) (< netstandard2.0)) (== netstandard1.6) (&& (== netstandard2.0) (< netstandard1.3))
      System.Runtime.Serialization.Formatters (>= 4.3) - restriction: || (&& (== net462) (< net20)) (&& (== netcoreapp2.1) (< netstandard2.0)) (== netstandard1.6)
      System.Runtime.Serialization.Primitives (>= 4.3) - restriction: || (&& (== net462) (< net20)) (&& (== netcoreapp2.1) (< netstandard1.3)) (&& (== netcoreapp2.1) (< netstandard2.0)) (== netstandard1.6) (&& (== netstandard2.0) (< netstandard1.3))
      System.Xml.XmlDocument (>= 4.3) - restriction: || (&& (== net462) (< net20)) (&& (== netcoreapp2.1) (< netstandard2.0)) (== netstandard1.6)
    Npgsql (3.2.7)
      NETStandard.Library (>= 1.6.1) - restriction: || (&& (== net462) (< net45)) (&& (== netcoreapp2.1) (< netstandard2.0)) (== netstandard1.6)
      System.Collections.Specialized (>= 4.3) - restriction: || (&& (== net462) (< net45)) (&& (== netcoreapp2.1) (< netstandard2.0)) (== netstandard1.6)
      System.ComponentModel.TypeConverter (>= 4.3) - restriction: || (&& (== net462) (< net45)) (&& (== netcoreapp2.1) (< netstandard2.0)) (== netstandard1.6)
      System.Data.Common (>= 4.3) - restriction: || (&& (== net462) (< net45)) (&& (== netcoreapp2.1) (< netstandard2.0)) (== netstandard1.6)
      System.Diagnostics.Process (>= 4.3) - restriction: || (&& (== net462) (< net45)) (&& (== netcoreapp2.1) (< netstandard2.0)) (== netstandard1.6)
      System.Globalization.Extensions (>= 4.3) - restriction: || (&& (== net462) (< net45)) (&& (== netcoreapp2.1) (< netstandard2.0)) (== netstandard1.6)
      System.Net.NameResolution (>= 4.3) - restriction: || (&& (== net462) (< net45)) (&& (== netcoreapp2.1) (< netstandard2.0)) (== netstandard1.6)
      System.Net.NetworkInformation (>= 4.3) - restriction: || (&& (== net462) (< net45)) (&& (== netcoreapp2.1) (< netstandard2.0)) (== netstandard1.6)
      System.Net.Security (>= 4.3) - restriction: || (&& (== net462) (< net45)) (&& (== netcoreapp2.1) (< netstandard2.0)) (== netstandard1.6)
      System.Reflection.TypeExtensions (>= 4.3) - restriction: || (&& (== net462) (< net45)) (&& (== netcoreapp2.1) (< netstandard2.0)) (== netstandard1.6)
      System.Threading.Tasks.Extensions (>= 4.3)
      System.Threading.Thread (>= 4.3) - restriction: || (&& (== net462) (< net45)) (&& (== netcoreapp2.1) (< netstandard2.0)) (== netstandard1.6)
    Remotion.Linq (2.2)
      System.Collections (>= 4.0.11) - restriction: || (&& (== net462) (< net35)) (== netcoreapp2.1) (== netstandard1.6) (== netstandard2.0)
      System.Diagnostics.Debug (>= 4.0.11) - restriction: || (&& (== net462) (< net35)) (== netcoreapp2.1) (== netstandard1.6) (== netstandard2.0)
      System.Linq (>= 4.1) - restriction: || (&& (== net462) (< net35)) (== netcoreapp2.1) (== netstandard1.6) (== netstandard2.0)
      System.Linq.Expressions (>= 4.1) - restriction: || (&& (== net462) (< net35)) (== netcoreapp2.1) (== netstandard1.6) (== netstandard2.0)
      System.Linq.Queryable (>= 4.0.1) - restriction: || (&& (== net462) (< net35)) (== netcoreapp2.1) (== netstandard1.6) (== netstandard2.0)
      System.ObjectModel (>= 4.0.12) - restriction: || (&& (== net462) (< net35)) (== netcoreapp2.1) (== netstandard1.6) (== netstandard2.0)
      System.Reflection (>= 4.1) - restriction: || (&& (== net462) (< net35)) (== netcoreapp2.1) (== netstandard1.6) (== netstandard2.0)
      System.Reflection.Extensions (>= 4.0.1) - restriction: || (&& (== net462) (< net35)) (== netcoreapp2.1) (== netstandard1.6) (== netstandard2.0)
      System.Runtime (>= 4.1) - restriction: || (&& (== net462) (< net35)) (== netcoreapp2.1) (== netstandard1.6) (== netstandard2.0)
      System.Runtime.Extensions (>= 4.1) - restriction: || (&& (== net462) (< net35)) (== netcoreapp2.1) (== netstandard1.6) (== netstandard2.0)
      System.Threading (>= 4.0.11) - restriction: || (&& (== net462) (< net35)) (== netcoreapp2.1) (== netstandard1.6) (== netstandard2.0)
    runtime.debian.8-x64.runtime.native.System.Security.Cryptography.OpenSsl (4.3.3) - restriction: || (&& (== net462) (== netcoreapp2.1)) (&& (== net462) (== netstandard2.0)) (&& (== net462) (< net45) (>= netstandard1.6)) (&& (== netcoreapp2.1) (< netstandard2.0)) (== netstandard1.6)
    runtime.debian.9-x64.runtime.native.System.Security.Cryptography.OpenSsl (4.3.3) - restriction: || (&& (== net462) (== netcoreapp2.1)) (&& (== net462) (== netstandard2.0)) (&& (== net462) (< net45) (>= netstandard1.6)) (&& (== netcoreapp2.1) (< netstandard2.0)) (== netstandard1.6)
    runtime.fedora.23-x64.runtime.native.System.Security.Cryptography.OpenSsl (4.3.3) - restriction: || (&& (== net462) (== netcoreapp2.1)) (&& (== net462) (== netstandard2.0)) (&& (== net462) (< net45) (>= netstandard1.6)) (&& (== netcoreapp2.1) (< netstandard2.0)) (== netstandard1.6)
    runtime.fedora.24-x64.runtime.native.System.Security.Cryptography.OpenSsl (4.3.3) - restriction: || (&& (== net462) (== netcoreapp2.1)) (&& (== net462) (== netstandard2.0)) (&& (== net462) (< net45) (>= netstandard1.6)) (&& (== netcoreapp2.1) (< netstandard2.0)) (== netstandard1.6)
    runtime.fedora.27-x64.runtime.native.System.Security.Cryptography.OpenSsl (4.3.3) - restriction: || (&& (== net462) (== netcoreapp2.1)) (&& (== net462) (== netstandard2.0)) (&& (== net462) (< net45) (>= netstandard1.6)) (&& (== netcoreapp2.1) (< netstandard2.0)) (== netstandard1.6)
    runtime.fedora.28-x64.runtime.native.System.Security.Cryptography.OpenSsl (4.3.3) - restriction: || (&& (== net462) (== netcoreapp2.1)) (&& (== net462) (== netstandard2.0)) (&& (== net462) (< net45) (>= netstandard1.6)) (&& (== netcoreapp2.1) (< netstandard2.0)) (== netstandard1.6)
    runtime.native.System (4.3.1) - restriction: || (&& (== net462) (== netstandard2.0)) (&& (== net462) (< net45)) (&& (== net462) (>= netcoreapp2.0)) (== netcoreapp2.1) (== netstandard1.6) (&& (== netstandard2.0) (>= netcoreapp2.0))
      Microsoft.NETCore.Platforms (>= 1.1.1)
      Microsoft.NETCore.Targets (>= 1.1.3)
    runtime.native.System.IO.Compression (4.3.2) - restriction: || (&& (== net462) (>= netcoreapp2.0)) (== netcoreapp2.1) (&& (== netstandard1.6) (>= netcoreapp2.0)) (&& (== netstandard2.0) (>= netcoreapp2.0))
      Microsoft.NETCore.Platforms (>= 1.1.1)
      Microsoft.NETCore.Targets (>= 1.1.3)
    runtime.native.System.Net.Http (4.3.1) - restriction: || (&& (== net462) (== netcoreapp2.1)) (&& (== net462) (== netstandard2.0)) (&& (== net462) (< net45) (>= netstandard1.6)) (&& (== net462) (< netstandard1.5) (>= netstandard1.6) (>= uap10.0)) (&& (== netcoreapp2.1) (< netstandard1.2)) (&& (== netcoreapp2.1) (< netstandard1.3)) (&& (== netcoreapp2.1) (< netstandard1.4)) (&& (== netcoreapp2.1) (< netstandard1.5)) (&& (== netcoreapp2.1) (< netstandard1.6)) (&& (== netcoreapp2.1) (< netstandard2.0)) (== netstandard1.6)
      Microsoft.NETCore.Platforms (>= 1.1.1)
      Microsoft.NETCore.Targets (>= 1.1.3)
    runtime.native.System.Net.Security (4.3.1) - restriction: || (&& (== net462) (== netcoreapp2.1)) (&& (== net462) (== netstandard2.0)) (&& (== net462) (< net45) (>= netstandard1.6)) (&& (== netcoreapp2.1) (< netstandard2.0)) (== netstandard1.6)
      Microsoft.NETCore.Platforms (>= 1.1.1)
      Microsoft.NETCore.Targets (>= 1.1.3)
    runtime.native.System.Security.Cryptography.Apple (4.3.1) - restriction: || (&& (== net462) (== netcoreapp2.1)) (&& (== net462) (== netstandard2.0)) (&& (== net462) (< net45) (>= netstandard1.6)) (&& (== netcoreapp2.1) (< netstandard2.0)) (== netstandard1.6)
      runtime.osx.10.10-x64.runtime.native.System.Security.Cryptography.Apple (>= 4.3.1)
    runtime.native.System.Security.Cryptography.OpenSsl (4.3.3) - restriction: || (&& (== net462) (== netcoreapp2.1)) (&& (== net462) (== netstandard2.0)) (&& (== net462) (< net45) (>= netstandard1.6)) (&& (== netcoreapp2.1) (< netstandard2.0)) (== netstandard1.6)
      runtime.debian.8-x64.runtime.native.System.Security.Cryptography.OpenSsl (>= 4.3.3)
      runtime.debian.9-x64.runtime.native.System.Security.Cryptography.OpenSsl (>= 4.3.3)
      runtime.fedora.23-x64.runtime.native.System.Security.Cryptography.OpenSsl (>= 4.3.3)
      runtime.fedora.24-x64.runtime.native.System.Security.Cryptography.OpenSsl (>= 4.3.3)
      runtime.fedora.27-x64.runtime.native.System.Security.Cryptography.OpenSsl (>= 4.3.3)
      runtime.fedora.28-x64.runtime.native.System.Security.Cryptography.OpenSsl (>= 4.3.3)
      runtime.opensuse.13.2-x64.runtime.native.System.Security.Cryptography.OpenSsl (>= 4.3.3)
      runtime.opensuse.42.1-x64.runtime.native.System.Security.Cryptography.OpenSsl (>= 4.3.3)
      runtime.opensuse.42.3-x64.runtime.native.System.Security.Cryptography.OpenSsl (>= 4.3.3)
      runtime.osx.10.10-x64.runtime.native.System.Security.Cryptography.OpenSsl (>= 4.3.3)
      runtime.rhel.7-x64.runtime.native.System.Security.Cryptography.OpenSsl (>= 4.3.3)
      runtime.ubuntu.14.04-x64.runtime.native.System.Security.Cryptography.OpenSsl (>= 4.3.3)
      runtime.ubuntu.16.04-x64.runtime.native.System.Security.Cryptography.OpenSsl (>= 4.3.3)
      runtime.ubuntu.16.10-x64.runtime.native.System.Security.Cryptography.OpenSsl (>= 4.3.3)
      runtime.ubuntu.18.04-x64.runtime.native.System.Security.Cryptography.OpenSsl (>= 4.3.3)
    runtime.opensuse.13.2-x64.runtime.native.System.Security.Cryptography.OpenSsl (4.3.3) - restriction: || (&& (== net462) (== netcoreapp2.1)) (&& (== net462) (== netstandard2.0)) (&& (== net462) (< net45) (>= netstandard1.6)) (&& (== netcoreapp2.1) (< netstandard2.0)) (== netstandard1.6)
    runtime.opensuse.42.1-x64.runtime.native.System.Security.Cryptography.OpenSsl (4.3.3) - restriction: || (&& (== net462) (== netcoreapp2.1)) (&& (== net462) (== netstandard2.0)) (&& (== net462) (< net45) (>= netstandard1.6)) (&& (== netcoreapp2.1) (< netstandard2.0)) (== netstandard1.6)
    runtime.opensuse.42.3-x64.runtime.native.System.Security.Cryptography.OpenSsl (4.3.3) - restriction: || (&& (== net462) (== netcoreapp2.1)) (&& (== net462) (== netstandard2.0)) (&& (== net462) (< net45) (>= netstandard1.6)) (&& (== netcoreapp2.1) (< netstandard2.0)) (== netstandard1.6)
    runtime.osx.10.10-x64.runtime.native.System.Security.Cryptography.Apple (4.3.1) - restriction: || (&& (== net462) (== netcoreapp2.1)) (&& (== net462) (== netstandard2.0)) (&& (== net462) (< net45) (>= netstandard1.6)) (&& (== netcoreapp2.1) (< netstandard2.0)) (== netstandard1.6)
    runtime.osx.10.10-x64.runtime.native.System.Security.Cryptography.OpenSsl (4.3.3) - restriction: || (&& (== net462) (== netcoreapp2.1)) (&& (== net462) (== netstandard2.0)) (&& (== net462) (< net45) (>= netstandard1.6)) (&& (== netcoreapp2.1) (< netstandard2.0)) (== netstandard1.6)
    runtime.rhel.7-x64.runtime.native.System.Security.Cryptography.OpenSsl (4.3.3) - restriction: || (&& (== net462) (== netcoreapp2.1)) (&& (== net462) (== netstandard2.0)) (&& (== net462) (< net45) (>= netstandard1.6)) (&& (== netcoreapp2.1) (< netstandard2.0)) (== netstandard1.6)
    runtime.ubuntu.14.04-x64.runtime.native.System.Security.Cryptography.OpenSsl (4.3.3) - restriction: || (&& (== net462) (== netcoreapp2.1)) (&& (== net462) (== netstandard2.0)) (&& (== net462) (< net45) (>= netstandard1.6)) (&& (== netcoreapp2.1) (< netstandard2.0)) (== netstandard1.6)
    runtime.ubuntu.16.04-x64.runtime.native.System.Security.Cryptography.OpenSsl (4.3.3) - restriction: || (&& (== net462) (== netcoreapp2.1)) (&& (== net462) (== netstandard2.0)) (&& (== net462) (< net45) (>= netstandard1.6)) (&& (== netcoreapp2.1) (< netstandard2.0)) (== netstandard1.6)
    runtime.ubuntu.16.10-x64.runtime.native.System.Security.Cryptography.OpenSsl (4.3.3) - restriction: || (&& (== net462) (== netcoreapp2.1)) (&& (== net462) (== netstandard2.0)) (&& (== net462) (< net45) (>= netstandard1.6)) (&& (== netcoreapp2.1) (< netstandard2.0)) (== netstandard1.6)
    runtime.ubuntu.18.04-x64.runtime.native.System.Security.Cryptography.OpenSsl (4.3.3) - restriction: || (&& (== net462) (== netcoreapp2.1)) (&& (== net462) (== netstandard2.0)) (&& (== net462) (< net45) (>= netstandard1.6)) (&& (== netcoreapp2.1) (< netstandard2.0)) (== netstandard1.6)
    System.AppContext (4.3) - restriction: || (&& (== net462) (== netcoreapp2.1)) (&& (== net462) (== netstandard2.0)) (&& (== net462) (< net45)) (&& (== net462) (< netstandard1.5) (>= uap10.0)) (&& (== netcoreapp2.1) (< netstandard1.4)) (&& (== netcoreapp2.1) (< netstandard1.5)) (&& (== netcoreapp2.1) (< netstandard1.6)) (&& (== netcoreapp2.1) (< netstandard2.0)) (== netstandard1.6)
      System.Runtime (>= 4.3) - restriction: || (&& (== net462) (< net46)) (&& (== net462) (< netstandard1.3)) (== netcoreapp2.1) (== netstandard1.6) (== netstandard2.0)
    System.Buffers (4.5) - restriction: || (&& (== net462) (== netstandard2.0)) (&& (== net462) (< net45)) (&& (== net462) (>= netcoreapp2.0)) (&& (== net462) (< netstandard1.5) (>= uap10.0)) (== netcoreapp2.1) (== netstandard1.6) (&& (== netstandard2.0) (>= netcoreapp2.0))
    System.Collections (4.3) - restriction: || (&& (== net462) (< net35)) (&& (== net462) (< net45)) (&& (== net462) (>= netcoreapp2.0)) (== netcoreapp2.1) (== netstandard1.6) (== netstandard2.0)
      Microsoft.NETCore.Platforms (>= 1.1) - restriction: || (&& (== net462) (< net45)) (&& (== net462) (< portable-net45+win8+wp8+wpa81)) (== netcoreapp2.1) (== netstandard1.6) (== netstandard2.0)
      Microsoft.NETCore.Targets (>= 1.1) - restriction: || (&& (== net462) (< net45)) (&& (== net462) (< portable-net45+win8+wp8+wpa81)) (== netcoreapp2.1) (== netstandard1.6) (== netstandard2.0)
      System.Runtime (>= 4.3) - restriction: || (&& (== net462) (< net45)) (&& (== net462) (< portable-net45+win8+wp8+wpa81)) (== netcoreapp2.1) (== netstandard1.6) (== netstandard2.0)
    System.Collections.Concurrent (4.3) - restriction: || (&& (== net462) (== netcoreapp2.1)) (&& (== net462) (== netstandard2.0)) (&& (== net462) (< net45)) (&& (== netcoreapp2.1) (< netstandard1.6)) (&& (== netcoreapp2.1) (< netstandard2.0)) (== netstandard1.6)
      System.Collections (>= 4.3) - restriction: || (&& (== net462) (< net45)) (&& (== net462) (< portable-net45+win8+wpa81)) (== netcoreapp2.1) (== netstandard1.6) (== netstandard2.0)
      System.Diagnostics.Debug (>= 4.3) - restriction: || (&& (== net462) (< net45)) (&& (== net462) (< portable-net45+win8+wpa81)) (== netcoreapp2.1) (== netstandard1.6) (== netstandard2.0)
      System.Diagnostics.Tracing (>= 4.3) - restriction: || (&& (== net462) (< net45)) (&& (== net462) (< portable-net45+win8+wpa81)) (== netcoreapp2.1) (== netstandard1.6) (== netstandard2.0)
      System.Globalization (>= 4.3) - restriction: || (&& (== net462) (< net45)) (&& (== net462) (< portable-net45+win8+wpa81)) (== netcoreapp2.1) (== netstandard1.6) (== netstandard2.0)
      System.Reflection (>= 4.3) - restriction: || (&& (== net462) (< net45)) (== netcoreapp2.1) (== netstandard1.6) (== netstandard2.0)
      System.Resources.ResourceManager (>= 4.3) - restriction: || (&& (== net462) (< net45)) (&& (== net462) (< portable-net45+win8+wpa81)) (== netcoreapp2.1) (== netstandard1.6) (== netstandard2.0)
      System.Runtime (>= 4.3) - restriction: || (&& (== net462) (< net45)) (&& (== net462) (< portable-net45+win8+wpa81)) (== netcoreapp2.1) (== netstandard1.6) (== netstandard2.0)
      System.Runtime.Extensions (>= 4.3) - restriction: || (&& (== net462) (< net45)) (&& (== net462) (< portable-net45+win8+wpa81)) (== netcoreapp2.1) (== netstandard1.6) (== netstandard2.0)
      System.Threading (>= 4.3) - restriction: || (&& (== net462) (< net45)) (&& (== net462) (< portable-net45+win8+wpa81)) (== netcoreapp2.1) (== netstandard1.6) (== netstandard2.0)
      System.Threading.Tasks (>= 4.3) - restriction: || (&& (== net462) (< net45)) (&& (== net462) (< portable-net45+win8+wpa81)) (== netcoreapp2.1) (== netstandard1.6) (== netstandard2.0)
    System.Collections.Immutable (1.5) - restriction: || (&& (== net462) (>= netcoreapp2.0)) (== netcoreapp2.1) (&& (== netstandard1.6) (>= netcoreapp2.0)) (&& (== netstandard2.0) (>= netcoreapp2.0))
    System.Collections.NonGeneric (4.3) - restriction: || (&& (== net462) (== netcoreapp2.1)) (&& (== net462) (== netstandard2.0)) (&& (== net462) (< net45)) (&& (== netcoreapp2.1) (< netstandard2.0)) (== netstandard1.6)
      System.Diagnostics.Debug (>= 4.3) - restriction: || (&& (== net462) (< net46)) (== netcoreapp2.1) (== netstandard1.6) (== netstandard2.0)
      System.Globalization (>= 4.3) - restriction: || (&& (== net462) (< net46)) (== netcoreapp2.1) (== netstandard1.6) (== netstandard2.0)
      System.Resources.ResourceManager (>= 4.3) - restriction: || (&& (== net462) (< net46)) (== netcoreapp2.1) (== netstandard1.6) (== netstandard2.0)
      System.Runtime (>= 4.3) - restriction: || (&& (== net462) (< net46)) (== netcoreapp2.1) (== netstandard1.6) (== netstandard2.0)
      System.Runtime.Extensions (>= 4.3) - restriction: || (&& (== net462) (< net46)) (== netcoreapp2.1) (== netstandard1.6) (== netstandard2.0)
      System.Threading (>= 4.3) - restriction: || (&& (== net462) (< net46)) (== netcoreapp2.1) (== netstandard1.6) (== netstandard2.0)
    System.Collections.Specialized (4.3) - restriction: || (&& (== net462) (== netcoreapp2.1)) (&& (== net462) (== netstandard2.0)) (&& (== net462) (< net45)) (&& (== netcoreapp2.1) (< netstandard2.0)) (== netstandard1.6)
      System.Collections.NonGeneric (>= 4.3) - restriction: || (&& (== net462) (< net46)) (== netcoreapp2.1) (== netstandard1.6) (== netstandard2.0)
      System.Globalization (>= 4.3) - restriction: || (&& (== net462) (< net46)) (== netcoreapp2.1) (== netstandard1.6) (== netstandard2.0)
      System.Globalization.Extensions (>= 4.3) - restriction: || (&& (== net462) (< net46)) (== netcoreapp2.1) (== netstandard1.6) (== netstandard2.0)
      System.Resources.ResourceManager (>= 4.3) - restriction: || (&& (== net462) (< net46)) (== netcoreapp2.1) (== netstandard1.6) (== netstandard2.0)
      System.Runtime (>= 4.3) - restriction: || (&& (== net462) (< net46)) (== netcoreapp2.1) (== netstandard1.6) (== netstandard2.0)
      System.Runtime.Extensions (>= 4.3) - restriction: || (&& (== net462) (< net46)) (== netcoreapp2.1) (== netstandard1.6) (== netstandard2.0)
      System.Threading (>= 4.3) - restriction: || (&& (== net462) (< net46)) (== netcoreapp2.1) (== netstandard1.6) (== netstandard2.0)
    System.ComponentModel (4.3) - restriction: || (&& (== net462) (== netcoreapp2.1)) (&& (== net462) (== netstandard2.0)) (&& (== net462) (< net45)) (&& (== netcoreapp2.1) (< netstandard1.5)) (&& (== netcoreapp2.1) (< netstandard2.0)) (== netstandard1.6)
      System.Runtime (>= 4.3) - restriction: || (&& (== net462) (< net45)) (&& (== net462) (< portable-net45+win8+wp8+wpa81)) (== netcoreapp2.1) (== netstandard1.6) (== netstandard2.0)
    System.ComponentModel.Primitives (4.3) - restriction: || (&& (== net462) (== netcoreapp2.1)) (&& (== net462) (== netstandard2.0)) (&& (== net462) (< net45)) (&& (== net462) (< netstandard1.0) (>= win8)) (&& (== net462) (>= wp8)) (&& (== net462) (>= wpa81)) (&& (== netcoreapp2.1) (< netstandard1.0) (>= win8)) (&& (== netcoreapp2.1) (< netstandard1.5)) (&& (== netcoreapp2.1) (< netstandard2.0)) (&& (== netcoreapp2.1) (>= wp8)) (== netstandard1.6)
      System.ComponentModel (>= 4.3) - restriction: || (&& (== net462) (< net45)) (== netcoreapp2.1) (== netstandard1.6) (== netstandard2.0)
      System.Resources.ResourceManager (>= 4.3) - restriction: || (&& (== net462) (< net45)) (== netcoreapp2.1) (== netstandard1.6) (== netstandard2.0)
      System.Runtime (>= 4.3) - restriction: || (&& (== net462) (< net45)) (== netcoreapp2.1) (== netstandard1.6) (== netstandard2.0)
    System.ComponentModel.TypeConverter (4.3) - restriction: || (&& (== net462) (== netcoreapp2.1)) (&& (== net462) (== netstandard2.0)) (&& (== net462) (< net45)) (&& (== netcoreapp2.1) (< netstandard2.0)) (== netstandard1.6)
      System.Collections (>= 4.3) - restriction: || (&& (== net462) (< net45)) (== netcoreapp2.1) (== netstandard1.6) (== netstandard2.0)
      System.Collections.NonGeneric (>= 4.3)
      System.Collections.Specialized (>= 4.3) - restriction: || (&& (== net462) (< net45)) (== netcoreapp2.1) (== netstandard1.6) (== netstandard2.0)
      System.ComponentModel (>= 4.3) - restriction: || (&& (== net462) (< net45)) (== netcoreapp2.1) (== netstandard1.6) (== netstandard2.0)
      System.ComponentModel.Primitives (>= 4.3)
      System.Globalization (>= 4.3) - restriction: || (&& (== net462) (< net45)) (== netcoreapp2.1) (== netstandard1.6) (== netstandard2.0)
      System.Linq (>= 4.3) - restriction: || (&& (== net462) (< net45)) (== netcoreapp2.1) (== netstandard1.6) (== netstandard2.0)
      System.Reflection (>= 4.3) - restriction: || (&& (== net462) (< net45)) (== netcoreapp2.1) (== netstandard1.6) (== netstandard2.0)
      System.Reflection.Extensions (>= 4.3) - restriction: || (&& (== net462) (< net45)) (== netcoreapp2.1) (== netstandard1.6) (== netstandard2.0)
      System.Reflection.Primitives (>= 4.3) - restriction: || (&& (== net462) (< net45)) (== netcoreapp2.1) (== netstandard1.6) (== netstandard2.0)
      System.Reflection.TypeExtensions (>= 4.3) - restriction: || (&& (== net462) (< net45)) (== netcoreapp2.1) (== netstandard1.6) (== netstandard2.0)
      System.Resources.ResourceManager (>= 4.3) - restriction: || (&& (== net462) (< net45)) (== netcoreapp2.1) (== netstandard1.6) (== netstandard2.0)
      System.Runtime (>= 4.3) - restriction: || (&& (== net462) (< net45)) (== netcoreapp2.1) (== netstandard1.6) (== netstandard2.0)
      System.Runtime.Extensions (>= 4.3) - restriction: || (&& (== net462) (< net45)) (== netcoreapp2.1) (== netstandard1.6) (== netstandard2.0)
      System.Threading (>= 4.3) - restriction: || (&& (== net462) (< net45)) (== netcoreapp2.1) (== netstandard1.6) (== netstandard2.0)
    System.Configuration.ConfigurationManager (4.5) - restriction: || (&& (== net462) (< net45) (>= netstandard2.0)) (== netcoreapp2.1) (&& (== netstandard1.6) (>= netstandard2.0)) (== netstandard2.0)
      System.Security.Cryptography.ProtectedData (>= 4.5) - restriction: || (&& (== net462) (< net461) (>= netstandard2.0)) (== netcoreapp2.1) (&& (== netstandard1.6) (>= netstandard2.0)) (== netstandard2.0)
      System.Security.Permissions (>= 4.5) - restriction: || (== net462) (== netcoreapp2.1) (&& (== netstandard1.6) (>= monoandroid)) (&& (== netstandard1.6) (>= monotouch)) (&& (== netstandard1.6) (>= net461)) (&& (== netstandard1.6) (>= netstandard2.0)) (&& (== netstandard1.6) (>= xamarinios)) (&& (== netstandard1.6) (>= xamarinmac)) (&& (== netstandard1.6) (>= xamarintvos)) (&& (== netstandard1.6) (>= xamarinwatchos)) (== netstandard2.0)
    System.Console (4.3.1) - restriction: || (&& (== net462) (== netcoreapp2.1)) (&& (== net462) (== netstandard2.0)) (&& (== net462) (< net45)) (&& (== net462) (< netstandard1.5) (>= uap10.0)) (&& (== netcoreapp2.1) (< netstandard1.4)) (&& (== netcoreapp2.1) (< netstandard1.5)) (&& (== netcoreapp2.1) (< netstandard1.6)) (&& (== netcoreapp2.1) (< netstandard2.0)) (== netstandard1.6)
      Microsoft.NETCore.Platforms (>= 1.1) - restriction: || (&& (== net462) (< net46)) (== netcoreapp2.1) (== netstandard1.6) (== netstandard2.0)
      Microsoft.NETCore.Targets (>= 1.1.2) - restriction: || (&& (== net462) (< net46)) (== netcoreapp2.1) (== netstandard1.6) (== netstandard2.0)
      System.IO (>= 4.3) - restriction: || (&& (== net462) (< net46)) (== netcoreapp2.1) (== netstandard1.6) (== netstandard2.0)
      System.Runtime (>= 4.3) - restriction: || (&& (== net462) (< net46)) (== netcoreapp2.1) (== netstandard1.6) (== netstandard2.0)
      System.Text.Encoding (>= 4.3) - restriction: || (&& (== net462) (< net46)) (== netcoreapp2.1) (== netstandard1.6) (== netstandard2.0)
    System.Data.Common (4.3) - restriction: || (&& (== net462) (== netcoreapp2.1)) (&& (== net462) (== netstandard2.0)) (&& (== net462) (< net45)) (&& (== netcoreapp2.1) (< netstandard2.0)) (== netstandard1.6)
      System.Collections (>= 4.3) - restriction: || (&& (== net462) (< net451)) (== netcoreapp2.1) (== netstandard1.6) (== netstandard2.0)
      System.Globalization (>= 4.3) - restriction: || (&& (== net462) (< net451)) (== netcoreapp2.1) (== netstandard1.6) (== netstandard2.0)
      System.IO (>= 4.3) - restriction: || (&& (== net462) (< net451)) (== netcoreapp2.1) (== netstandard1.6) (== netstandard2.0)
      System.Resources.ResourceManager (>= 4.3) - restriction: || (&& (== net462) (< net451)) (== netcoreapp2.1) (== netstandard1.6) (== netstandard2.0)
      System.Runtime (>= 4.3) - restriction: || (&& (== net462) (< net451)) (== netcoreapp2.1) (== netstandard1.6) (== netstandard2.0)
      System.Runtime.Extensions (>= 4.3) - restriction: || (&& (== net462) (< net451)) (== netcoreapp2.1) (== netstandard1.6) (== netstandard2.0)
      System.Text.RegularExpressions (>= 4.3) - restriction: || (&& (== net462) (< net451)) (== netcoreapp2.1) (== netstandard1.6) (== netstandard2.0)
      System.Threading.Tasks (>= 4.3) - restriction: || (&& (== net462) (< net451)) (== netcoreapp2.1) (== netstandard1.6) (== netstandard2.0)
    System.Diagnostics.Debug (4.3) - restriction: || (&& (== net462) (< net35)) (&& (== net462) (< net45)) (&& (== net462) (>= netcoreapp2.0)) (== netcoreapp2.1) (== netstandard1.6) (== netstandard2.0)
      Microsoft.NETCore.Platforms (>= 1.1) - restriction: || (&& (== net462) (< net45)) (&& (== net462) (< portable-net45+win8+wp8+wpa81)) (== netcoreapp2.1) (== netstandard1.6) (== netstandard2.0)
      Microsoft.NETCore.Targets (>= 1.1) - restriction: || (&& (== net462) (< net45)) (&& (== net462) (< portable-net45+win8+wp8+wpa81)) (== netcoreapp2.1) (== netstandard1.6) (== netstandard2.0)
      System.Runtime (>= 4.3) - restriction: || (&& (== net462) (< net45)) (&& (== net462) (< portable-net45+win8+wp8+wpa81)) (== netcoreapp2.1) (== netstandard1.6) (== netstandard2.0)
    System.Diagnostics.DiagnosticSource (4.5) - restriction: || (&& (== net462) (== netcoreapp2.1)) (&& (== net462) (== netstandard2.0)) (&& (== net462) (< net45)) (&& (== net462) (< netstandard1.5) (>= uap10.0)) (&& (== net462) (< portable-net45+win8+wpa81)) (&& (== netcoreapp2.1) (< netstandard1.2)) (&& (== netcoreapp2.1) (< netstandard1.3)) (&& (== netcoreapp2.1) (< netstandard1.4)) (&& (== netcoreapp2.1) (< netstandard1.5)) (&& (== netcoreapp2.1) (< netstandard1.6)) (&& (== netcoreapp2.1) (< netstandard2.0)) (&& (== netcoreapp2.1) (< portable-net45+win8+wpa81)) (== netstandard1.6)
      System.Collections (>= 4.3) - restriction: || (&& (== net462) (< net45)) (&& (== netcoreapp2.1) (< netstandard1.3)) (&& (== netcoreapp2.1) (< netstandard2.0)) (== netstandard1.6) (&& (== netstandard2.0) (< netstandard1.3))
      System.Diagnostics.Debug (>= 4.3) - restriction: || (&& (== net462) (< net45)) (&& (== netcoreapp2.1) (< netstandard2.0)) (== netstandard1.6)
      System.Diagnostics.Tracing (>= 4.3) - restriction: || (&& (== net462) (< net45)) (&& (== netcoreapp2.1) (< netstandard1.3)) (&& (== netcoreapp2.1) (< netstandard2.0)) (== netstandard1.6) (&& (== netstandard2.0) (< netstandard1.3))
      System.Reflection (>= 4.3) - restriction: || (&& (== net462) (< net45)) (&& (== netcoreapp2.1) (< netstandard1.3)) (&& (== netcoreapp2.1) (< netstandard2.0)) (== netstandard1.6) (&& (== netstandard2.0) (< netstandard1.3))
      System.Runtime (>= 4.3) - restriction: || (&& (== net462) (< net45)) (&& (== netcoreapp2.1) (< netstandard1.3)) (&& (== netcoreapp2.1) (< netstandard2.0)) (== netstandard1.6) (&& (== netstandard2.0) (< netstandard1.3))
      System.Runtime.Extensions (>= 4.3) - restriction: || (&& (== net462) (< net45)) (&& (== netcoreapp2.1) (< netstandard2.0)) (== netstandard1.6)
      System.Threading (>= 4.3) - restriction: || (&& (== net462) (< net45)) (&& (== netcoreapp2.1) (< netstandard1.3)) (&& (== netcoreapp2.1) (< netstandard2.0)) (== netstandard1.6) (&& (== netstandard2.0) (< netstandard1.3))
    System.Diagnostics.FileVersionInfo (4.3) - restriction: || (&& (== net462) (< net461) (>= netstandard2.0)) (== netcoreapp2.1) (&& (== netstandard1.6) (>= netstandard2.0)) (== netstandard2.0)
      Microsoft.NETCore.Platforms (>= 1.1) - restriction: || (&& (== net462) (< net46)) (&& (== net462) (< netstandard1.3)) (== netcoreapp2.1) (== netstandard1.6) (== netstandard2.0)
      System.Globalization (>= 4.3) - restriction: || (&& (== net462) (< net46)) (== netcoreapp2.1) (== netstandard1.6) (== netstandard2.0)
      System.IO (>= 4.3) - restriction: || (&& (== net462) (< net46)) (&& (== net462) (< netstandard1.3)) (== netcoreapp2.1) (== netstandard1.6) (== netstandard2.0)
      System.IO.FileSystem (>= 4.3) - restriction: || (&& (== net462) (< net46)) (&& (== net462) (< netstandard1.3)) (== netcoreapp2.1) (== netstandard1.6) (== netstandard2.0)
      System.IO.FileSystem.Primitives (>= 4.3) - restriction: || (&& (== net462) (< net46)) (&& (== net462) (< netstandard1.3)) (== netcoreapp2.1) (== netstandard1.6) (== netstandard2.0)
      System.Reflection.Metadata (>= 1.4.1) - restriction: || (&& (== net462) (< net46)) (&& (== net462) (< netstandard1.3)) (== netcoreapp2.1) (== netstandard1.6) (== netstandard2.0)
      System.Runtime (>= 4.3) - restriction: || (&& (== net462) (< net46)) (&& (== net462) (< netstandard1.3)) (== netcoreapp2.1) (== netstandard1.6) (== netstandard2.0)
      System.Runtime.Extensions (>= 4.3) - restriction: || (&& (== net462) (< net46)) (&& (== net462) (< netstandard1.3)) (== netcoreapp2.1) (== netstandard1.6) (== netstandard2.0)
      System.Runtime.InteropServices (>= 4.3) - restriction: || (&& (== net462) (< net46)) (== netcoreapp2.1) (== netstandard1.6) (== netstandard2.0)
    System.Diagnostics.Process (4.3) - restriction: || (&& (== net462) (== netcoreapp2.1)) (&& (== net462) (== netstandard2.0)) (&& (== net462) (< net45)) (&& (== netcoreapp2.1) (< netstandard2.0)) (== netstandard1.6)
      Microsoft.NETCore.Platforms (>= 1.1) - restriction: || (&& (== net462) (< net46)) (== netcoreapp2.1) (== netstandard1.6) (== netstandard2.0)
      Microsoft.Win32.Primitives (>= 4.3) - restriction: || (&& (== net462) (< net46)) (== netcoreapp2.1) (== netstandard1.6) (== netstandard2.0)
      Microsoft.Win32.Registry (>= 4.3) - restriction: || (&& (== net462) (< net46)) (== netcoreapp2.1) (== netstandard1.6) (== netstandard2.0)
      runtime.native.System (>= 4.3) - restriction: || (&& (== net462) (< net46)) (== netcoreapp2.1) (== netstandard1.6) (== netstandard2.0)
      System.Collections (>= 4.3) - restriction: || (&& (== net462) (< net46)) (== netcoreapp2.1) (== netstandard1.6) (== netstandard2.0)
      System.Diagnostics.Debug (>= 4.3) - restriction: || (&& (== net462) (< net46)) (== netcoreapp2.1) (== netstandard1.6) (== netstandard2.0)
      System.Globalization (>= 4.3) - restriction: || (&& (== net462) (< net46)) (== netcoreapp2.1) (== netstandard1.6) (== netstandard2.0)
      System.IO (>= 4.3) - restriction: || (&& (== net462) (< net46)) (== netcoreapp2.1) (== netstandard1.6) (== netstandard2.0)
      System.IO.FileSystem (>= 4.3) - restriction: || (&& (== net462) (< net46)) (== netcoreapp2.1) (== netstandard1.6) (== netstandard2.0)
      System.IO.FileSystem.Primitives (>= 4.3) - restriction: || (&& (== net462) (< net46)) (== netcoreapp2.1) (== netstandard1.6) (== netstandard2.0)
      System.Resources.ResourceManager (>= 4.3) - restriction: || (&& (== net462) (< net46)) (== netcoreapp2.1) (== netstandard1.6) (== netstandard2.0)
      System.Runtime (>= 4.3) - restriction: || (&& (== net462) (< net46)) (== netcoreapp2.1) (== netstandard1.6) (== netstandard2.0)
      System.Runtime.Extensions (>= 4.3) - restriction: || (&& (== net462) (< net46)) (== netcoreapp2.1) (== netstandard1.6) (== netstandard2.0)
      System.Runtime.Handles (>= 4.3) - restriction: || (&& (== net462) (< net46)) (== netcoreapp2.1) (== netstandard1.6) (== netstandard2.0)
      System.Runtime.InteropServices (>= 4.3) - restriction: || (&& (== net462) (< net46)) (== netcoreapp2.1) (== netstandard1.6) (== netstandard2.0)
      System.Text.Encoding (>= 4.3) - restriction: || (&& (== net462) (< net46)) (== netcoreapp2.1) (== netstandard1.6) (== netstandard2.0)
      System.Text.Encoding.Extensions (>= 4.3) - restriction: || (&& (== net462) (< net46)) (== netcoreapp2.1) (== netstandard1.6) (== netstandard2.0)
      System.Threading (>= 4.3) - restriction: || (&& (== net462) (< net46)) (== netcoreapp2.1) (== netstandard1.6) (== netstandard2.0)
      System.Threading.Tasks (>= 4.3) - restriction: || (&& (== net462) (< net46)) (== netcoreapp2.1) (== netstandard1.6) (== netstandard2.0)
      System.Threading.Thread (>= 4.3) - restriction: || (&& (== net462) (< net46)) (== netcoreapp2.1) (== netstandard1.6) (== netstandard2.0)
      System.Threading.ThreadPool (>= 4.3) - restriction: || (&& (== net462) (< net46)) (== netcoreapp2.1) (== netstandard1.6) (== netstandard2.0)
    System.Diagnostics.StackTrace (4.3) - restriction: || (&& (== net462) (== netcoreapp2.1)) (&& (== net462) (== netstandard2.0)) (&& (== net462) (< net451)) (&& (== netcoreapp2.1) (< netstandard2.0)) (== netstandard1.6)
      System.IO.FileSystem (>= 4.3) - restriction: || (&& (== net462) (< net46)) (== netcoreapp2.1) (== netstandard1.6) (== netstandard2.0)
      System.Reflection (>= 4.3) - restriction: || (&& (== net462) (< net46)) (== netcoreapp2.1) (== netstandard1.6) (== netstandard2.0)
      System.Reflection.Metadata (>= 1.4.1) - restriction: || (&& (== net462) (< net46)) (== netcoreapp2.1) (== netstandard1.6) (== netstandard2.0)
      System.Runtime (>= 4.3) - restriction: || (&& (== net462) (< net46)) (== netcoreapp2.1) (== netstandard1.6) (== netstandard2.0)
    System.Diagnostics.Tools (4.3) - restriction: || (&& (== net462) (== netcoreapp2.1)) (&& (== net462) (== netstandard2.0)) (&& (== net462) (< net45)) (&& (== net462) (< netstandard1.5) (>= uap10.0)) (&& (== net462) (< portable-net45+win8+wpa81)) (&& (== netcoreapp2.1) (< netstandard1.2)) (&& (== netcoreapp2.1) (< netstandard1.3)) (&& (== netcoreapp2.1) (< netstandard1.4)) (&& (== netcoreapp2.1) (< netstandard1.5)) (&& (== netcoreapp2.1) (< netstandard1.6)) (&& (== netcoreapp2.1) (< netstandard2.0)) (&& (== netcoreapp2.1) (< portable-net45+win8+wpa81)) (== netstandard1.6)
      Microsoft.NETCore.Platforms (>= 1.1) - restriction: || (&& (== net462) (< net45)) (&& (== net462) (< portable-net45+win8+wp8+wpa81)) (== netcoreapp2.1) (== netstandard1.6) (== netstandard2.0)
      Microsoft.NETCore.Targets (>= 1.1) - restriction: || (&& (== net462) (< net45)) (&& (== net462) (< portable-net45+win8+wp8+wpa81)) (== netcoreapp2.1) (== netstandard1.6) (== netstandard2.0)
      System.Runtime (>= 4.3) - restriction: || (&& (== net462) (< net45)) (&& (== net462) (< portable-net45+win8+wp8+wpa81)) (== netcoreapp2.1) (== netstandard1.6) (== netstandard2.0)
    System.Diagnostics.TraceSource (4.3) - restriction: || (&& (== net462) (>= netcoreapp2.0)) (&& (== net462) (>= netcoreapp2.1)) (== netcoreapp2.1) (&& (== netstandard1.6) (>= netcoreapp2.0)) (&& (== netstandard1.6) (>= netcoreapp2.1)) (&& (== netstandard2.0) (>= netcoreapp2.0)) (&& (== netstandard2.0) (>= netcoreapp2.1))
      Microsoft.NETCore.Platforms (>= 1.1) - restriction: || (&& (== net462) (< net46)) (== netcoreapp2.1) (== netstandard1.6) (== netstandard2.0)
      runtime.native.System (>= 4.3) - restriction: || (&& (== net462) (< net46)) (== netcoreapp2.1) (== netstandard1.6) (== netstandard2.0)
      System.Collections (>= 4.3) - restriction: || (&& (== net462) (< net46)) (== netcoreapp2.1) (== netstandard1.6) (== netstandard2.0)
      System.Diagnostics.Debug (>= 4.3) - restriction: || (&& (== net462) (< net46)) (== netcoreapp2.1) (== netstandard1.6) (== netstandard2.0)
      System.Globalization (>= 4.3) - restriction: || (&& (== net462) (< net46)) (== netcoreapp2.1) (== netstandard1.6) (== netstandard2.0)
      System.Resources.ResourceManager (>= 4.3) - restriction: || (&& (== net462) (< net46)) (== netcoreapp2.1) (== netstandard1.6) (== netstandard2.0)
      System.Runtime (>= 4.3) - restriction: || (&& (== net462) (< net46)) (== netcoreapp2.1) (== netstandard1.6) (== netstandard2.0)
      System.Runtime.Extensions (>= 4.3) - restriction: || (&& (== net462) (< net46)) (== netcoreapp2.1) (== netstandard1.6) (== netstandard2.0)
      System.Threading (>= 4.3) - restriction: || (&& (== net462) (< net46)) (== netcoreapp2.1) (== netstandard1.6) (== netstandard2.0)
    System.Diagnostics.Tracing (4.3) - restriction: || (&& (== net462) (== netcoreapp2.1)) (&& (== net462) (== netstandard2.0)) (&& (== net462) (< net45)) (&& (== netcoreapp2.1) (< netstandard1.3)) (&& (== netcoreapp2.1) (< netstandard2.0)) (== netstandard1.6)
      Microsoft.NETCore.Platforms (>= 1.1) - restriction: || (&& (== net462) (< net45)) (&& (== net462) (< portable-net45+win8+wpa81)) (== netcoreapp2.1) (== netstandard1.6) (== netstandard2.0)
      Microsoft.NETCore.Targets (>= 1.1) - restriction: || (&& (== net462) (< net45)) (&& (== net462) (< portable-net45+win8+wpa81)) (== netcoreapp2.1) (== netstandard1.6) (== netstandard2.0)
      System.Runtime (>= 4.3) - restriction: || (&& (== net462) (< net45)) (&& (== net462) (< portable-net45+win8+wpa81)) (== netcoreapp2.1) (== netstandard1.6) (== netstandard2.0)
    System.Dynamic.Runtime (4.3) - restriction: || (&& (== net462) (== netcoreapp2.1)) (&& (== net462) (== netstandard2.0)) (&& (== net462) (< net45)) (&& (== net462) (< netstandard1.1)) (&& (== netcoreapp2.1) (< netstandard1.1)) (&& (== netcoreapp2.1) (< netstandard2.0)) (== netstandard1.6) (&& (== netstandard2.0) (< netstandard1.1))
      System.Collections (>= 4.3) - restriction: || (&& (== net462) (< net45)) (&& (== net462) (< portable-net45+win8+wp8+wpa81)) (== netcoreapp2.1) (== netstandard1.6) (== netstandard2.0)
      System.Diagnostics.Debug (>= 4.3) - restriction: || (&& (== net462) (< net45)) (&& (== net462) (< portable-net45+win8+wp8+wpa81)) (== netcoreapp2.1) (== netstandard1.6) (== netstandard2.0)
      System.Linq (>= 4.3) - restriction: || (&& (== net462) (< net45)) (&& (== net462) (< portable-net45+win8+wp8+wpa81)) (== netcoreapp2.1) (== netstandard1.6) (== netstandard2.0)
      System.Linq.Expressions (>= 4.3) - restriction: || (&& (== net462) (< net45)) (&& (== net462) (< portable-net45+win8+wp8+wpa81)) (== netcoreapp2.1) (== netstandard1.6) (== netstandard2.0)
      System.ObjectModel (>= 4.3) - restriction: || (&& (== net462) (< net45)) (&& (== net462) (< portable-net45+win8+wp8+wpa81)) (== netcoreapp2.1) (== netstandard1.6) (== netstandard2.0)
      System.Reflection (>= 4.3) - restriction: || (&& (== net462) (< net45)) (&& (== net462) (< portable-net45+win8+wp8+wpa81)) (== netcoreapp2.1) (== netstandard1.6) (== netstandard2.0)
      System.Reflection.Emit (>= 4.3) - restriction: || (&& (== net462) (< net45)) (== netcoreapp2.1) (== netstandard1.6) (== netstandard2.0)
      System.Reflection.Emit.ILGeneration (>= 4.3) - restriction: || (&& (== net462) (< net45)) (== netcoreapp2.1) (== netstandard1.6) (== netstandard2.0)
      System.Reflection.Primitives (>= 4.3) - restriction: || (&& (== net462) (< net45)) (== netcoreapp2.1) (== netstandard1.6) (== netstandard2.0)
      System.Reflection.TypeExtensions (>= 4.3) - restriction: || (&& (== net462) (< net45)) (&& (== net462) (< portable-net45+win8+wp8+wpa81)) (== netcoreapp2.1) (== netstandard1.6) (== netstandard2.0)
      System.Resources.ResourceManager (>= 4.3) - restriction: || (&& (== net462) (< net45)) (&& (== net462) (< portable-net45+win8+wp8+wpa81)) (== netcoreapp2.1) (== netstandard1.6) (== netstandard2.0)
      System.Runtime (>= 4.3) - restriction: || (&& (== net462) (< net45)) (&& (== net462) (< portable-net45+win8+wp8+wpa81)) (== netcoreapp2.1) (== netstandard1.6) (== netstandard2.0)
      System.Runtime.Extensions (>= 4.3) - restriction: || (&& (== net462) (< net45)) (&& (== net462) (< portable-net45+win8+wp8+wpa81)) (== netcoreapp2.1) (== netstandard1.6) (== netstandard2.0)
      System.Threading (>= 4.3) - restriction: || (&& (== net462) (< net45)) (&& (== net462) (< portable-net45+win8+wp8+wpa81)) (== netcoreapp2.1) (== netstandard1.6) (== netstandard2.0)
    System.Globalization (4.3) - restriction: || (&& (== net462) (< net45)) (&& (== net462) (< net46) (>= netstandard2.0)) (&& (== net462) (>= netcoreapp2.0)) (&& (== net462) (>= netcoreapp2.1)) (== netcoreapp2.1) (== netstandard1.6) (== netstandard2.0)
      Microsoft.NETCore.Platforms (>= 1.1) - restriction: || (&& (== net462) (< net45)) (&& (== net462) (< portable-net45+win8+wp8+wpa81)) (== netcoreapp2.1) (== netstandard1.6) (== netstandard2.0)
      Microsoft.NETCore.Targets (>= 1.1) - restriction: || (&& (== net462) (< net45)) (&& (== net462) (< portable-net45+win8+wp8+wpa81)) (== netcoreapp2.1) (== netstandard1.6) (== netstandard2.0)
      System.Runtime (>= 4.3) - restriction: || (&& (== net462) (< net45)) (&& (== net462) (< portable-net45+win8+wp8+wpa81)) (== netcoreapp2.1) (== netstandard1.6) (== netstandard2.0)
    System.Globalization.Calendars (4.3) - restriction: || (&& (== net462) (== netcoreapp2.1)) (&& (== net462) (== netstandard2.0)) (&& (== net462) (< net45)) (&& (== net462) (< netstandard1.5) (>= uap10.0)) (&& (== netcoreapp2.1) (< netstandard1.4)) (&& (== netcoreapp2.1) (< netstandard1.5)) (&& (== netcoreapp2.1) (< netstandard1.6)) (&& (== netcoreapp2.1) (< netstandard2.0)) (== netstandard1.6)
      Microsoft.NETCore.Platforms (>= 1.1) - restriction: || (&& (== net462) (< net46)) (== netcoreapp2.1) (== netstandard1.6) (== netstandard2.0)
      Microsoft.NETCore.Targets (>= 1.1) - restriction: || (&& (== net462) (< net46)) (== netcoreapp2.1) (== netstandard1.6) (== netstandard2.0)
      System.Globalization (>= 4.3) - restriction: || (&& (== net462) (< net46)) (== netcoreapp2.1) (== netstandard1.6) (== netstandard2.0)
      System.Runtime (>= 4.3) - restriction: || (&& (== net462) (< net46)) (== netcoreapp2.1) (== netstandard1.6) (== netstandard2.0)
    System.Globalization.Extensions (4.3) - restriction: || (&& (== net462) (== netcoreapp2.1)) (&& (== net462) (== netstandard2.0)) (&& (== net462) (< net45)) (&& (== netcoreapp2.1) (< netstandard2.0)) (== netstandard1.6)
      Microsoft.NETCore.Platforms (>= 1.1) - restriction: || (&& (== net462) (< net46)) (== netcoreapp2.1) (== netstandard1.6) (== netstandard2.0)
      System.Globalization (>= 4.3) - restriction: || (&& (== net462) (< net46)) (== netcoreapp2.1) (== netstandard1.6) (== netstandard2.0)
      System.Resources.ResourceManager (>= 4.3) - restriction: || (&& (== net462) (< net46)) (== netcoreapp2.1) (== netstandard1.6) (== netstandard2.0)
      System.Runtime (>= 4.3) - restriction: || (&& (== net462) (< net46)) (== netcoreapp2.1) (== netstandard1.6) (== netstandard2.0)
      System.Runtime.Extensions (>= 4.3) - restriction: || (&& (== net462) (< net46)) (== netcoreapp2.1) (== netstandard1.6) (== netstandard2.0)
      System.Runtime.InteropServices (>= 4.3) - restriction: || (&& (== net462) (< net46)) (== netcoreapp2.1) (== netstandard1.6) (== netstandard2.0)
    System.IO (4.3) - restriction: || (&& (== net462) (< net45)) (&& (== net462) (< net46) (>= netstandard2.0)) (&& (== net462) (>= netcoreapp2.0)) (&& (== net462) (< netstandard1.3) (>= netstandard2.0)) (== netcoreapp2.1) (== netstandard1.6) (== netstandard2.0)
      Microsoft.NETCore.Platforms (>= 1.1) - restriction: || (&& (== net462) (< net45)) (&& (== net462) (< portable-net45+win8+wp8+wpa81)) (== netcoreapp2.1) (== netstandard1.6) (== netstandard2.0)
      Microsoft.NETCore.Targets (>= 1.1) - restriction: || (&& (== net462) (< net45)) (&& (== net462) (< portable-net45+win8+wp8+wpa81)) (== netcoreapp2.1) (== netstandard1.6) (== netstandard2.0)
      System.Runtime (>= 4.3) - restriction: || (&& (== net462) (< net45)) (&& (== net462) (< portable-net45+win8+wp8+wpa81)) (== netcoreapp2.1) (== netstandard1.6) (== netstandard2.0)
      System.Text.Encoding (>= 4.3) - restriction: || (&& (== net462) (< net45)) (&& (== net462) (< portable-net45+win8+wp8+wpa81)) (== netcoreapp2.1) (== netstandard1.6) (== netstandard2.0)
      System.Threading.Tasks (>= 4.3) - restriction: || (&& (== net462) (< net45)) (&& (== net462) (< portable-net45+win8+wp8+wpa81)) (== netcoreapp2.1) (== netstandard1.6) (== netstandard2.0)
    System.IO.Compression (4.3) - restriction: || (&& (== net462) (== netstandard2.0)) (&& (== net462) (< net45)) (&& (== net462) (>= netcoreapp2.0)) (&& (== net462) (< netstandard1.5) (>= uap10.0)) (== netcoreapp2.1) (== netstandard1.6) (&& (== netstandard2.0) (>= netcoreapp2.0))
      Microsoft.NETCore.Platforms (>= 1.1) - restriction: || (&& (== net462) (< net45)) (== netcoreapp2.1) (== netstandard1.6) (== netstandard2.0)
      runtime.native.System (>= 4.3) - restriction: || (&& (== net462) (< net45)) (== netcoreapp2.1) (== netstandard1.6) (== netstandard2.0)
      runtime.native.System.IO.Compression (>= 4.3) - restriction: || (&& (== net462) (< net45)) (&& (== net462) (< portable-net45+win8+wpa81)) (== netcoreapp2.1) (== netstandard1.6) (== netstandard2.0)
      System.Buffers (>= 4.3) - restriction: || (&& (== net462) (< net45)) (&& (== net462) (< portable-net45+win8+wpa81)) (== netcoreapp2.1) (== netstandard1.6) (== netstandard2.0)
      System.Collections (>= 4.3) - restriction: || (&& (== net462) (< net45)) (&& (== net462) (< portable-net45+win8+wpa81)) (== netcoreapp2.1) (== netstandard1.6) (== netstandard2.0)
      System.Diagnostics.Debug (>= 4.3) - restriction: || (&& (== net462) (< net45)) (&& (== net462) (< portable-net45+win8+wpa81)) (== netcoreapp2.1) (== netstandard1.6) (== netstandard2.0)
      System.IO (>= 4.3) - restriction: || (&& (== net462) (< net45)) (&& (== net462) (< portable-net45+win8+wpa81)) (== netcoreapp2.1) (== netstandard1.6) (== netstandard2.0)
      System.Resources.ResourceManager (>= 4.3) - restriction: || (&& (== net462) (< net45)) (&& (== net462) (< portable-net45+win8+wpa81)) (== netcoreapp2.1) (== netstandard1.6) (== netstandard2.0)
      System.Runtime (>= 4.3) - restriction: || (&& (== net462) (< net45)) (&& (== net462) (< portable-net45+win8+wpa81)) (== netcoreapp2.1) (== netstandard1.6) (== netstandard2.0)
      System.Runtime.Extensions (>= 4.3) - restriction: || (&& (== net462) (< net45)) (&& (== net462) (< portable-net45+win8+wpa81)) (== netcoreapp2.1) (== netstandard1.6) (== netstandard2.0)
      System.Runtime.Handles (>= 4.3) - restriction: || (&& (== net462) (< net45)) (&& (== net462) (< portable-net45+win8+wpa81)) (== netcoreapp2.1) (== netstandard1.6) (== netstandard2.0)
      System.Runtime.InteropServices (>= 4.3) - restriction: || (&& (== net462) (< net45)) (&& (== net462) (< portable-net45+win8+wpa81)) (== netcoreapp2.1) (== netstandard1.6) (== netstandard2.0)
      System.Text.Encoding (>= 4.3) - restriction: || (&& (== net462) (< net45)) (&& (== net462) (< portable-net45+win8+wpa81)) (== netcoreapp2.1) (== netstandard1.6) (== netstandard2.0)
      System.Threading (>= 4.3) - restriction: || (&& (== net462) (< net45)) (&& (== net462) (< portable-net45+win8+wpa81)) (== netcoreapp2.1) (== netstandard1.6) (== netstandard2.0)
      System.Threading.Tasks (>= 4.3) - restriction: || (&& (== net462) (< net45)) (&& (== net462) (< portable-net45+win8+wpa81)) (== netcoreapp2.1) (== netstandard1.6) (== netstandard2.0)
    System.IO.Compression.ZipFile (4.3) - restriction: || (&& (== net462) (== netcoreapp2.1)) (&& (== net462) (== netstandard2.0)) (&& (== net462) (< net45)) (&& (== net462) (< netstandard1.5) (>= uap10.0)) (&& (== netcoreapp2.1) (< netstandard1.4)) (&& (== netcoreapp2.1) (< netstandard1.5)) (&& (== netcoreapp2.1) (< netstandard1.6)) (&& (== netcoreapp2.1) (< netstandard2.0)) (== netstandard1.6)
      System.Buffers (>= 4.3) - restriction: || (&& (== net462) (< net46)) (== netcoreapp2.1) (== netstandard1.6) (== netstandard2.0)
      System.IO (>= 4.3) - restriction: || (&& (== net462) (< net46)) (== netcoreapp2.1) (== netstandard1.6) (== netstandard2.0)
      System.IO.Compression (>= 4.3) - restriction: || (&& (== net462) (< net46)) (== netcoreapp2.1) (== netstandard1.6) (== netstandard2.0)
      System.IO.FileSystem (>= 4.3) - restriction: || (&& (== net462) (< net46)) (== netcoreapp2.1) (== netstandard1.6) (== netstandard2.0)
      System.IO.FileSystem.Primitives (>= 4.3) - restriction: || (&& (== net462) (< net46)) (== netcoreapp2.1) (== netstandard1.6) (== netstandard2.0)
      System.Resources.ResourceManager (>= 4.3) - restriction: || (&& (== net462) (< net46)) (== netcoreapp2.1) (== netstandard1.6) (== netstandard2.0)
      System.Runtime (>= 4.3) - restriction: || (&& (== net462) (< net46)) (== netcoreapp2.1) (== netstandard1.6) (== netstandard2.0)
      System.Runtime.Extensions (>= 4.3) - restriction: || (&& (== net462) (< net46)) (== netcoreapp2.1) (== netstandard1.6) (== netstandard2.0)
      System.Text.Encoding (>= 4.3) - restriction: || (&& (== net462) (< net46)) (== netcoreapp2.1) (== netstandard1.6) (== netstandard2.0)
    System.IO.FileSystem (4.3) - restriction: || (&& (== net462) (< net45)) (&& (== net462) (< net46) (>= netstandard2.0)) (&& (== net462) (< netstandard1.3) (>= netstandard2.0)) (== netcoreapp2.1) (== netstandard1.6) (== netstandard2.0)
      Microsoft.NETCore.Platforms (>= 1.1) - restriction: || (&& (== net462) (< net46)) (== netcoreapp2.1) (== netstandard1.6) (== netstandard2.0)
      Microsoft.NETCore.Targets (>= 1.1) - restriction: || (&& (== net462) (< net46)) (== netcoreapp2.1) (== netstandard1.6) (== netstandard2.0)
      System.IO (>= 4.3) - restriction: || (&& (== net462) (< net46)) (== netcoreapp2.1) (== netstandard1.6) (== netstandard2.0)
      System.IO.FileSystem.Primitives (>= 4.3)
      System.Runtime (>= 4.3) - restriction: || (&& (== net462) (< net46)) (== netcoreapp2.1) (== netstandard1.6) (== netstandard2.0)
      System.Runtime.Handles (>= 4.3) - restriction: || (&& (== net462) (< net46)) (== netcoreapp2.1) (== netstandard1.6) (== netstandard2.0)
      System.Text.Encoding (>= 4.3) - restriction: || (&& (== net462) (< net46)) (== netcoreapp2.1) (== netstandard1.6) (== netstandard2.0)
      System.Threading.Tasks (>= 4.3) - restriction: || (&& (== net462) (< net46)) (== netcoreapp2.1) (== netstandard1.6) (== netstandard2.0)
    System.IO.FileSystem.Primitives (4.3) - restriction: || (&& (== net462) (< net45)) (&& (== net462) (< net46) (>= netstandard2.0)) (&& (== net462) (< netstandard1.3) (>= netstandard2.0)) (== netcoreapp2.1) (== netstandard1.6) (== netstandard2.0)
      System.Runtime (>= 4.3) - restriction: || (&& (== net462) (< net46)) (== netcoreapp2.1) (== netstandard1.6) (== netstandard2.0)
    System.Linq (4.3) - restriction: || (&& (== net462) (< net35)) (&& (== net462) (< net45)) (== netcoreapp2.1) (== netstandard1.6) (== netstandard2.0)
      System.Collections (>= 4.3) - restriction: || (&& (== net462) (< net45)) (&& (== net462) (< portable-net45+win8+wp8+wpa81)) (== netcoreapp2.1) (== netstandard1.6) (== netstandard2.0)
      System.Diagnostics.Debug (>= 4.3) - restriction: || (&& (== net462) (< net45) (>= netstandard1.6)) (&& (== net462) (< portable-net45+win8+wp8+wpa81)) (== netcoreapp2.1) (== netstandard1.6) (== netstandard2.0)
      System.Resources.ResourceManager (>= 4.3) - restriction: || (&& (== net462) (< net45) (>= netstandard1.6)) (&& (== net462) (< portable-net45+win8+wp8+wpa81)) (== netcoreapp2.1) (== netstandard1.6) (== netstandard2.0)
      System.Runtime (>= 4.3) - restriction: || (&& (== net462) (< net45)) (&& (== net462) (< portable-net45+win8+wp8+wpa81)) (== netcoreapp2.1) (== netstandard1.6) (== netstandard2.0)
      System.Runtime.Extensions (>= 4.3) - restriction: || (&& (== net462) (< net45) (>= netstandard1.6)) (&& (== net462) (< portable-net45+win8+wp8+wpa81)) (== netcoreapp2.1) (== netstandard1.6) (== netstandard2.0)
    System.Linq.Expressions (4.3) - restriction: || (&& (== net462) (< net35)) (&& (== net462) (< net45) (>= netstandard1.6)) (&& (== net462) (>= netstandard1.6) (< portable-net45+win8+wp8+wpa81)) (== netcoreapp2.1) (== netstandard1.6) (== netstandard2.0)
      System.Collections (>= 4.3) - restriction: || (&& (== net462) (< net45) (>= netstandard1.6)) (&& (== net462) (< portable-net45+win8+wp8+wpa81)) (== netcoreapp2.1) (== netstandard1.6) (== netstandard2.0)
      System.Diagnostics.Debug (>= 4.3) - restriction: || (&& (== net462) (< net45) (>= netstandard1.6)) (&& (== net462) (< portable-net45+win8+wp8+wpa81)) (== netcoreapp2.1) (== netstandard1.6) (== netstandard2.0)
      System.Globalization (>= 4.3) - restriction: || (&& (== net462) (< net45) (>= netstandard1.6)) (&& (== net462) (< portable-net45+win8+wp8+wpa81)) (== netcoreapp2.1) (== netstandard1.6) (== netstandard2.0)
      System.IO (>= 4.3) - restriction: || (&& (== net462) (< net45) (>= netstandard1.6)) (&& (== net462) (< portable-net45+win8+wp8+wpa81)) (== netcoreapp2.1) (== netstandard1.6) (== netstandard2.0)
      System.Linq (>= 4.3) - restriction: || (&& (== net462) (< net45) (>= netstandard1.6)) (&& (== net462) (< portable-net45+win8+wp8+wpa81)) (== netcoreapp2.1) (== netstandard1.6) (== netstandard2.0)
      System.ObjectModel (>= 4.3) - restriction: || (&& (== net462) (< net45) (>= netstandard1.6)) (== netcoreapp2.1) (== netstandard1.6) (== netstandard2.0)
      System.Reflection (>= 4.3) - restriction: || (&& (== net462) (< net45)) (&& (== net462) (< portable-net45+win8+wp8+wpa81)) (== netcoreapp2.1) (== netstandard1.6) (== netstandard2.0)
      System.Reflection.Emit (>= 4.3) - restriction: || (&& (== net462) (< net45) (>= netstandard1.6)) (== netcoreapp2.1) (== netstandard1.6) (== netstandard2.0)
      System.Reflection.Emit.ILGeneration (>= 4.3) - restriction: || (&& (== net462) (< net45) (>= netstandard1.6)) (&& (== net462) (< portable-net45+win8+wp8+wpa81)) (== netcoreapp2.1) (== netstandard1.6) (== netstandard2.0)
      System.Reflection.Emit.Lightweight (>= 4.3) - restriction: || (&& (== net462) (< net45) (>= netstandard1.6)) (&& (== net462) (< portable-net45+win8+wp8+wpa81)) (== netcoreapp2.1) (== netstandard1.6) (== netstandard2.0)
      System.Reflection.Extensions (>= 4.3) - restriction: || (&& (== net462) (< net45) (>= netstandard1.6)) (&& (== net462) (< portable-net45+win8+wp8+wpa81)) (== netcoreapp2.1) (== netstandard1.6) (== netstandard2.0)
      System.Reflection.Primitives (>= 4.3) - restriction: || (&& (== net462) (< net45) (>= netstandard1.6)) (&& (== net462) (< portable-net45+win8+wp8+wpa81)) (== netcoreapp2.1) (== netstandard1.6) (== netstandard2.0)
      System.Reflection.TypeExtensions (>= 4.3) - restriction: || (&& (== net462) (< net45) (>= netstandard1.6)) (&& (== net462) (< portable-net45+win8+wp8+wpa81)) (== netcoreapp2.1) (== netstandard1.6) (== netstandard2.0)
      System.Resources.ResourceManager (>= 4.3) - restriction: || (&& (== net462) (< net45) (>= netstandard1.6)) (&& (== net462) (< portable-net45+win8+wp8+wpa81)) (== netcoreapp2.1) (== netstandard1.6) (== netstandard2.0)
      System.Runtime (>= 4.3) - restriction: || (&& (== net462) (< net45)) (&& (== net462) (< portable-net45+win8+wp8+wpa81)) (== netcoreapp2.1) (== netstandard1.6) (== netstandard2.0)
      System.Runtime.Extensions (>= 4.3) - restriction: || (&& (== net462) (< net45) (>= netstandard1.6)) (&& (== net462) (< portable-net45+win8+wp8+wpa81)) (== netcoreapp2.1) (== netstandard1.6) (== netstandard2.0)
      System.Threading (>= 4.3) - restriction: || (&& (== net462) (< net45) (>= netstandard1.6)) (&& (== net462) (< portable-net45+win8+wp8+wpa81)) (== netcoreapp2.1) (== netstandard1.6) (== netstandard2.0)
    System.Linq.Queryable (4.3) - restriction: || (&& (== net462) (< net35)) (&& (== net462) (< net45) (>= netstandard1.6)) (== netcoreapp2.1) (== netstandard1.6) (== netstandard2.0)
      System.Collections (>= 4.3) - restriction: || (&& (== net462) (< net45)) (&& (== net462) (< portable-net45+win8+wp8+wpa81)) (== netcoreapp2.1) (== netstandard1.6) (== netstandard2.0)
      System.Diagnostics.Debug (>= 4.3) - restriction: || (&& (== net462) (< net45)) (&& (== net462) (< portable-net45+win8+wp8+wpa81)) (== netcoreapp2.1) (== netstandard1.6) (== netstandard2.0)
      System.Linq (>= 4.3) - restriction: || (&& (== net462) (< net45)) (&& (== net462) (< portable-net45+win8+wp8+wpa81)) (== netcoreapp2.1) (== netstandard1.6) (== netstandard2.0)
      System.Linq.Expressions (>= 4.3) - restriction: || (&& (== net462) (< net45)) (&& (== net462) (< portable-net45+win8+wp8+wpa81)) (== netcoreapp2.1) (== netstandard1.6) (== netstandard2.0)
      System.Reflection (>= 4.3) - restriction: || (&& (== net462) (< net45)) (&& (== net462) (< portable-net45+win8+wp8+wpa81)) (== netcoreapp2.1) (== netstandard1.6) (== netstandard2.0)
      System.Reflection.Extensions (>= 4.3) - restriction: || (&& (== net462) (< net45)) (&& (== net462) (< portable-net45+win8+wp8+wpa81)) (== netcoreapp2.1) (== netstandard1.6) (== netstandard2.0)
      System.Resources.ResourceManager (>= 4.3) - restriction: || (&& (== net462) (< net45)) (&& (== net462) (< portable-net45+win8+wp8+wpa81)) (== netcoreapp2.1) (== netstandard1.6) (== netstandard2.0)
      System.Runtime (>= 4.3) - restriction: || (&& (== net462) (< net45)) (&& (== net462) (< portable-net45+win8+wp8+wpa81)) (== netcoreapp2.1) (== netstandard1.6) (== netstandard2.0)
    System.Memory (4.5.1) - restriction: || (&& (== net462) (< net45) (>= netstandard2.0)) (&& (== net462) (>= netcoreapp2.0)) (&& (== net462) (>= netcoreapp2.1)) (== netcoreapp2.1) (&& (== netstandard1.6) (>= netcoreapp2.0)) (&& (== netstandard1.6) (>= netcoreapp2.1)) (&& (== netstandard1.6) (>= netstandard2.0)) (== netstandard2.0)
      System.Runtime.CompilerServices.Unsafe (>= 4.5)
    System.Net.Http (4.3.3) - restriction: || (&& (== net462) (== netcoreapp2.1)) (&& (== net462) (== netstandard2.0)) (&& (== net462) (< net45)) (&& (== net462) (< netstandard1.5) (>= uap10.0)) (&& (== netcoreapp2.1) (< netstandard1.2)) (&& (== netcoreapp2.1) (< netstandard1.3)) (&& (== netcoreapp2.1) (< netstandard1.4)) (&& (== netcoreapp2.1) (< netstandard1.5)) (&& (== netcoreapp2.1) (< netstandard1.6)) (&& (== netcoreapp2.1) (< netstandard2.0)) (== netstandard1.6)
      Microsoft.NETCore.Platforms (>= 1.1) - restriction: || (&& (== net462) (< net45)) (&& (== net462) (< portable-net45+win8+wpa81)) (== netcoreapp2.1) (== netstandard1.6) (== netstandard2.0)
      runtime.native.System (>= 4.3) - restriction: || (&& (== net462) (< net45) (>= netstandard1.6)) (== netcoreapp2.1) (== netstandard1.6) (== netstandard2.0)
      runtime.native.System.Net.Http (>= 4.3) - restriction: || (&& (== net462) (< net45) (>= netstandard1.6)) (== netcoreapp2.1) (== netstandard1.6) (== netstandard2.0)
      runtime.native.System.Security.Cryptography.OpenSsl (>= 4.3.2) - restriction: || (&& (== net462) (< net45) (>= netstandard1.6)) (== netcoreapp2.1) (== netstandard1.6) (== netstandard2.0)
      System.Collections (>= 4.3) - restriction: || (&& (== net462) (< net45)) (&& (== net462) (< portable-net45+win8+wpa81)) (== netcoreapp2.1) (== netstandard1.6) (== netstandard2.0)
      System.Diagnostics.Debug (>= 4.3) - restriction: || (&& (== net462) (< net45)) (&& (== net462) (< portable-net45+win8+wpa81)) (== netcoreapp2.1) (== netstandard1.6) (== netstandard2.0)
      System.Diagnostics.DiagnosticSource (>= 4.3) - restriction: || (&& (== net462) (< net45)) (&& (== net462) (< portable-net45+win8+wpa81)) (== netcoreapp2.1) (== netstandard1.6) (== netstandard2.0)
      System.Diagnostics.Tracing (>= 4.3) - restriction: || (&& (== net462) (< net45)) (&& (== net462) (< portable-net45+win8+wpa81)) (== netcoreapp2.1) (== netstandard1.6) (== netstandard2.0)
      System.Globalization (>= 4.3) - restriction: || (&& (== net462) (< net45)) (&& (== net462) (< portable-net45+win8+wpa81)) (== netcoreapp2.1) (== netstandard1.6) (== netstandard2.0)
      System.Globalization.Extensions (>= 4.3) - restriction: || (&& (== net462) (< net45) (>= netstandard1.6)) (== netcoreapp2.1) (== netstandard1.6) (== netstandard2.0)
      System.IO (>= 4.3) - restriction: || (&& (== net462) (< net45)) (&& (== net462) (< portable-net45+win8+wpa81)) (== netcoreapp2.1) (== netstandard1.6) (== netstandard2.0)
      System.IO.FileSystem (>= 4.3) - restriction: || (&& (== net462) (< net45) (>= netstandard1.6)) (== netcoreapp2.1) (== netstandard1.6) (== netstandard2.0)
      System.Net.Primitives (>= 4.3) - restriction: || (&& (== net462) (< net45)) (&& (== net462) (< portable-net45+win8+wpa81)) (== netcoreapp2.1) (== netstandard1.6) (== netstandard2.0)
      System.Resources.ResourceManager (>= 4.3) - restriction: || (&& (== net462) (< net45)) (&& (== net462) (< portable-net45+win8+wpa81)) (== netcoreapp2.1) (== netstandard1.6) (== netstandard2.0)
      System.Runtime (>= 4.3) - restriction: || (&& (== net462) (< net45)) (&& (== net462) (< portable-net45+win8+wpa81)) (== netcoreapp2.1) (== netstandard1.6) (== netstandard2.0)
      System.Runtime.Extensions (>= 4.3) - restriction: || (&& (== net462) (< net45)) (&& (== net462) (< portable-net45+win8+wpa81)) (== netcoreapp2.1) (== netstandard1.6) (== netstandard2.0)
      System.Runtime.Handles (>= 4.3) - restriction: || (&& (== net462) (< net45)) (== netcoreapp2.1) (== netstandard1.6) (== netstandard2.0)
      System.Runtime.InteropServices (>= 4.3) - restriction: || (&& (== net462) (< net45)) (&& (== net462) (< portable-net45+win8+wpa81)) (== netcoreapp2.1) (== netstandard1.6) (== netstandard2.0)
      System.Security.Cryptography.Algorithms (>= 4.3) - restriction: || (&& (== net462) (< net45) (>= netstandard1.6)) (== netcoreapp2.1) (== netstandard1.6) (== netstandard2.0)
      System.Security.Cryptography.Encoding (>= 4.3) - restriction: || (&& (== net462) (< net45)) (== netcoreapp2.1) (== netstandard1.6) (== netstandard2.0)
      System.Security.Cryptography.OpenSsl (>= 4.3) - restriction: || (&& (== net462) (< net45) (>= netstandard1.6)) (== netcoreapp2.1) (== netstandard1.6) (== netstandard2.0)
      System.Security.Cryptography.Primitives (>= 4.3) - restriction: || (&& (== net462) (< net45) (>= netstandard1.6)) (== netcoreapp2.1) (== netstandard1.6) (== netstandard2.0)
      System.Security.Cryptography.X509Certificates (>= 4.3)
      System.Text.Encoding (>= 4.3) - restriction: || (&& (== net462) (< net45)) (&& (== net462) (< portable-net45+win8+wpa81)) (== netcoreapp2.1) (== netstandard1.6) (== netstandard2.0)
      System.Threading (>= 4.3) - restriction: || (&& (== net462) (< net45)) (&& (== net462) (< portable-net45+win8+wpa81)) (== netcoreapp2.1) (== netstandard1.6) (== netstandard2.0)
      System.Threading.Tasks (>= 4.3) - restriction: || (&& (== net462) (< net45)) (&& (== net462) (< portable-net45+win8+wpa81)) (== netcoreapp2.1) (== netstandard1.6) (== netstandard2.0)
    System.Net.NameResolution (4.3) - restriction: || (&& (== net462) (== netcoreapp2.1)) (&& (== net462) (== netstandard2.0)) (&& (== net462) (< net45)) (&& (== netcoreapp2.1) (< netstandard2.0)) (== netstandard1.6)
      Microsoft.NETCore.Platforms (>= 1.1) - restriction: || (&& (== net462) (< net46)) (&& (== net462) (< netstandard1.3)) (== netcoreapp2.1) (== netstandard1.6) (== netstandard2.0)
      runtime.native.System (>= 4.3) - restriction: || (&& (== net462) (< net46)) (== netcoreapp2.1) (== netstandard1.6) (== netstandard2.0)
      System.Collections (>= 4.3) - restriction: || (&& (== net462) (< net46)) (&& (== net462) (< netstandard1.3)) (== netcoreapp2.1) (== netstandard1.6) (== netstandard2.0)
      System.Diagnostics.Tracing (>= 4.3) - restriction: || (&& (== net462) (< net46)) (&& (== net462) (< netstandard1.3)) (== netcoreapp2.1) (== netstandard1.6) (== netstandard2.0)
      System.Globalization (>= 4.3) - restriction: || (&& (== net462) (< net46)) (&& (== net462) (< netstandard1.3)) (== netcoreapp2.1) (== netstandard1.6) (== netstandard2.0)
      System.Net.Primitives (>= 4.3) - restriction: || (&& (== net462) (< net46)) (&& (== net462) (< netstandard1.3)) (== netcoreapp2.1) (== netstandard1.6) (== netstandard2.0)
      System.Resources.ResourceManager (>= 4.3) - restriction: || (&& (== net462) (< net46)) (&& (== net462) (< netstandard1.3)) (== netcoreapp2.1) (== netstandard1.6) (== netstandard2.0)
      System.Runtime (>= 4.3) - restriction: || (&& (== net462) (< net46)) (&& (== net462) (< netstandard1.3)) (== netcoreapp2.1) (== netstandard1.6) (== netstandard2.0)
      System.Runtime.Extensions (>= 4.3) - restriction: || (&& (== net462) (< net46)) (&& (== net462) (< netstandard1.3)) (== netcoreapp2.1) (== netstandard1.6) (== netstandard2.0)
      System.Runtime.Handles (>= 4.3) - restriction: || (&& (== net462) (< net46)) (&& (== net462) (< netstandard1.3)) (== netcoreapp2.1) (== netstandard1.6) (== netstandard2.0)
      System.Runtime.InteropServices (>= 4.3) - restriction: || (&& (== net462) (< net46)) (&& (== net462) (< netstandard1.3)) (== netcoreapp2.1) (== netstandard1.6) (== netstandard2.0)
      System.Security.Principal.Windows (>= 4.3) - restriction: || (&& (== net462) (< net46)) (== netcoreapp2.1) (== netstandard1.6) (== netstandard2.0)
      System.Threading (>= 4.3) - restriction: || (&& (== net462) (< net46)) (&& (== net462) (< netstandard1.3)) (== netcoreapp2.1) (== netstandard1.6) (== netstandard2.0)
      System.Threading.Tasks (>= 4.3) - restriction: || (&& (== net462) (< net46)) (&& (== net462) (< netstandard1.3)) (== netcoreapp2.1) (== netstandard1.6) (== netstandard2.0)
    System.Net.NetworkInformation (4.3) - restriction: || (&& (== net462) (== netcoreapp2.1)) (&& (== net462) (== netstandard2.0)) (&& (== net462) (< net45)) (&& (== netcoreapp2.1) (< netstandard2.0)) (== netstandard1.6)
      Microsoft.NETCore.Platforms (>= 1.1) - restriction: || (&& (== net462) (< net45)) (&& (== net462) (< portable-net45+win8+wp8+wpa81)) (== netcoreapp2.1) (== netstandard1.6) (== netstandard2.0)
      Microsoft.Win32.Primitives (>= 4.3) - restriction: || (&& (== net462) (< net45)) (&& (== net462) (< portable-net45+win8+wp8+wpa81)) (== netcoreapp2.1) (== netstandard1.6) (== netstandard2.0)
      runtime.native.System (>= 4.3) - restriction: || (&& (== net462) (< net45)) (== netcoreapp2.1) (== netstandard1.6) (== netstandard2.0)
      System.Collections (>= 4.3) - restriction: || (&& (== net462) (< net45)) (&& (== net462) (< portable-net45+win8+wp8+wpa81)) (== netcoreapp2.1) (== netstandard1.6) (== netstandard2.0)
      System.Diagnostics.Tracing (>= 4.3) - restriction: || (&& (== net462) (< net45)) (&& (== net462) (< portable-net45+win8+wp8+wpa81)) (== netcoreapp2.1) (== netstandard1.6) (== netstandard2.0)
      System.Globalization (>= 4.3) - restriction: || (&& (== net462) (< net45)) (&& (== net462) (< portable-net45+win8+wp8+wpa81)) (== netcoreapp2.1) (== netstandard1.6) (== netstandard2.0)
      System.IO (>= 4.3) - restriction: || (&& (== net462) (< net45)) (== netcoreapp2.1) (== netstandard1.6) (== netstandard2.0)
      System.IO.FileSystem (>= 4.3) - restriction: || (&& (== net462) (< net45)) (== netcoreapp2.1) (== netstandard1.6) (== netstandard2.0)
      System.IO.FileSystem.Primitives (>= 4.3) - restriction: || (&& (== net462) (< net45)) (== netcoreapp2.1) (== netstandard1.6) (== netstandard2.0)
      System.Linq (>= 4.3) - restriction: || (&& (== net462) (< net45)) (== netcoreapp2.1) (== netstandard1.6) (== netstandard2.0)
      System.Net.Primitives (>= 4.3) - restriction: || (&& (== net462) (< net45)) (&& (== net462) (< portable-net45+win8+wp8+wpa81)) (== netcoreapp2.1) (== netstandard1.6) (== netstandard2.0)
      System.Net.Sockets (>= 4.3) - restriction: || (&& (== net462) (< net45)) (== netcoreapp2.1) (== netstandard1.6) (== netstandard2.0)
      System.Resources.ResourceManager (>= 4.3) - restriction: || (&& (== net462) (< net45)) (&& (== net462) (< portable-net45+win8+wp8+wpa81)) (== netcoreapp2.1) (== netstandard1.6) (== netstandard2.0)
      System.Runtime (>= 4.3) - restriction: || (&& (== net462) (< net45)) (&& (== net462) (< portable-net45+win8+wp8+wpa81)) (== netcoreapp2.1) (== netstandard1.6) (== netstandard2.0)
      System.Runtime.Extensions (>= 4.3) - restriction: || (&& (== net462) (< net45)) (&& (== net462) (< portable-net45+win8+wp8+wpa81)) (== netcoreapp2.1) (== netstandard1.6) (== netstandard2.0)
      System.Runtime.Handles (>= 4.3) - restriction: || (&& (== net462) (< net45)) (== netcoreapp2.1) (== netstandard1.6) (== netstandard2.0)
      System.Runtime.InteropServices (>= 4.3) - restriction: || (&& (== net462) (< net45)) (&& (== net462) (< portable-net45+win8+wp8+wpa81)) (== netcoreapp2.1) (== netstandard1.6) (== netstandard2.0)
      System.Security.Principal.Windows (>= 4.3) - restriction: || (&& (== net462) (< net45)) (== netcoreapp2.1) (== netstandard1.6) (== netstandard2.0)
      System.Threading (>= 4.3) - restriction: || (&& (== net462) (< net45)) (&& (== net462) (< portable-net45+win8+wp8+wpa81)) (== netcoreapp2.1) (== netstandard1.6) (== netstandard2.0)
      System.Threading.Overlapped (>= 4.3) - restriction: || (&& (== net462) (< net45)) (== netcoreapp2.1) (== netstandard1.6) (== netstandard2.0)
      System.Threading.Tasks (>= 4.3) - restriction: || (&& (== net462) (< net45)) (&& (== net462) (< portable-net45+win8+wp8+wpa81)) (== netcoreapp2.1) (== netstandard1.6) (== netstandard2.0)
      System.Threading.Thread (>= 4.3) - restriction: || (&& (== net462) (< net45)) (== netcoreapp2.1) (== netstandard1.6) (== netstandard2.0)
      System.Threading.ThreadPool (>= 4.3) - restriction: || (&& (== net462) (< net45)) (== netcoreapp2.1) (== netstandard1.6) (== netstandard2.0)
    System.Net.Primitives (4.3) - restriction: || (&& (== net462) (== netcoreapp2.1)) (&& (== net462) (== netstandard2.0)) (&& (== net462) (< net45)) (&& (== netcoreapp2.1) (< netstandard1.3)) (&& (== netcoreapp2.1) (< netstandard2.0)) (== netstandard1.6)
      Microsoft.NETCore.Platforms (>= 1.1) - restriction: || (&& (== net462) (< net45)) (&& (== net462) (< netstandard1.1)) (&& (== net462) (< portable-net45+win8+wp8+wpa81)) (== netcoreapp2.1) (== netstandard1.6) (== netstandard2.0)
      Microsoft.NETCore.Targets (>= 1.1) - restriction: || (&& (== net462) (< net45)) (&& (== net462) (< netstandard1.1)) (&& (== net462) (< portable-net45+win8+wp8+wpa81)) (== netcoreapp2.1) (== netstandard1.6) (== netstandard2.0)
      System.Runtime (>= 4.3) - restriction: || (&& (== net462) (< net45)) (&& (== net462) (< netstandard1.1)) (&& (== net462) (< portable-net45+win8+wp8+wpa81)) (== netcoreapp2.1) (== netstandard1.6) (== netstandard2.0)
      System.Runtime.Handles (>= 4.3) - restriction: || (&& (== net462) (< net45)) (&& (== net462) (< portable-net45+win8+wp8+wpa81)) (== netcoreapp2.1) (== netstandard1.6) (== netstandard2.0)
    System.Net.Requests (4.3) - restriction: || (&& (== net462) (== netcoreapp2.1)) (&& (== net462) (== netstandard2.0)) (&& (== net462) (< net45) (>= netstandard1.6)) (&& (== netcoreapp2.1) (< netstandard2.0)) (== netstandard1.6)
      Microsoft.NETCore.Platforms (>= 1.1) - restriction: || (&& (== net462) (< net45)) (== netcoreapp2.1) (== netstandard1.6) (== netstandard2.0)
      System.Collections (>= 4.3) - restriction: || (&& (== net462) (< net45)) (&& (== net462) (< portable-net45+win8+wp8+wpa81)) (== netcoreapp2.1) (== netstandard1.6) (== netstandard2.0)
      System.Diagnostics.Debug (>= 4.3) - restriction: || (&& (== net462) (< net45)) (&& (== net462) (< portable-net45+win8+wp8+wpa81)) (== netcoreapp2.1) (== netstandard1.6) (== netstandard2.0)
      System.Diagnostics.Tracing (>= 4.3) - restriction: || (&& (== net462) (< net45)) (&& (== net462) (< portable-net45+win8+wp8+wpa81)) (== netcoreapp2.1) (== netstandard1.6) (== netstandard2.0)
      System.Globalization (>= 4.3) - restriction: || (&& (== net462) (< net45)) (&& (== net462) (< portable-net45+win8+wp8+wpa81)) (== netcoreapp2.1) (== netstandard1.6) (== netstandard2.0)
      System.IO (>= 4.3) - restriction: || (&& (== net462) (< net45)) (&& (== net462) (< netstandard1.1)) (&& (== net462) (< portable-net45+win8+wp8+wpa81)) (== netcoreapp2.1) (== netstandard1.6) (== netstandard2.0)
      System.Net.Http (>= 4.3) - restriction: || (&& (== net462) (< net45)) (&& (== net462) (< portable-net45+win8+wp8+wpa81)) (== netcoreapp2.1) (== netstandard1.6) (== netstandard2.0)
      System.Net.Primitives (>= 4.3) - restriction: || (&& (== net462) (< net45)) (&& (== net462) (< netstandard1.1)) (&& (== net462) (< portable-net45+win8+wp8+wpa81)) (== netcoreapp2.1) (== netstandard1.6) (== netstandard2.0)
      System.Net.WebHeaderCollection (>= 4.3) - restriction: || (&& (== net462) (< net45)) (&& (== net462) (< portable-net45+win8+wp8+wpa81)) (== netcoreapp2.1) (== netstandard1.6) (== netstandard2.0)
      System.Resources.ResourceManager (>= 4.3) - restriction: || (&& (== net462) (< net45)) (&& (== net462) (< portable-net45+win8+wp8+wpa81)) (== netcoreapp2.1) (== netstandard1.6) (== netstandard2.0)
      System.Runtime (>= 4.3) - restriction: || (&& (== net462) (< net45)) (&& (== net462) (< netstandard1.1)) (&& (== net462) (< portable-net45+win8+wp8+wpa81)) (== netcoreapp2.1) (== netstandard1.6) (== netstandard2.0)
      System.Threading (>= 4.3) - restriction: || (&& (== net462) (< net45)) (&& (== net462) (< portable-net45+win8+wp8+wpa81)) (== netcoreapp2.1) (== netstandard1.6) (== netstandard2.0)
      System.Threading.Tasks (>= 4.3) - restriction: || (&& (== net462) (< net45)) (&& (== net462) (< portable-net45+win8+wp8+wpa81)) (== netcoreapp2.1) (== netstandard1.6) (== netstandard2.0)
    System.Net.Security (4.3.2) - restriction: || (&& (== net462) (== netcoreapp2.1)) (&& (== net462) (== netstandard2.0)) (&& (== net462) (< net45)) (&& (== netcoreapp2.1) (< netstandard2.0)) (== netstandard1.6)
      Microsoft.NETCore.Platforms (>= 1.1) - restriction: || (&& (== net462) (< net46)) (== netcoreapp2.1) (== netstandard1.6) (== netstandard2.0)
      Microsoft.Win32.Primitives (>= 4.3) - restriction: || (&& (== net462) (< net46)) (== netcoreapp2.1) (== netstandard1.6) (== netstandard2.0)
      runtime.native.System (>= 4.3) - restriction: || (&& (== net462) (< net46) (>= netstandard1.6)) (== netcoreapp2.1) (== netstandard1.6) (== netstandard2.0)
      runtime.native.System.Net.Security (>= 4.3) - restriction: || (&& (== net462) (< net46) (>= netstandard1.6)) (== netcoreapp2.1) (== netstandard1.6) (== netstandard2.0)
      runtime.native.System.Security.Cryptography.OpenSsl (>= 4.3.2) - restriction: || (&& (== net462) (< net46) (>= netstandard1.6)) (== netcoreapp2.1) (== netstandard1.6) (== netstandard2.0)
      System.Collections (>= 4.3) - restriction: || (&& (== net462) (< net46)) (== netcoreapp2.1) (== netstandard1.6) (== netstandard2.0)
      System.Collections.Concurrent (>= 4.3) - restriction: || (&& (== net462) (< net46)) (== netcoreapp2.1) (== netstandard1.6) (== netstandard2.0)
      System.Diagnostics.Tracing (>= 4.3) - restriction: || (&& (== net462) (< net46)) (== netcoreapp2.1) (== netstandard1.6) (== netstandard2.0)
      System.Globalization (>= 4.3) - restriction: || (&& (== net462) (< net46)) (== netcoreapp2.1) (== netstandard1.6) (== netstandard2.0)
      System.Globalization.Extensions (>= 4.3) - restriction: || (&& (== net462) (< net46) (>= netstandard1.6)) (== netcoreapp2.1) (== netstandard1.6) (== netstandard2.0)
      System.IO (>= 4.3) - restriction: || (&& (== net462) (< net46)) (== netcoreapp2.1) (== netstandard1.6) (== netstandard2.0)
      System.Net.Primitives (>= 4.3) - restriction: || (&& (== net462) (< net46)) (== netcoreapp2.1) (== netstandard1.6) (== netstandard2.0)
      System.Resources.ResourceManager (>= 4.3) - restriction: || (&& (== net462) (< net46)) (== netcoreapp2.1) (== netstandard1.6) (== netstandard2.0)
      System.Runtime (>= 4.3) - restriction: || (&& (== net462) (< net46)) (== netcoreapp2.1) (== netstandard1.6) (== netstandard2.0)
      System.Runtime.Extensions (>= 4.3) - restriction: || (&& (== net462) (< net46)) (== netcoreapp2.1) (== netstandard1.6) (== netstandard2.0)
      System.Runtime.Handles (>= 4.3) - restriction: || (&& (== net462) (< net46)) (== netcoreapp2.1) (== netstandard1.6) (== netstandard2.0)
      System.Runtime.InteropServices (>= 4.3) - restriction: || (&& (== net462) (< net46)) (== netcoreapp2.1) (== netstandard1.6) (== netstandard2.0)
      System.Security.Claims (>= 4.3) - restriction: || (&& (== net462) (< net46)) (== netcoreapp2.1) (== netstandard1.6) (== netstandard2.0)
      System.Security.Cryptography.Algorithms (>= 4.3) - restriction: || (&& (== net462) (< net46) (>= netstandard1.6)) (== netcoreapp2.1) (== netstandard1.6) (== netstandard2.0)
      System.Security.Cryptography.Encoding (>= 4.3) - restriction: || (&& (== net462) (< net46)) (== netcoreapp2.1) (== netstandard1.6) (== netstandard2.0)
      System.Security.Cryptography.OpenSsl (>= 4.3) - restriction: || (&& (== net462) (< net46) (>= netstandard1.6)) (== netcoreapp2.1) (== netstandard1.6) (== netstandard2.0)
      System.Security.Cryptography.Primitives (>= 4.3) - restriction: || (&& (== net462) (< net46)) (== netcoreapp2.1) (== netstandard1.6) (== netstandard2.0)
      System.Security.Cryptography.X509Certificates (>= 4.3)
      System.Security.Principal (>= 4.3) - restriction: || (&& (== net462) (< net46)) (== netcoreapp2.1) (== netstandard1.6) (== netstandard2.0)
      System.Text.Encoding (>= 4.3) - restriction: || (&& (== net462) (< net46) (>= netstandard1.6)) (== netcoreapp2.1) (== netstandard1.6) (== netstandard2.0)
      System.Threading (>= 4.3) - restriction: || (&& (== net462) (< net46)) (== netcoreapp2.1) (== netstandard1.6) (== netstandard2.0)
      System.Threading.Tasks (>= 4.3) - restriction: || (&& (== net462) (< net46)) (== netcoreapp2.1) (== netstandard1.6) (== netstandard2.0)
      System.Threading.ThreadPool (>= 4.3) - restriction: || (&& (== net462) (< net46)) (== netcoreapp2.1) (== netstandard1.6) (== netstandard2.0)
    System.Net.Sockets (4.3) - restriction: || (&& (== net462) (== netcoreapp2.1)) (&& (== net462) (== netstandard2.0)) (&& (== net462) (< net45)) (&& (== netcoreapp2.1) (< netstandard2.0)) (== netstandard1.6)
      Microsoft.NETCore.Platforms (>= 1.1) - restriction: || (&& (== net462) (< net46)) (== netcoreapp2.1) (== netstandard1.6) (== netstandard2.0)
      Microsoft.NETCore.Targets (>= 1.1) - restriction: || (&& (== net462) (< net46)) (== netcoreapp2.1) (== netstandard1.6) (== netstandard2.0)
      System.IO (>= 4.3) - restriction: || (&& (== net462) (< net46)) (== netcoreapp2.1) (== netstandard1.6) (== netstandard2.0)
      System.Net.Primitives (>= 4.3) - restriction: || (&& (== net462) (< net46)) (== netcoreapp2.1) (== netstandard1.6) (== netstandard2.0)
      System.Runtime (>= 4.3) - restriction: || (&& (== net462) (< net46)) (== netcoreapp2.1) (== netstandard1.6) (== netstandard2.0)
      System.Threading.Tasks (>= 4.3) - restriction: || (&& (== net462) (< net46)) (== netcoreapp2.1) (== netstandard1.6) (== netstandard2.0)
    System.Net.WebHeaderCollection (4.3) - restriction: || (&& (== net462) (== netcoreapp2.1)) (&& (== net462) (== netstandard2.0)) (&& (== net462) (< net45) (>= netstandard1.6)) (&& (== net462) (>= netstandard1.6) (< portable-net45+win8+wp8+wpa81)) (&& (== netcoreapp2.1) (< netstandard2.0)) (&& (== netcoreapp2.1) (< portable-net45+win8+wp8+wpa81)) (== netstandard1.6)
      System.Collections (>= 4.3) - restriction: || (&& (== net462) (< net46)) (== netcoreapp2.1) (== netstandard1.6) (== netstandard2.0)
      System.Resources.ResourceManager (>= 4.3) - restriction: || (&& (== net462) (< net46)) (== netcoreapp2.1) (== netstandard1.6) (== netstandard2.0)
      System.Runtime (>= 4.3) - restriction: || (&& (== net462) (< net46)) (== netcoreapp2.1) (== netstandard1.6) (== netstandard2.0)
      System.Runtime.Extensions (>= 4.3) - restriction: || (&& (== net462) (< net46)) (== netcoreapp2.1) (== netstandard1.6) (== netstandard2.0)
    System.ObjectModel (4.3) - restriction: || (&& (== net462) (< net35)) (&& (== net462) (< net45) (>= netstandard1.6)) (== netcoreapp2.1) (== netstandard1.6) (== netstandard2.0)
      System.Collections (>= 4.3) - restriction: || (&& (== net462) (< net45)) (&& (== net462) (< portable-net45+win8+wp8+wpa81)) (== netcoreapp2.1) (== netstandard1.6) (== netstandard2.0)
      System.Diagnostics.Debug (>= 4.3) - restriction: || (&& (== net462) (< net45)) (&& (== net462) (< portable-net45+win8+wp8+wpa81)) (== netcoreapp2.1) (== netstandard1.6) (== netstandard2.0)
      System.Resources.ResourceManager (>= 4.3) - restriction: || (&& (== net462) (< net45)) (&& (== net462) (< portable-net45+win8+wp8+wpa81)) (== netcoreapp2.1) (== netstandard1.6) (== netstandard2.0)
      System.Runtime (>= 4.3) - restriction: || (&& (== net462) (< net45)) (&& (== net462) (< portable-net45+win8+wp8+wpa81)) (== netcoreapp2.1) (== netstandard1.6) (== netstandard2.0)
      System.Threading (>= 4.3) - restriction: || (&& (== net462) (< net45)) (&& (== net462) (< portable-net45+win8+wp8+wpa81)) (== netcoreapp2.1) (== netstandard1.6) (== netstandard2.0)
    System.Reflection (4.3) - restriction: || (&& (== net462) (< net45)) (&& (== net462) (>= netcoreapp1.1) (>= netstandard2.0)) (&& (== net462) (>= netcoreapp2.0)) (&& (== net462) (>= netstandard2.0) (< portable-net45+win8+wpa81)) (== netcoreapp2.1) (== netstandard1.6) (== netstandard2.0)
      Microsoft.NETCore.Platforms (>= 1.1) - restriction: || (&& (== net462) (< net45)) (&& (== net462) (< portable-net45+win8+wp8+wpa81)) (== netcoreapp2.1) (== netstandard1.6) (== netstandard2.0)
      Microsoft.NETCore.Targets (>= 1.1) - restriction: || (&& (== net462) (< net45)) (&& (== net462) (< portable-net45+win8+wp8+wpa81)) (== netcoreapp2.1) (== netstandard1.6) (== netstandard2.0)
      System.IO (>= 4.3) - restriction: || (&& (== net462) (< net45)) (&& (== net462) (< portable-net45+win8+wp8+wpa81)) (== netcoreapp2.1) (== netstandard1.6) (== netstandard2.0)
      System.Reflection.Primitives (>= 4.3) - restriction: || (&& (== net462) (< net45)) (&& (== net462) (< portable-net45+win8+wp8+wpa81)) (== netcoreapp2.1) (== netstandard1.6) (== netstandard2.0)
      System.Runtime (>= 4.3) - restriction: || (&& (== net462) (< net45)) (&& (== net462) (< portable-net45+win8+wp8+wpa81)) (== netcoreapp2.1) (== netstandard1.6) (== netstandard2.0)
    System.Reflection.Emit (4.3) - restriction: || (&& (== net462) (== netcoreapp2.1)) (&& (== net462) (== netstandard2.0)) (&& (== net462) (< net45) (>= netstandard1.6)) (&& (== netcoreapp2.1) (< netstandard2.0)) (== netstandard1.6)
      System.IO (>= 4.3) - restriction: || (&& (== net462) (< net45)) (== netcoreapp2.1) (== netstandard1.6) (== netstandard2.0)
      System.Reflection (>= 4.3) - restriction: || (&& (== net462) (< net45)) (== netcoreapp2.1) (== netstandard1.6) (== netstandard2.0)
      System.Reflection.Emit.ILGeneration (>= 4.3) - restriction: || (&& (== net462) (< net45)) (== netcoreapp2.1) (== netstandard1.6) (== netstandard2.0)
      System.Reflection.Primitives (>= 4.3) - restriction: || (&& (== net462) (< net45)) (== netcoreapp2.1) (== netstandard1.6) (== netstandard2.0)
      System.Runtime (>= 4.3) - restriction: || (&& (== net462) (< net45)) (== netcoreapp2.1) (== netstandard1.6) (== netstandard2.0)
    System.Reflection.Emit.ILGeneration (4.3) - restriction: || (&& (== net462) (< net45)) (&& (== net462) (>= netstandard1.6) (< portable-net45+win8+wp8+wpa81)) (== netcoreapp2.1) (== netstandard1.6) (== netstandard2.0)
      System.Reflection (>= 4.3) - restriction: || (&& (== net462) (< net45)) (== netcoreapp2.1) (== netstandard1.6) (== netstandard2.0)
      System.Reflection.Primitives (>= 4.3) - restriction: || (&& (== net462) (< net45)) (== netcoreapp2.1) (== netstandard1.6) (== netstandard2.0)
      System.Runtime (>= 4.3) - restriction: || (&& (== net462) (< net45)) (== netcoreapp2.1) (== netstandard1.6) (== netstandard2.0)
    System.Reflection.Emit.Lightweight (4.3)
      System.Reflection (>= 4.3) - restriction: || (&& (== net462) (< net45)) (== netcoreapp2.1) (== netstandard1.6) (== netstandard2.0)
      System.Reflection.Emit.ILGeneration (>= 4.3) - restriction: || (&& (== net462) (< net45)) (== netcoreapp2.1) (== netstandard1.6) (== netstandard2.0)
      System.Reflection.Primitives (>= 4.3) - restriction: || (&& (== net462) (< net45)) (== netcoreapp2.1) (== netstandard1.6) (== netstandard2.0)
      System.Runtime (>= 4.3) - restriction: || (&& (== net462) (< net45)) (== netcoreapp2.1) (== netstandard1.6) (== netstandard2.0)
    System.Reflection.Extensions (4.3) - restriction: || (&& (== net462) (< net35)) (&& (== net462) (< net45)) (&& (== net462) (>= netcoreapp2.0)) (== netcoreapp2.1) (== netstandard1.6) (== netstandard2.0)
      Microsoft.NETCore.Platforms (>= 1.1) - restriction: || (&& (== net462) (< net45)) (&& (== net462) (< portable-net45+win8+wp8+wpa81)) (== netcoreapp2.1) (== netstandard1.6) (== netstandard2.0)
      Microsoft.NETCore.Targets (>= 1.1) - restriction: || (&& (== net462) (< net45)) (&& (== net462) (< portable-net45+win8+wp8+wpa81)) (== netcoreapp2.1) (== netstandard1.6) (== netstandard2.0)
      System.Reflection (>= 4.3) - restriction: || (&& (== net462) (< net45)) (&& (== net462) (< portable-net45+win8+wp8+wpa81)) (== netcoreapp2.1) (== netstandard1.6) (== netstandard2.0)
      System.Runtime (>= 4.3) - restriction: || (&& (== net462) (< net45)) (&& (== net462) (< portable-net45+win8+wp8+wpa81)) (== netcoreapp2.1) (== netstandard1.6) (== netstandard2.0)
    System.Reflection.Metadata (1.6) - restriction: || (&& (== net462) (< net451)) (&& (== net462) (< net46) (>= netstandard2.0)) (&& (== net462) (>= netcoreapp2.0)) (&& (== net462) (>= netcoreapp2.1)) (&& (== net462) (< netstandard1.3) (>= netstandard2.0)) (== netcoreapp2.1) (== netstandard1.6) (== netstandard2.0)
    System.Reflection.Primitives (4.3) - restriction: || (&& (== net462) (< net45)) (&& (== net462) (>= netcoreapp1.1) (>= netstandard2.0)) (&& (== net462) (>= netstandard2.0) (< portable-net45+win8+wpa81)) (== netcoreapp2.1) (== netstandard1.6) (== netstandard2.0)
      Microsoft.NETCore.Platforms (>= 1.1) - restriction: || (&& (== net462) (< net45)) (&& (== net462) (< portable-net45+win8+wp8+wpa81)) (== netcoreapp2.1) (== netstandard1.6) (== netstandard2.0)
      Microsoft.NETCore.Targets (>= 1.1) - restriction: || (&& (== net462) (< net45)) (&& (== net462) (< portable-net45+win8+wp8+wpa81)) (== netcoreapp2.1) (== netstandard1.6) (== netstandard2.0)
      System.Runtime (>= 4.3) - restriction: || (&& (== net462) (< net45)) (&& (== net462) (< portable-net45+win8+wp8+wpa81)) (== netcoreapp2.1) (== netstandard1.6) (== netstandard2.0)
    System.Reflection.TypeExtensions (4.5) - restriction: || (&& (== net462) (== netstandard2.0)) (&& (== net462) (< net20)) (&& (== net462) (< net45)) (&& (== net462) (>= netcoreapp2.0)) (&& (== net462) (>= netcoreapp2.1)) (== netcoreapp2.1) (== netstandard1.6) (&& (== netstandard2.0) (>= netcoreapp2.0)) (&& (== netstandard2.0) (>= netcoreapp2.1)) (&& (== netstandard2.0) (< netstandard1.3)) (&& (== netstandard2.0) (< portable-net45+win8+wp8+wpa81))
      System.Reflection (>= 4.3) - restriction: || (&& (== net462) (< net46)) (&& (== net462) (>= netcoreapp1.0)) (&& (== net462) (< netstandard1.3)) (&& (== netcoreapp2.1) (< netstandard1.3)) (&& (== netcoreapp2.1) (< netstandard1.5)) (&& (== netcoreapp2.1) (< netstandard2.0)) (== netstandard1.6) (&& (== netstandard2.0) (< netstandard1.3)) (&& (== netstandard2.0) (< netstandard1.5))
      System.Resources.ResourceManager (>= 4.3) - restriction: || (&& (== net462) (< net46)) (&& (== net462) (>= netcoreapp1.0)) (&& (== net462) (< netstandard1.3)) (&& (== netcoreapp2.1) (< netstandard1.3)) (&& (== netcoreapp2.1) (< netstandard1.5)) (&& (== netcoreapp2.1) (< netstandard2.0)) (== netstandard1.6) (&& (== netstandard2.0) (< netstandard1.3)) (&& (== netstandard2.0) (< netstandard1.5))
      System.Runtime (>= 4.3) - restriction: || (&& (== net462) (< net46)) (&& (== net462) (>= netcoreapp1.0)) (&& (== net462) (< netstandard1.3)) (&& (== netcoreapp2.1) (< netstandard1.3)) (&& (== netcoreapp2.1) (< netstandard1.5)) (&& (== netcoreapp2.1) (< netstandard2.0)) (== netstandard1.6) (&& (== netstandard2.0) (< netstandard1.3)) (&& (== netstandard2.0) (< netstandard1.5))
    System.Resources.ResourceManager (4.3) - restriction: || (&& (== net462) (< net35)) (&& (== net462) (< net45)) (&& (== net462) (>= netcoreapp2.0)) (== netcoreapp2.1) (== netstandard1.6) (== netstandard2.0)
      Microsoft.NETCore.Platforms (>= 1.1) - restriction: || (&& (== net462) (< net45)) (&& (== net462) (< portable-net45+win8+wp8+wpa81)) (== netcoreapp2.1) (== netstandard1.6) (== netstandard2.0)
      Microsoft.NETCore.Targets (>= 1.1) - restriction: || (&& (== net462) (< net45)) (&& (== net462) (< portable-net45+win8+wp8+wpa81)) (== netcoreapp2.1) (== netstandard1.6) (== netstandard2.0)
      System.Globalization (>= 4.3) - restriction: || (&& (== net462) (< net45)) (&& (== net462) (< portable-net45+win8+wp8+wpa81)) (== netcoreapp2.1) (== netstandard1.6) (== netstandard2.0)
      System.Reflection (>= 4.3) - restriction: || (&& (== net462) (< net45)) (&& (== net462) (< portable-net45+win8+wp8+wpa81)) (== netcoreapp2.1) (== netstandard1.6) (== netstandard2.0)
      System.Runtime (>= 4.3) - restriction: || (&& (== net462) (< net45)) (&& (== net462) (< portable-net45+win8+wp8+wpa81)) (== netcoreapp2.1) (== netstandard1.6) (== netstandard2.0)
    System.Runtime (4.3) - restriction: || (&& (== net462) (< net45)) (&& (== net462) (< net46) (>= netstandard2.0)) (&& (== net462) (>= netcoreapp2.0)) (&& (== net462) (< netstandard1.3) (>= netstandard2.0)) (== netcoreapp2.1) (== netstandard1.6) (== netstandard2.0)
      Microsoft.NETCore.Platforms (>= 1.1) - restriction: || (&& (== net462) (< net45)) (&& (== net462) (< portable-net45+win8+wp8+wpa81)) (== netcoreapp2.1) (== netstandard1.6) (== netstandard2.0)
      Microsoft.NETCore.Targets (>= 1.1) - restriction: || (&& (== net462) (< net45)) (&& (== net462) (< portable-net45+win8+wp8+wpa81)) (== netcoreapp2.1) (== netstandard1.6) (== netstandard2.0)
    System.Runtime.CompilerServices.Unsafe (4.5.1)
      System.Runtime (>= 4.3) - restriction: || (&& (== net462) (< net45)) (&& (== netcoreapp2.1) (< netstandard2.0)) (== netstandard1.6)
    System.Runtime.Extensions (4.3) - restriction: || (&& (== net462) (< net35)) (&& (== net462) (< net45)) (&& (== net462) (< net46) (>= netstandard2.0)) (&& (== net462) (>= netcoreapp2.0)) (&& (== net462) (< netstandard1.3) (>= netstandard2.0)) (== netcoreapp2.1) (== netstandard1.6) (== netstandard2.0)
      Microsoft.NETCore.Platforms (>= 1.1) - restriction: || (&& (== net462) (< net45)) (&& (== net462) (< portable-net45+win8+wp8+wpa81)) (== netcoreapp2.1) (== netstandard1.6) (== netstandard2.0)
      Microsoft.NETCore.Targets (>= 1.1) - restriction: || (&& (== net462) (< net45)) (&& (== net462) (< portable-net45+win8+wp8+wpa81)) (== netcoreapp2.1) (== netstandard1.6) (== netstandard2.0)
      System.Runtime (>= 4.3) - restriction: || (&& (== net462) (< net45)) (&& (== net462) (< portable-net45+win8+wp8+wpa81)) (== netcoreapp2.1) (== netstandard1.6) (== netstandard2.0)
    System.Runtime.Handles (4.3) - restriction: || (&& (== net462) (< net45)) (&& (== net462) (< net46) (>= netstandard2.0)) (&& (== net462) (>= netcoreapp2.0)) (&& (== net462) (< netstandard1.3) (>= netstandard2.0)) (== netcoreapp2.1) (== netstandard1.6) (== netstandard2.0)
      Microsoft.NETCore.Platforms (>= 1.1) - restriction: || (&& (== net462) (< net46)) (== netcoreapp2.1) (== netstandard1.6) (== netstandard2.0)
      Microsoft.NETCore.Targets (>= 1.1) - restriction: || (&& (== net462) (< net46)) (== netcoreapp2.1) (== netstandard1.6) (== netstandard2.0)
      System.Runtime (>= 4.3) - restriction: || (&& (== net462) (< net46)) (== netcoreapp2.1) (== netstandard1.6) (== netstandard2.0)
    System.Runtime.InteropServices (4.3) - restriction: || (&& (== net462) (< net45)) (&& (== net462) (< net46) (>= netstandard2.0)) (&& (== net462) (>= netcoreapp2.0)) (== netcoreapp2.1) (== netstandard1.6) (== netstandard2.0)
      Microsoft.NETCore.Platforms (>= 1.1) - restriction: || (&& (== net462) (< net45)) (&& (== net462) (>= netcoreapp1.1)) (&& (== net462) (< portable-net45+win8+wpa81)) (== netcoreapp2.1) (== netstandard1.6) (== netstandard2.0)
      Microsoft.NETCore.Targets (>= 1.1) - restriction: || (&& (== net462) (< net45)) (&& (== net462) (>= netcoreapp1.1)) (&& (== net462) (< portable-net45+win8+wpa81)) (== netcoreapp2.1) (== netstandard1.6) (== netstandard2.0)
      System.Reflection (>= 4.3) - restriction: || (&& (== net462) (< net45)) (&& (== net462) (>= netcoreapp1.1)) (&& (== net462) (< portable-net45+win8+wpa81)) (== netcoreapp2.1) (== netstandard1.6) (== netstandard2.0)
      System.Reflection.Primitives (>= 4.3) - restriction: || (&& (== net462) (< net45)) (&& (== net462) (>= netcoreapp1.1)) (&& (== net462) (< portable-net45+win8+wpa81)) (== netcoreapp2.1) (== netstandard1.6) (== netstandard2.0)
      System.Runtime (>= 4.3)
      System.Runtime.Handles (>= 4.3) - restriction: || (&& (== net462) (< net45)) (&& (== net462) (>= netcoreapp1.1)) (&& (== net462) (< portable-net45+win8+wpa81)) (== netcoreapp2.1) (== netstandard1.6) (== netstandard2.0)
    System.Runtime.InteropServices.RuntimeInformation (4.3) - restriction: || (&& (== net462) (== netstandard2.0)) (&& (== net462) (< net45)) (&& (== net462) (>= netcoreapp2.0)) (&& (== net462) (< netstandard1.0)) (&& (== net462) (< netstandard1.3) (>= wpa81)) (&& (== net462) (< netstandard1.5) (>= uap10.0)) (== netcoreapp2.1) (== netstandard1.6) (&& (== netstandard2.0) (>= netcoreapp2.0))
      runtime.native.System (>= 4.3) - restriction: || (&& (== net462) (< net45)) (== netcoreapp2.1) (== netstandard1.6) (== netstandard2.0)
      System.Reflection (>= 4.3) - restriction: || (&& (== net462) (< net45)) (&& (== net462) (< netstandard1.1)) (== netcoreapp2.1) (== netstandard1.6) (== netstandard2.0)
      System.Reflection.Extensions (>= 4.3) - restriction: || (&& (== net462) (< net45)) (&& (== net462) (< netstandard1.1)) (== netcoreapp2.1) (== netstandard1.6) (== netstandard2.0)
      System.Resources.ResourceManager (>= 4.3) - restriction: || (&& (== net462) (< net45)) (&& (== net462) (< netstandard1.1)) (== netcoreapp2.1) (== netstandard1.6) (== netstandard2.0)
      System.Runtime (>= 4.3) - restriction: || (&& (== net462) (< net45)) (&& (== net462) (< netstandard1.1)) (== netcoreapp2.1) (== netstandard1.6) (== netstandard2.0)
      System.Runtime.InteropServices (>= 4.3) - restriction: || (&& (== net462) (< net45)) (== netcoreapp2.1) (== netstandard1.6) (== netstandard2.0)
      System.Threading (>= 4.3) - restriction: || (&& (== net462) (< net45)) (&& (== net462) (< netstandard1.1)) (== netcoreapp2.1) (== netstandard1.6) (== netstandard2.0)
    System.Runtime.Loader (4.3) - restriction: || (&& (== net462) (>= netcoreapp2.0)) (&& (== net462) (>= netcoreapp2.1)) (== netcoreapp2.1) (&& (== netstandard1.6) (>= netcoreapp2.0)) (&& (== netstandard1.6) (>= netcoreapp2.1)) (&& (== netstandard2.0) (>= netcoreapp2.0)) (&& (== netstandard2.0) (>= netcoreapp2.1))
      System.IO (>= 4.3) - restriction: || (== netcoreapp2.1) (== netstandard1.6) (== netstandard2.0)
      System.Reflection (>= 4.3) - restriction: || (== netcoreapp2.1) (== netstandard1.6) (== netstandard2.0)
      System.Runtime (>= 4.3) - restriction: || (== netcoreapp2.1) (== netstandard1.6) (== netstandard2.0)
    System.Runtime.Numerics (4.3) - restriction: || (&& (== net462) (== netcoreapp2.1)) (&& (== net462) (== netstandard2.0)) (&& (== net462) (< net45)) (&& (== net462) (< netstandard1.5) (>= uap10.0)) (&& (== netcoreapp2.1) (< netstandard1.2)) (&& (== netcoreapp2.1) (< netstandard1.3)) (&& (== netcoreapp2.1) (< netstandard1.4)) (&& (== netcoreapp2.1) (< netstandard1.5)) (&& (== netcoreapp2.1) (< netstandard1.6)) (&& (== netcoreapp2.1) (< netstandard2.0)) (== netstandard1.6)
      System.Globalization (>= 4.3) - restriction: || (&& (== net462) (< net45)) (&& (== net462) (< portable-net45+win8+wpa81)) (== netcoreapp2.1) (== netstandard1.6) (== netstandard2.0)
      System.Resources.ResourceManager (>= 4.3) - restriction: || (&& (== net462) (< net45)) (&& (== net462) (< portable-net45+win8+wpa81)) (== netcoreapp2.1) (== netstandard1.6) (== netstandard2.0)
      System.Runtime (>= 4.3) - restriction: || (&& (== net462) (< net45)) (&& (== net462) (< portable-net45+win8+wpa81)) (== netcoreapp2.1) (== netstandard1.6) (== netstandard2.0)
      System.Runtime.Extensions (>= 4.3) - restriction: || (&& (== net462) (< net45)) (&& (== net462) (< portable-net45+win8+wpa81)) (== netcoreapp2.1) (== netstandard1.6) (== netstandard2.0)
    System.Runtime.Serialization.Formatters (4.3) - restriction: || (&& (== net462) (== netcoreapp2.1)) (&& (== net462) (== netstandard2.0)) (&& (== net462) (< net20)) (&& (== netcoreapp2.1) (< netstandard2.0)) (== netstandard1.6)
      System.Collections (>= 4.3) - restriction: || (&& (== net462) (< net46)) (== netcoreapp2.1) (== netstandard1.6) (== netstandard2.0)
      System.Reflection (>= 4.3) - restriction: || (&& (== net462) (< net46)) (== netcoreapp2.1) (== netstandard1.6) (== netstandard2.0)
      System.Resources.ResourceManager (>= 4.3) - restriction: || (&& (== net462) (< net46)) (== netcoreapp2.1) (== netstandard1.6) (== netstandard2.0)
      System.Runtime (>= 4.3) - restriction: || (&& (== net462) (< net46)) (== netcoreapp2.1) (== netstandard1.6) (== netstandard2.0)
      System.Runtime.Serialization.Primitives (>= 4.3)
    System.Runtime.Serialization.Primitives (4.3) - restriction: || (&& (== net462) (== netstandard2.0)) (&& (== net462) (< net20)) (&& (== net462) (>= netcoreapp2.0)) (== netcoreapp2.1) (== netstandard1.6) (&& (== netstandard2.0) (>= netcoreapp2.0)) (&& (== netstandard2.0) (< netstandard1.3))
      System.Resources.ResourceManager (>= 4.3) - restriction: || (&& (== net462) (< net45)) (&& (== net462) (< portable-net45+win8+wp8+wpa81)) (== netcoreapp2.1) (== netstandard1.6) (== netstandard2.0)
      System.Runtime (>= 4.3) - restriction: || (&& (== net462) (< net45)) (&& (== net462) (< portable-net45+win8+wp8+wpa81)) (== netcoreapp2.1) (== netstandard1.6) (== netstandard2.0)
    System.Security.AccessControl (4.5) - restriction: || (&& (== net462) (>= monoandroid) (>= netstandard2.0)) (&& (== net462) (>= monotouch) (>= netstandard2.0)) (&& (== net462) (< net45) (>= netstandard2.0)) (&& (== net462) (>= netcoreapp2.0)) (&& (== net462) (>= netcoreapp2.1)) (&& (== net462) (>= netstandard2.0) (>= xamarinios)) (&& (== net462) (>= netstandard2.0) (>= xamarinmac)) (&& (== net462) (>= netstandard2.0) (>= xamarintvos)) (&& (== net462) (>= netstandard2.0) (>= xamarinwatchos)) (== netcoreapp2.1) (&& (== netstandard1.6) (>= netcoreapp2.0)) (&& (== netstandard1.6) (>= netcoreapp2.1)) (&& (== netstandard1.6) (>= netstandard2.0)) (== netstandard2.0)
      Microsoft.NETCore.Platforms (>= 2.0) - restriction: || (&& (== net462) (>= netcoreapp2.0)) (== netcoreapp2.1) (&& (== netstandard1.6) (>= netcoreapp2.0)) (&& (== netstandard2.0) (>= netcoreapp2.0))
      System.Security.Principal.Windows (>= 4.5) - restriction: || (== net462) (== netcoreapp2.1) (&& (== netstandard1.6) (>= net461)) (&& (== netstandard1.6) (>= netcoreapp2.0)) (&& (== netstandard1.6) (>= netstandard2.0)) (== netstandard2.0)
    System.Security.Claims (4.3) - restriction: || (&& (== net462) (== netcoreapp2.1)) (&& (== net462) (== netstandard2.0)) (&& (== net462) (< net45)) (&& (== netcoreapp2.1) (< netstandard1.6)) (&& (== netcoreapp2.1) (< netstandard2.0)) (== netstandard1.6)
      System.Collections (>= 4.3) - restriction: || (&& (== net462) (< net46)) (== netcoreapp2.1) (== netstandard1.6) (== netstandard2.0)
      System.Globalization (>= 4.3) - restriction: || (&& (== net462) (< net46)) (== netcoreapp2.1) (== netstandard1.6) (== netstandard2.0)
      System.IO (>= 4.3) - restriction: || (&& (== net462) (< net46)) (== netcoreapp2.1) (== netstandard1.6) (== netstandard2.0)
      System.Resources.ResourceManager (>= 4.3) - restriction: || (&& (== net462) (< net46)) (== netcoreapp2.1) (== netstandard1.6) (== netstandard2.0)
      System.Runtime (>= 4.3) - restriction: || (&& (== net462) (< net46)) (== netcoreapp2.1) (== netstandard1.6) (== netstandard2.0)
      System.Runtime.Extensions (>= 4.3) - restriction: || (&& (== net462) (< net46)) (== netcoreapp2.1) (== netstandard1.6) (== netstandard2.0)
      System.Security.Principal (>= 4.3) - restriction: || (&& (== net462) (< net46)) (== netcoreapp2.1) (== netstandard1.6) (== netstandard2.0)
    System.Security.Cryptography.Algorithms (4.3.1) - restriction: || (&& (== net462) (< net35)) (&& (== net462) (< net45) (>= netstandard1.6)) (== netcoreapp2.1) (== netstandard1.6) (== netstandard2.0)
      Microsoft.NETCore.Platforms (>= 1.1) - restriction: || (&& (== net462) (< net46) (>= netstandard1.6)) (&& (== net462) (< netstandard1.3)) (== netcoreapp2.1) (== netstandard1.6) (== netstandard2.0)
      runtime.native.System.Security.Cryptography.Apple (>= 4.3.1) - restriction: || (&& (== net462) (< net46) (>= netstandard1.6)) (== netcoreapp2.1) (== netstandard1.6) (== netstandard2.0)
      runtime.native.System.Security.Cryptography.OpenSsl (>= 4.3.2) - restriction: || (&& (== net462) (< net46) (>= netstandard1.6)) (== netcoreapp2.1) (== netstandard1.6) (== netstandard2.0)
      System.Collections (>= 4.3) - restriction: || (&& (== net462) (< net46) (>= netstandard1.6)) (== netcoreapp2.1) (== netstandard1.6) (== netstandard2.0)
      System.IO (>= 4.3) - restriction: || (&& (== net462) (< net46)) (&& (== net462) (>= net463)) (&& (== net462) (< netstandard1.3)) (== netcoreapp2.1) (== netstandard1.6) (== netstandard2.0)
      System.Resources.ResourceManager (>= 4.3) - restriction: || (&& (== net462) (< net46) (>= netstandard1.6)) (&& (== net462) (< netstandard1.3)) (== netcoreapp2.1) (== netstandard1.6) (== netstandard2.0)
      System.Runtime (>= 4.3) - restriction: || (&& (== net462) (< net46)) (&& (== net462) (>= net463)) (&& (== net462) (< netstandard1.3)) (== netcoreapp2.1) (== netstandard1.6) (== netstandard2.0)
      System.Runtime.Extensions (>= 4.3) - restriction: || (&& (== net462) (< net46) (>= netstandard1.6)) (&& (== net462) (< netstandard1.3)) (== netcoreapp2.1) (== netstandard1.6) (== netstandard2.0)
      System.Runtime.Handles (>= 4.3) - restriction: || (&& (== net462) (< net46) (>= netstandard1.6)) (&& (== net462) (< netstandard1.3)) (== netcoreapp2.1) (== netstandard1.6) (== netstandard2.0)
      System.Runtime.InteropServices (>= 4.3) - restriction: || (&& (== net462) (< net46) (>= netstandard1.6)) (&& (== net462) (< netstandard1.3)) (== netcoreapp2.1) (== netstandard1.6) (== netstandard2.0)
      System.Runtime.Numerics (>= 4.3) - restriction: || (&& (== net462) (< net46) (>= netstandard1.6)) (== netcoreapp2.1) (== netstandard1.6) (== netstandard2.0)
      System.Security.Cryptography.Encoding (>= 4.3) - restriction: || (&& (== net462) (< net46) (>= netstandard1.6)) (&& (== net462) (>= net463)) (&& (== net462) (< netstandard1.3)) (== netcoreapp2.1) (== netstandard1.6) (== netstandard2.0)
      System.Security.Cryptography.Primitives (>= 4.3)
      System.Text.Encoding (>= 4.3) - restriction: || (&& (== net462) (< net46) (>= netstandard1.6)) (&& (== net462) (< netstandard1.3)) (== netcoreapp2.1) (== netstandard1.6) (== netstandard2.0)
    System.Security.Cryptography.Cng (4.5) - restriction: || (&& (== net462) (== netcoreapp2.1)) (&& (== net462) (== netstandard2.0)) (&& (== net462) (< net45) (< netstandard1.3)) (&& (== net462) (< net45) (>= netstandard1.6)) (&& (== netcoreapp2.1) (< netstandard1.3)) (&& (== netcoreapp2.1) (< netstandard1.6)) (&& (== netcoreapp2.1) (< netstandard2.0)) (== netstandard1.6)
      System.IO (>= 4.3) - restriction: || (&& (== net462) (< net46)) (&& (== netcoreapp2.1) (< netstandard1.4)) (&& (== netcoreapp2.1) (< netstandard1.6)) (&& (== netcoreapp2.1) (< netstandard2.0)) (== netstandard1.6) (&& (== netstandard2.0) (< netstandard1.4)) (&& (== netstandard2.0) (< netstandard1.6))
      System.Resources.ResourceManager (>= 4.3) - restriction: || (&& (== net462) (< net46)) (&& (== netcoreapp2.1) (< netstandard1.4)) (&& (== netcoreapp2.1) (< netstandard1.6)) (&& (== netcoreapp2.1) (< netstandard2.0)) (== netstandard1.6) (&& (== netstandard2.0) (< netstandard1.4)) (&& (== netstandard2.0) (< netstandard1.6))
      System.Runtime (>= 4.3) - restriction: || (&& (== net462) (< net46)) (&& (== netcoreapp2.1) (< netstandard1.4)) (&& (== netcoreapp2.1) (< netstandard1.6)) (&& (== netcoreapp2.1) (< netstandard2.0)) (== netstandard1.6) (&& (== netstandard2.0) (< netstandard1.4)) (&& (== netstandard2.0) (< netstandard1.6))
      System.Runtime.Extensions (>= 4.3) - restriction: || (&& (== net462) (< net46)) (&& (== netcoreapp2.1) (< netstandard1.6)) (&& (== netcoreapp2.1) (< netstandard2.0)) (== netstandard1.6) (&& (== netstandard2.0) (< netstandard1.6))
      System.Runtime.Handles (>= 4.3) - restriction: || (&& (== net462) (< net46)) (&& (== netcoreapp2.1) (< netstandard1.4)) (&& (== netcoreapp2.1) (< netstandard1.6)) (&& (== netcoreapp2.1) (< netstandard2.0)) (== netstandard1.6) (&& (== netstandard2.0) (< netstandard1.4)) (&& (== netstandard2.0) (< netstandard1.6))
      System.Runtime.InteropServices (>= 4.3) - restriction: || (&& (== net462) (< net46)) (&& (== netcoreapp2.1) (< netstandard1.4)) (&& (== netcoreapp2.1) (< netstandard1.6)) (&& (== netcoreapp2.1) (< netstandard2.0)) (== netstandard1.6) (&& (== netstandard2.0) (< netstandard1.4)) (&& (== netstandard2.0) (< netstandard1.6))
      System.Security.Cryptography.Algorithms (>= 4.3) - restriction: || (&& (== net462) (< net46)) (&& (== net462) (< netstandard1.4)) (&& (== netcoreapp2.1) (< netstandard1.4)) (&& (== netcoreapp2.1) (< netstandard1.6)) (&& (== netcoreapp2.1) (< netstandard2.0)) (== netstandard1.6) (&& (== netstandard2.0) (< netstandard1.4)) (&& (== netstandard2.0) (< netstandard1.6))
      System.Security.Cryptography.Encoding (>= 4.3) - restriction: || (&& (== net462) (< net46)) (&& (== netcoreapp2.1) (< netstandard1.6)) (&& (== netcoreapp2.1) (< netstandard2.0)) (== netstandard1.6) (&& (== netstandard2.0) (< netstandard1.6))
      System.Security.Cryptography.Primitives (>= 4.3) - restriction: || (&& (== net462) (< net46)) (&& (== net462) (< netstandard1.4)) (&& (== netcoreapp2.1) (< netstandard1.4)) (&& (== netcoreapp2.1) (< netstandard1.6)) (&& (== netcoreapp2.1) (< netstandard2.0)) (== netstandard1.6) (&& (== netstandard2.0) (< netstandard1.4)) (&& (== netstandard2.0) (< netstandard1.6))
      System.Text.Encoding (>= 4.3) - restriction: || (&& (== net462) (< net46)) (&& (== netcoreapp2.1) (< netstandard1.6)) (&& (== netcoreapp2.1) (< netstandard2.0)) (== netstandard1.6) (&& (== netstandard2.0) (< netstandard1.6))
    System.Security.Cryptography.Csp (4.3) - restriction: || (&& (== net462) (< net35)) (&& (== net462) (< net45) (>= netstandard1.6)) (== netcoreapp2.1) (== netstandard1.6) (== netstandard2.0)
      Microsoft.NETCore.Platforms (>= 1.1) - restriction: || (&& (== net462) (< net46)) (== netcoreapp2.1) (== netstandard1.6) (== netstandard2.0)
      System.IO (>= 4.3) - restriction: || (&& (== net462) (< net46)) (== netcoreapp2.1) (== netstandard1.6) (== netstandard2.0)
      System.Reflection (>= 4.3) - restriction: || (&& (== net462) (< net46)) (== netcoreapp2.1) (== netstandard1.6) (== netstandard2.0)
      System.Resources.ResourceManager (>= 4.3) - restriction: || (&& (== net462) (< net46)) (== netcoreapp2.1) (== netstandard1.6) (== netstandard2.0)
      System.Runtime (>= 4.3) - restriction: || (&& (== net462) (< net46)) (== netcoreapp2.1) (== netstandard1.6) (== netstandard2.0)
      System.Runtime.Extensions (>= 4.3) - restriction: || (&& (== net462) (< net46)) (== netcoreapp2.1) (== netstandard1.6) (== netstandard2.0)
      System.Runtime.Handles (>= 4.3) - restriction: || (&& (== net462) (< net46)) (== netcoreapp2.1) (== netstandard1.6) (== netstandard2.0)
      System.Runtime.InteropServices (>= 4.3) - restriction: || (&& (== net462) (< net46)) (== netcoreapp2.1) (== netstandard1.6) (== netstandard2.0)
      System.Security.Cryptography.Algorithms (>= 4.3)
      System.Security.Cryptography.Encoding (>= 4.3) - restriction: || (&& (== net462) (< net46)) (== netcoreapp2.1) (== netstandard1.6) (== netstandard2.0)
      System.Security.Cryptography.Primitives (>= 4.3)
      System.Text.Encoding (>= 4.3) - restriction: || (&& (== net462) (< net46)) (== netcoreapp2.1) (== netstandard1.6) (== netstandard2.0)
      System.Threading (>= 4.3) - restriction: || (&& (== net462) (< net46)) (== netcoreapp2.1) (== netstandard1.6) (== netstandard2.0)
    System.Security.Cryptography.Encoding (4.3) - restriction: || (&& (== net462) (< net35)) (&& (== net462) (< net45)) (== netcoreapp2.1) (== netstandard1.6) (== netstandard2.0)
      Microsoft.NETCore.Platforms (>= 1.1) - restriction: || (&& (== net462) (< net46)) (== netcoreapp2.1) (== netstandard1.6) (== netstandard2.0)
      runtime.native.System.Security.Cryptography.OpenSsl (>= 4.3) - restriction: || (&& (== net462) (< net46)) (== netcoreapp2.1) (== netstandard1.6) (== netstandard2.0)
      System.Collections (>= 4.3) - restriction: || (&& (== net462) (< net46)) (== netcoreapp2.1) (== netstandard1.6) (== netstandard2.0)
      System.Collections.Concurrent (>= 4.3) - restriction: || (&& (== net462) (< net46)) (== netcoreapp2.1) (== netstandard1.6) (== netstandard2.0)
      System.Linq (>= 4.3) - restriction: || (&& (== net462) (< net46)) (== netcoreapp2.1) (== netstandard1.6) (== netstandard2.0)
      System.Resources.ResourceManager (>= 4.3) - restriction: || (&& (== net462) (< net46)) (== netcoreapp2.1) (== netstandard1.6) (== netstandard2.0)
      System.Runtime (>= 4.3) - restriction: || (&& (== net462) (< net46)) (== netcoreapp2.1) (== netstandard1.6) (== netstandard2.0)
      System.Runtime.Extensions (>= 4.3) - restriction: || (&& (== net462) (< net46)) (== netcoreapp2.1) (== netstandard1.6) (== netstandard2.0)
      System.Runtime.Handles (>= 4.3) - restriction: || (&& (== net462) (< net46)) (== netcoreapp2.1) (== netstandard1.6) (== netstandard2.0)
      System.Runtime.InteropServices (>= 4.3) - restriction: || (&& (== net462) (< net46)) (== netcoreapp2.1) (== netstandard1.6) (== netstandard2.0)
      System.Security.Cryptography.Primitives (>= 4.3) - restriction: || (&& (== net462) (< net46)) (== netcoreapp2.1) (== netstandard1.6) (== netstandard2.0)
      System.Text.Encoding (>= 4.3) - restriction: || (&& (== net462) (< net46)) (== netcoreapp2.1) (== netstandard1.6) (== netstandard2.0)
    System.Security.Cryptography.OpenSsl (4.5) - restriction: || (&& (== net462) (== netcoreapp2.1)) (&& (== net462) (== netstandard2.0)) (&& (== net462) (< net45) (>= netstandard1.6)) (&& (== netcoreapp2.1) (< netstandard2.0)) (== netstandard1.6)
      System.Collections (>= 4.3) - restriction: || (&& (== net462) (>= netstandard1.6)) (&& (== netcoreapp2.1) (< netstandard2.0)) (== netstandard1.6)
      System.IO (>= 4.3) - restriction: || (&& (== net462) (>= netstandard1.6)) (&& (== netcoreapp2.1) (< netstandard2.0)) (== netstandard1.6)
      System.Resources.ResourceManager (>= 4.3) - restriction: || (&& (== net462) (>= netstandard1.6)) (&& (== netcoreapp2.1) (< netstandard2.0)) (== netstandard1.6)
      System.Runtime (>= 4.3) - restriction: || (&& (== net462) (>= netstandard1.6)) (&& (== netcoreapp2.1) (< netstandard2.0)) (== netstandard1.6)
      System.Runtime.Extensions (>= 4.3) - restriction: || (&& (== net462) (>= netstandard1.6)) (&& (== netcoreapp2.1) (< netstandard2.0)) (== netstandard1.6)
      System.Runtime.Handles (>= 4.3) - restriction: || (&& (== net462) (>= netstandard1.6)) (&& (== netcoreapp2.1) (< netstandard2.0)) (== netstandard1.6)
      System.Runtime.InteropServices (>= 4.3) - restriction: || (&& (== net462) (>= netstandard1.6)) (&& (== netcoreapp2.1) (< netstandard2.0)) (== netstandard1.6)
      System.Runtime.Numerics (>= 4.3) - restriction: || (&& (== net462) (>= netstandard1.6)) (&& (== netcoreapp2.1) (< netstandard2.0)) (== netstandard1.6)
      System.Security.Cryptography.Algorithms (>= 4.3) - restriction: || (&& (== net462) (>= netstandard1.6)) (&& (== netcoreapp2.1) (< netstandard2.0)) (== netstandard1.6)
      System.Security.Cryptography.Encoding (>= 4.3) - restriction: || (&& (== net462) (>= netstandard1.6)) (&& (== netcoreapp2.1) (< netstandard2.0)) (== netstandard1.6)
      System.Security.Cryptography.Primitives (>= 4.3) - restriction: || (&& (== net462) (>= netstandard1.6)) (&& (== netcoreapp2.1) (< netstandard2.0)) (== netstandard1.6)
      System.Text.Encoding (>= 4.3) - restriction: || (&& (== net462) (>= netstandard1.6)) (&& (== netcoreapp2.1) (< netstandard2.0)) (== netstandard1.6)
    System.Security.Cryptography.Primitives (4.3) - restriction: || (&& (== net462) (< net35)) (&& (== net462) (< net45)) (== netcoreapp2.1) (== netstandard1.6) (== netstandard2.0)
      System.Diagnostics.Debug (>= 4.3) - restriction: || (&& (== net462) (< net46)) (== netcoreapp2.1) (== netstandard1.6) (== netstandard2.0)
      System.Globalization (>= 4.3) - restriction: || (&& (== net462) (< net46)) (== netcoreapp2.1) (== netstandard1.6) (== netstandard2.0)
      System.IO (>= 4.3) - restriction: || (&& (== net462) (< net46)) (== netcoreapp2.1) (== netstandard1.6) (== netstandard2.0)
      System.Resources.ResourceManager (>= 4.3) - restriction: || (&& (== net462) (< net46)) (== netcoreapp2.1) (== netstandard1.6) (== netstandard2.0)
      System.Runtime (>= 4.3) - restriction: || (&& (== net462) (< net46)) (== netcoreapp2.1) (== netstandard1.6) (== netstandard2.0)
      System.Threading (>= 4.3) - restriction: || (&& (== net462) (< net46)) (== netcoreapp2.1) (== netstandard1.6) (== netstandard2.0)
      System.Threading.Tasks (>= 4.3) - restriction: || (&& (== net462) (< net46)) (== netcoreapp2.1) (== netstandard1.6) (== netstandard2.0)
    System.Security.Cryptography.ProtectedData (4.5) - restriction: || (&& (== net462) (< net45) (>= netstandard2.0)) (== netcoreapp2.1) (&& (== netstandard1.6) (>= netstandard2.0)) (== netstandard2.0)
      System.Memory (>= 4.5) - restriction: || (&& (== net462) (< net46) (>= netstandard2.0)) (&& (== netstandard1.6) (>= netstandard2.0)) (== netstandard2.0)
    System.Security.Cryptography.X509Certificates (4.3.2) - restriction: || (&& (== net462) (== netcoreapp2.1)) (&& (== net462) (== netstandard2.0)) (&& (== net462) (< net45)) (&& (== netcoreapp2.1) (< netstandard1.6)) (&& (== netcoreapp2.1) (< netstandard2.0)) (== netstandard1.6)
      Microsoft.NETCore.Platforms (>= 1.1) - restriction: || (&& (== net462) (< net46) (>= netstandard1.6)) (&& (== net462) (< netstandard1.3)) (== netcoreapp2.1) (== netstandard1.6) (== netstandard2.0)
      runtime.native.System (>= 4.3) - restriction: || (&& (== net462) (< net46) (>= netstandard1.6)) (== netcoreapp2.1) (== netstandard1.6) (== netstandard2.0)
      runtime.native.System.Net.Http (>= 4.3) - restriction: || (&& (== net462) (< net46) (>= netstandard1.6)) (== netcoreapp2.1) (== netstandard1.6) (== netstandard2.0)
      runtime.native.System.Security.Cryptography.OpenSsl (>= 4.3.2) - restriction: || (&& (== net462) (< net46) (>= netstandard1.6)) (== netcoreapp2.1) (== netstandard1.6) (== netstandard2.0)
      System.Collections (>= 4.3) - restriction: || (&& (== net462) (< net46) (>= netstandard1.6)) (&& (== net462) (< netstandard1.3)) (== netcoreapp2.1) (== netstandard1.6) (== netstandard2.0)
      System.Diagnostics.Debug (>= 4.3) - restriction: || (&& (== net462) (< net46) (>= netstandard1.6)) (== netcoreapp2.1) (== netstandard1.6) (== netstandard2.0)
      System.Globalization (>= 4.3) - restriction: || (&& (== net462) (< net46) (>= netstandard1.6)) (&& (== net462) (< netstandard1.3)) (== netcoreapp2.1) (== netstandard1.6) (== netstandard2.0)
      System.Globalization.Calendars (>= 4.3) - restriction: || (&& (== net462) (< net46) (>= netstandard1.6)) (&& (== net462) (< netstandard1.3)) (== netcoreapp2.1) (== netstandard1.6) (== netstandard2.0)
      System.IO (>= 4.3) - restriction: || (&& (== net462) (< net46) (>= netstandard1.6)) (&& (== net462) (< netstandard1.3)) (== netcoreapp2.1) (== netstandard1.6) (== netstandard2.0)
      System.IO.FileSystem (>= 4.3) - restriction: || (&& (== net462) (< net46) (>= netstandard1.6)) (&& (== net462) (< netstandard1.3)) (== netcoreapp2.1) (== netstandard1.6) (== netstandard2.0)
      System.IO.FileSystem.Primitives (>= 4.3) - restriction: || (&& (== net462) (< net46) (>= netstandard1.6)) (== netcoreapp2.1) (== netstandard1.6) (== netstandard2.0)
      System.Resources.ResourceManager (>= 4.3) - restriction: || (&& (== net462) (< net46) (>= netstandard1.6)) (&& (== net462) (< netstandard1.3)) (== netcoreapp2.1) (== netstandard1.6) (== netstandard2.0)
      System.Runtime (>= 4.3) - restriction: || (&& (== net462) (< net46)) (&& (== net462) (< netstandard1.3)) (== netcoreapp2.1) (== netstandard1.6) (== netstandard2.0)
      System.Runtime.Extensions (>= 4.3) - restriction: || (&& (== net462) (< net46) (>= netstandard1.6)) (&& (== net462) (< netstandard1.3)) (== netcoreapp2.1) (== netstandard1.6) (== netstandard2.0)
      System.Runtime.Handles (>= 4.3) - restriction: || (&& (== net462) (< net46)) (&& (== net462) (< netstandard1.3)) (== netcoreapp2.1) (== netstandard1.6) (== netstandard2.0)
      System.Runtime.InteropServices (>= 4.3) - restriction: || (&& (== net462) (< net46) (>= netstandard1.6)) (&& (== net462) (< netstandard1.3)) (== netcoreapp2.1) (== netstandard1.6) (== netstandard2.0)
      System.Runtime.Numerics (>= 4.3) - restriction: || (&& (== net462) (< net46) (>= netstandard1.6)) (&& (== net462) (< netstandard1.3)) (== netcoreapp2.1) (== netstandard1.6) (== netstandard2.0)
      System.Security.Cryptography.Algorithms (>= 4.3)
      System.Security.Cryptography.Cng (>= 4.3) - restriction: || (&& (== net462) (< net46) (>= netstandard1.6)) (&& (== net462) (< netstandard1.3)) (== netcoreapp2.1) (== netstandard1.6) (== netstandard2.0)
      System.Security.Cryptography.Csp (>= 4.3) - restriction: || (&& (== net462) (< net46) (>= netstandard1.6)) (== netcoreapp2.1) (== netstandard1.6) (== netstandard2.0)
      System.Security.Cryptography.Encoding (>= 4.3)
      System.Security.Cryptography.OpenSsl (>= 4.3) - restriction: || (&& (== net462) (< net46) (>= netstandard1.6)) (== netcoreapp2.1) (== netstandard1.6) (== netstandard2.0)
      System.Security.Cryptography.Primitives (>= 4.3) - restriction: || (&& (== net462) (< net46) (>= netstandard1.6)) (&& (== net462) (< netstandard1.3)) (== netcoreapp2.1) (== netstandard1.6) (== netstandard2.0)
      System.Text.Encoding (>= 4.3) - restriction: || (&& (== net462) (< net46) (>= netstandard1.6)) (&& (== net462) (< netstandard1.3)) (== netcoreapp2.1) (== netstandard1.6) (== netstandard2.0)
      System.Threading (>= 4.3) - restriction: || (&& (== net462) (< net46) (>= netstandard1.6)) (&& (== net462) (< netstandard1.3)) (== netcoreapp2.1) (== netstandard1.6) (== netstandard2.0)
    System.Security.Permissions (4.5) - restriction: || (&& (== net462) (>= monoandroid) (>= netstandard2.0)) (&& (== net462) (>= monotouch) (>= netstandard2.0)) (&& (== net462) (< net45) (>= netstandard2.0)) (&& (== net462) (>= netstandard2.0) (>= xamarinios)) (&& (== net462) (>= netstandard2.0) (>= xamarinmac)) (&& (== net462) (>= netstandard2.0) (>= xamarintvos)) (&& (== net462) (>= netstandard2.0) (>= xamarinwatchos)) (== netcoreapp2.1) (&& (== netstandard1.6) (>= netstandard2.0)) (== netstandard2.0)
      System.Security.AccessControl (>= 4.5) - restriction: || (== net462) (== netcoreapp2.1) (&& (== netstandard1.6) (>= net461)) (&& (== netstandard1.6) (>= netstandard2.0)) (== netstandard2.0)
    System.Security.Principal (4.3) - restriction: || (&& (== net462) (== netcoreapp2.1)) (&& (== net462) (== netstandard2.0)) (&& (== net462) (< net45)) (&& (== netcoreapp2.1) (< netstandard1.6)) (&& (== netcoreapp2.1) (< netstandard2.0)) (== netstandard1.6)
      System.Runtime (>= 4.3) - restriction: || (&& (== net462) (< net45)) (&& (== net462) (< portable-net45+win8+wp8+wpa81)) (== netcoreapp2.1) (== netstandard1.6) (== netstandard2.0)
    System.Security.Principal.Windows (4.5) - restriction: || (&& (== net462) (== netstandard2.0)) (&& (== net462) (< net45)) (&& (== net462) (>= netcoreapp2.0)) (&& (== net462) (>= netcoreapp2.1)) (== netcoreapp2.1) (== netstandard1.6) (&& (== netstandard2.0) (>= netcoreapp2.0)) (&& (== netstandard2.0) (>= netcoreapp2.1))
      Microsoft.Win32.Primitives (>= 4.3) - restriction: || (&& (== net462) (< net46)) (&& (== netcoreapp2.1) (< netstandard2.0)) (== netstandard1.6)
      System.Collections (>= 4.3) - restriction: || (&& (== net462) (< net46)) (&& (== netcoreapp2.1) (< netstandard2.0)) (== netstandard1.6)
      System.Diagnostics.Debug (>= 4.3) - restriction: || (&& (== net462) (< net46)) (&& (== netcoreapp2.1) (< netstandard2.0)) (== netstandard1.6)
      System.Reflection (>= 4.3) - restriction: || (&& (== net462) (< net46)) (&& (== netcoreapp2.1) (< netstandard2.0)) (== netstandard1.6)
      System.Resources.ResourceManager (>= 4.3) - restriction: || (&& (== net462) (< net46)) (&& (== netcoreapp2.1) (< netstandard2.0)) (== netstandard1.6)
      System.Runtime (>= 4.3) - restriction: || (&& (== net462) (< net46)) (&& (== netcoreapp2.1) (< netstandard2.0)) (== netstandard1.6)
      System.Runtime.Extensions (>= 4.3) - restriction: || (&& (== net462) (< net46)) (&& (== netcoreapp2.1) (< netstandard2.0)) (== netstandard1.6)
      System.Runtime.Handles (>= 4.3) - restriction: || (&& (== net462) (< net46)) (&& (== netcoreapp2.1) (< netstandard2.0)) (== netstandard1.6)
      System.Runtime.InteropServices (>= 4.3) - restriction: || (&& (== net462) (< net46)) (&& (== netcoreapp2.1) (< netstandard2.0)) (== netstandard1.6)
      System.Security.Claims (>= 4.3) - restriction: || (&& (== net462) (< net46)) (&& (== net462) (< net461)) (&& (== netcoreapp2.1) (< netstandard2.0)) (== netstandard1.6)
      System.Security.Principal (>= 4.3) - restriction: || (&& (== net462) (< net46)) (&& (== netcoreapp2.1) (< netstandard2.0)) (== netstandard1.6)
      System.Text.Encoding (>= 4.3) - restriction: || (&& (== net462) (< net46)) (&& (== netcoreapp2.1) (< netstandard2.0)) (== netstandard1.6)
      System.Threading (>= 4.3) - restriction: || (&& (== net462) (< net46)) (&& (== netcoreapp2.1) (< netstandard2.0)) (== netstandard1.6)
    System.Text.Encoding (4.3) - restriction: || (&& (== net462) (< net45)) (&& (== net462) (< net46) (>= netstandard2.0)) (&& (== net462) (>= netcoreapp2.0)) (&& (== net462) (< netstandard1.3) (>= netstandard2.0)) (== netcoreapp2.1) (== netstandard1.6) (== netstandard2.0)
      Microsoft.NETCore.Platforms (>= 1.1) - restriction: || (&& (== net462) (< net45)) (&& (== net462) (< portable-net45+win8+wp8+wpa81)) (== netcoreapp2.1) (== netstandard1.6) (== netstandard2.0)
      Microsoft.NETCore.Targets (>= 1.1) - restriction: || (&& (== net462) (< net45)) (&& (== net462) (< portable-net45+win8+wp8+wpa81)) (== netcoreapp2.1) (== netstandard1.6) (== netstandard2.0)
      System.Runtime (>= 4.3) - restriction: || (&& (== net462) (< net45)) (&& (== net462) (< portable-net45+win8+wp8+wpa81)) (== netcoreapp2.1) (== netstandard1.6) (== netstandard2.0)
    System.Text.Encoding.CodePages (4.5) - restriction: || (&& (== net462) (>= netcoreapp2.0)) (== netcoreapp2.1) (&& (== netstandard1.6) (>= netcoreapp2.0)) (&& (== netstandard2.0) (>= netcoreapp2.0))
      Microsoft.NETCore.Platforms (>= 2.0) - restriction: || (&& (== net462) (>= netcoreapp2.0)) (== netcoreapp2.1) (&& (== netstandard1.6) (>= netcoreapp2.0)) (&& (== netstandard2.0) (>= netcoreapp2.0))
      System.Runtime.CompilerServices.Unsafe (>= 4.5) - restriction: || (== net462) (== netcoreapp2.1) (&& (== netstandard1.6) (>= net461)) (&& (== netstandard1.6) (>= netcoreapp2.0)) (&& (== netstandard1.6) (>= netstandard2.0)) (== netstandard2.0)
    System.Text.Encoding.Extensions (4.3) - restriction: || (&& (== net462) (== netcoreapp2.1)) (&& (== net462) (== netstandard2.0)) (&& (== net462) (< net45)) (&& (== netcoreapp2.1) (< netstandard2.0)) (== netstandard1.6)
      Microsoft.NETCore.Platforms (>= 1.1) - restriction: || (&& (== net462) (< net45)) (&& (== net462) (< portable-net45+win8+wp8+wpa81)) (== netcoreapp2.1) (== netstandard1.6) (== netstandard2.0)
      Microsoft.NETCore.Targets (>= 1.1) - restriction: || (&& (== net462) (< net45)) (&& (== net462) (< portable-net45+win8+wp8+wpa81)) (== netcoreapp2.1) (== netstandard1.6) (== netstandard2.0)
      System.Runtime (>= 4.3) - restriction: || (&& (== net462) (< net45)) (&& (== net462) (< portable-net45+win8+wp8+wpa81)) (== netcoreapp2.1) (== netstandard1.6) (== netstandard2.0)
      System.Text.Encoding (>= 4.3) - restriction: || (&& (== net462) (< net45)) (&& (== net462) (< portable-net45+win8+wp8+wpa81)) (== netcoreapp2.1) (== netstandard1.6) (== netstandard2.0)
    System.Text.RegularExpressions (4.3) - restriction: || (&& (== net462) (== netcoreapp2.1)) (&& (== net462) (== netstandard2.0)) (&& (== net462) (< net45)) (&& (== netcoreapp2.1) (< netstandard2.0)) (== netstandard1.6)
      System.Collections (>= 4.3) - restriction: || (&& (== net462) (< net45) (>= netstandard1.6)) (&& (== net462) (< portable-net45+win8+wp8+wpa81)) (&& (== netcoreapp2.1) (< netcoreapp1.1)) (&& (== netcoreapp2.1) (< portable-net45+win8+wp8+wpa81)) (== netstandard1.6) (== netstandard2.0)
      System.Globalization (>= 4.3) - restriction: || (&& (== net462) (< net45) (>= netstandard1.6)) (&& (== net462) (< portable-net45+win8+wp8+wpa81)) (&& (== netcoreapp2.1) (< netcoreapp1.1)) (&& (== netcoreapp2.1) (< portable-net45+win8+wp8+wpa81)) (== netstandard1.6) (== netstandard2.0)
      System.Resources.ResourceManager (>= 4.3) - restriction: || (&& (== net462) (< net45) (>= netstandard1.6)) (&& (== net462) (< portable-net45+win8+wp8+wpa81)) (&& (== netcoreapp2.1) (< netcoreapp1.1)) (&& (== netcoreapp2.1) (< portable-net45+win8+wp8+wpa81)) (== netstandard1.6) (== netstandard2.0)
      System.Runtime (>= 4.3) - restriction: || (&& (== net462) (< net45)) (&& (== net462) (>= netcoreapp1.1)) (&& (== net462) (< portable-net45+win8+wp8+wpa81)) (== netcoreapp2.1) (== netstandard1.6) (== netstandard2.0)
      System.Runtime.Extensions (>= 4.3) - restriction: || (&& (== net462) (< net45) (>= netstandard1.6)) (&& (== net462) (< portable-net45+win8+wp8+wpa81)) (&& (== netcoreapp2.1) (< netcoreapp1.1)) (&& (== netcoreapp2.1) (< portable-net45+win8+wp8+wpa81)) (== netstandard1.6) (== netstandard2.0)
      System.Threading (>= 4.3) - restriction: || (&& (== net462) (< net45) (>= netstandard1.6)) (&& (== net462) (< portable-net45+win8+wp8+wpa81)) (&& (== netcoreapp2.1) (< netcoreapp1.1)) (&& (== netcoreapp2.1) (< portable-net45+win8+wp8+wpa81)) (== netstandard1.6) (== netstandard2.0)
    System.Threading (4.3) - restriction: || (&& (== net462) (< net35)) (&& (== net462) (< net45)) (&& (== net462) (>= netcoreapp2.0)) (== netcoreapp2.1) (== netstandard1.6) (== netstandard2.0)
      System.Runtime (>= 4.3) - restriction: || (&& (== net462) (< net45)) (&& (== net462) (< portable-net45+win8+wp8+wpa81)) (== netcoreapp2.1) (== netstandard1.6) (== netstandard2.0)
      System.Threading.Tasks (>= 4.3) - restriction: || (&& (== net462) (< net45)) (&& (== net462) (< portable-net45+win8+wp8+wpa81)) (== netcoreapp2.1) (== netstandard1.6) (== netstandard2.0)
    System.Threading.Overlapped (4.3) - restriction: || (&& (== net462) (== netcoreapp2.1)) (&& (== net462) (== netstandard2.0)) (&& (== net462) (< net45)) (&& (== netcoreapp2.1) (< netstandard2.0)) (== netstandard1.6)
      Microsoft.NETCore.Platforms (>= 1.1) - restriction: || (&& (== net462) (< net46)) (&& (== net462) (< netstandard1.3)) (== netcoreapp2.1) (== netstandard1.6) (== netstandard2.0)
      System.Resources.ResourceManager (>= 4.3) - restriction: || (&& (== net462) (< net46)) (&& (== net462) (< netstandard1.3)) (== netcoreapp2.1) (== netstandard1.6) (== netstandard2.0)
      System.Runtime (>= 4.3) - restriction: || (&& (== net462) (< net46)) (&& (== net462) (< netstandard1.3)) (== netcoreapp2.1) (== netstandard1.6) (== netstandard2.0)
      System.Runtime.Handles (>= 4.3) - restriction: || (&& (== net462) (< net46)) (&& (== net462) (< netstandard1.3)) (== netcoreapp2.1) (== netstandard1.6) (== netstandard2.0)
    System.Threading.Tasks (4.3) - restriction: || (&& (== net462) (< net45)) (&& (== net462) (< net46) (>= netstandard2.0)) (&& (== net462) (>= netcoreapp2.0)) (&& (== net462) (< netstandard1.3) (>= netstandard2.0)) (== netcoreapp2.1) (== netstandard1.6) (== netstandard2.0)
      Microsoft.NETCore.Platforms (>= 1.1) - restriction: || (&& (== net462) (< net45)) (&& (== net462) (< portable-net45+win8+wp8+wpa81)) (== netcoreapp2.1) (== netstandard1.6) (== netstandard2.0)
      Microsoft.NETCore.Targets (>= 1.1) - restriction: || (&& (== net462) (< net45)) (&& (== net462) (< portable-net45+win8+wp8+wpa81)) (== netcoreapp2.1) (== netstandard1.6) (== netstandard2.0)
      System.Runtime (>= 4.3) - restriction: || (&& (== net462) (< net45)) (&& (== net462) (< portable-net45+win8+wp8+wpa81)) (== netcoreapp2.1) (== netstandard1.6) (== netstandard2.0)
    System.Threading.Tasks.Dataflow (4.9)
      NETStandard.Library (>= 1.6.1) - restriction: || (&& (== net462) (< net45)) (&& (== net462) (< netstandard1.1)) (&& (== netcoreapp2.1) (< netstandard1.1)) (&& (== netcoreapp2.1) (< netstandard2.0)) (== netstandard1.6) (&& (== netstandard2.0) (< netstandard1.1))
      System.Dynamic.Runtime (>= 4.3) - restriction: || (&& (== net462) (< net45)) (&& (== net462) (< netstandard1.1)) (&& (== netcoreapp2.1) (< netstandard1.1)) (&& (== netcoreapp2.1) (< netstandard2.0)) (== netstandard1.6) (&& (== netstandard2.0) (< netstandard1.1))
    System.Threading.Tasks.Extensions (4.5.1)
      System.Collections (>= 4.3) - restriction: || (&& (== net462) (< net45)) (&& (== netcoreapp2.1) (< netstandard2.0)) (== netstandard1.6)
      System.Runtime (>= 4.3) - restriction: || (&& (== net462) (< net45)) (&& (== netcoreapp2.1) (< netstandard2.0)) (== netstandard1.6)
      System.Runtime.CompilerServices.Unsafe (>= 4.5) - restriction: || (== net462) (&& (== netcoreapp2.1) (>= net45)) (&& (== netcoreapp2.1) (< netstandard1.0)) (&& (== netcoreapp2.1) (< netstandard2.0)) (&& (== netcoreapp2.1) (>= wp8)) (== netstandard1.6) (== netstandard2.0)
      System.Threading.Tasks (>= 4.3) - restriction: || (&& (== net462) (< net45)) (&& (== netcoreapp2.1) (< netstandard2.0)) (== netstandard1.6)
    System.Threading.Tasks.Parallel (4.3) - restriction: || (&& (== net462) (== netcoreapp2.1)) (&& (== net462) (== netstandard2.0)) (&& (== net462) (< net45) (>= netstandard1.6)) (&& (== netcoreapp2.1) (< netstandard2.0)) (== netstandard1.6)
      System.Collections.Concurrent (>= 4.3) - restriction: || (&& (== net462) (< net45)) (&& (== net462) (< portable-net45+win8+wpa81)) (== netcoreapp2.1) (== netstandard1.6) (== netstandard2.0)
      System.Diagnostics.Debug (>= 4.3) - restriction: || (&& (== net462) (< net45)) (&& (== net462) (< portable-net45+win8+wpa81)) (== netcoreapp2.1) (== netstandard1.6) (== netstandard2.0)
      System.Diagnostics.Tracing (>= 4.3) - restriction: || (&& (== net462) (< net45)) (&& (== net462) (< portable-net45+win8+wpa81)) (== netcoreapp2.1) (== netstandard1.6) (== netstandard2.0)
      System.Resources.ResourceManager (>= 4.3) - restriction: || (&& (== net462) (< net45)) (&& (== net462) (< portable-net45+win8+wpa81)) (== netcoreapp2.1) (== netstandard1.6) (== netstandard2.0)
      System.Runtime (>= 4.3) - restriction: || (&& (== net462) (< net45)) (&& (== net462) (< portable-net45+win8+wpa81)) (== netcoreapp2.1) (== netstandard1.6) (== netstandard2.0)
      System.Runtime.Extensions (>= 4.3) - restriction: || (&& (== net462) (< net45)) (&& (== net462) (< portable-net45+win8+wpa81)) (== netcoreapp2.1) (== netstandard1.6) (== netstandard2.0)
      System.Threading (>= 4.3) - restriction: || (&& (== net462) (< net45)) (&& (== net462) (< portable-net45+win8+wpa81)) (== netcoreapp2.1) (== netstandard1.6) (== netstandard2.0)
      System.Threading.Tasks (>= 4.3) - restriction: || (&& (== net462) (< net45)) (&& (== net462) (< portable-net45+win8+wpa81)) (== netcoreapp2.1) (== netstandard1.6) (== netstandard2.0)
    System.Threading.Thread (4.3) - restriction: || (&& (== net462) (== netstandard2.0)) (&& (== net462) (< net45)) (&& (== net462) (>= netcoreapp2.0)) (== netcoreapp2.1) (== netstandard1.6) (&& (== netstandard2.0) (>= netcoreapp2.0))
      System.Runtime (>= 4.3) - restriction: || (&& (== net462) (< net46)) (== netcoreapp2.1) (== netstandard1.6) (== netstandard2.0)
    System.Threading.ThreadPool (4.3) - restriction: || (&& (== net462) (== netcoreapp2.1)) (&& (== net462) (== netstandard2.0)) (&& (== net462) (< net45)) (&& (== netcoreapp2.1) (< netstandard2.0)) (== netstandard1.6)
      System.Runtime (>= 4.3) - restriction: || (&& (== net462) (< net46)) (== netcoreapp2.1) (== netstandard1.6) (== netstandard2.0)
      System.Runtime.Handles (>= 4.3) - restriction: || (&& (== net462) (< net46)) (== netcoreapp2.1) (== netstandard1.6) (== netstandard2.0)
    System.Threading.Timer (4.3) - restriction: || (&& (== net462) (== netcoreapp2.1)) (&& (== net462) (== netstandard2.0)) (&& (== net462) (< net45)) (&& (== net462) (< netstandard1.5) (>= uap10.0)) (&& (== netcoreapp2.1) (< netstandard1.3)) (&& (== netcoreapp2.1) (< netstandard1.4)) (&& (== netcoreapp2.1) (< netstandard1.5)) (&& (== netcoreapp2.1) (< netstandard1.6)) (&& (== netcoreapp2.1) (< netstandard2.0)) (== netstandard1.6)
      Microsoft.NETCore.Platforms (>= 1.1) - restriction: || (&& (== net462) (< net451)) (&& (== net462) (< portable-net451+win81+wpa81)) (== netcoreapp2.1) (== netstandard1.6) (== netstandard2.0)
      Microsoft.NETCore.Targets (>= 1.1) - restriction: || (&& (== net462) (< net451)) (&& (== net462) (< portable-net451+win81+wpa81)) (== netcoreapp2.1) (== netstandard1.6) (== netstandard2.0)
      System.Runtime (>= 4.3) - restriction: || (&& (== net462) (< net451)) (&& (== net462) (< portable-net451+win81+wpa81)) (== netcoreapp2.1) (== netstandard1.6) (== netstandard2.0)
    System.Xml.ReaderWriter (4.3.1) - restriction: || (&& (== net462) (== netcoreapp2.1)) (&& (== net462) (== netstandard2.0)) (&& (== net462) (< net45)) (&& (== net462) (< netstandard1.5) (>= uap10.0)) (&& (== net462) (< portable-net45+win8+wpa81)) (&& (== netcoreapp2.1) (< netstandard1.2)) (&& (== netcoreapp2.1) (< netstandard1.3)) (&& (== netcoreapp2.1) (< netstandard1.4)) (&& (== netcoreapp2.1) (< netstandard1.5)) (&& (== netcoreapp2.1) (< netstandard1.6)) (&& (== netcoreapp2.1) (< netstandard2.0)) (&& (== netcoreapp2.1) (< portable-net45+win8+wpa81)) (== netstandard1.6)
      System.Collections (>= 4.3) - restriction: || (&& (== net462) (< net45)) (&& (== net462) (< portable-net45+win8+wp8+wpa81)) (== netcoreapp2.1) (== netstandard1.6) (== netstandard2.0)
      System.Diagnostics.Debug (>= 4.3) - restriction: || (&& (== net462) (< net45)) (&& (== net462) (< portable-net45+win8+wp8+wpa81)) (== netcoreapp2.1) (== netstandard1.6) (== netstandard2.0)
      System.Globalization (>= 4.3) - restriction: || (&& (== net462) (< net45)) (&& (== net462) (< portable-net45+win8+wp8+wpa81)) (== netcoreapp2.1) (== netstandard1.6) (== netstandard2.0)
      System.IO (>= 4.3) - restriction: || (&& (== net462) (< net45)) (&& (== net462) (< portable-net45+win8+wp8+wpa81)) (== netcoreapp2.1) (== netstandard1.6) (== netstandard2.0)
      System.IO.FileSystem (>= 4.3) - restriction: || (&& (== net462) (< net45)) (&& (== net462) (< portable-net45+win8+wp8+wpa81)) (== netcoreapp2.1) (== netstandard1.6) (== netstandard2.0)
      System.IO.FileSystem.Primitives (>= 4.3) - restriction: || (&& (== net462) (< net45)) (&& (== net462) (< portable-net45+win8+wp8+wpa81)) (== netcoreapp2.1) (== netstandard1.6) (== netstandard2.0)
      System.Resources.ResourceManager (>= 4.3) - restriction: || (&& (== net462) (< net45)) (&& (== net462) (< portable-net45+win8+wp8+wpa81)) (== netcoreapp2.1) (== netstandard1.6) (== netstandard2.0)
      System.Runtime (>= 4.3) - restriction: || (&& (== net462) (< net45)) (&& (== net462) (< portable-net45+win8+wp8+wpa81)) (== netcoreapp2.1) (== netstandard1.6) (== netstandard2.0)
      System.Runtime.Extensions (>= 4.3) - restriction: || (&& (== net462) (< net45)) (&& (== net462) (< portable-net45+win8+wp8+wpa81)) (== netcoreapp2.1) (== netstandard1.6) (== netstandard2.0)
      System.Runtime.InteropServices (>= 4.3) - restriction: || (&& (== net462) (< net45)) (&& (== net462) (< portable-net45+win8+wp8+wpa81)) (== netcoreapp2.1) (== netstandard1.6) (== netstandard2.0)
      System.Text.Encoding (>= 4.3) - restriction: || (&& (== net462) (< net45)) (&& (== net462) (< portable-net45+win8+wp8+wpa81)) (== netcoreapp2.1) (== netstandard1.6) (== netstandard2.0)
      System.Text.Encoding.Extensions (>= 4.3) - restriction: || (&& (== net462) (< net45)) (&& (== net462) (< portable-net45+win8+wp8+wpa81)) (== netcoreapp2.1) (== netstandard1.6) (== netstandard2.0)
      System.Text.RegularExpressions (>= 4.3) - restriction: || (&& (== net462) (< net45)) (&& (== net462) (< portable-net45+win8+wp8+wpa81)) (== netcoreapp2.1) (== netstandard1.6) (== netstandard2.0)
      System.Threading.Tasks (>= 4.3) - restriction: || (&& (== net462) (< net45)) (&& (== net462) (< portable-net45+win8+wp8+wpa81)) (== netcoreapp2.1) (== netstandard1.6) (== netstandard2.0)
      System.Threading.Tasks.Extensions (>= 4.3) - restriction: || (&& (== net462) (< net45)) (&& (== net462) (< portable-net45+win8+wp8+wpa81)) (== netcoreapp2.1) (== netstandard1.6) (== netstandard2.0)
    System.Xml.XDocument (4.3) - restriction: || (&& (== net462) (== netcoreapp2.1)) (&& (== net462) (== netstandard2.0)) (&& (== net462) (< net45)) (&& (== net462) (< netstandard1.5) (>= uap10.0)) (&& (== net462) (< portable-net45+win8+wpa81)) (&& (== netcoreapp2.1) (< netstandard1.2)) (&& (== netcoreapp2.1) (< netstandard1.3)) (&& (== netcoreapp2.1) (< netstandard1.4)) (&& (== netcoreapp2.1) (< netstandard1.5)) (&& (== netcoreapp2.1) (< netstandard1.6)) (&& (== netcoreapp2.1) (< netstandard2.0)) (&& (== netcoreapp2.1) (< portable-net45+win8+wpa81)) (== netstandard1.6)
      System.Collections (>= 4.3) - restriction: || (&& (== net462) (< net45)) (&& (== net462) (< portable-net45+win8+wp8+wpa81)) (== netcoreapp2.1) (== netstandard1.6) (== netstandard2.0)
      System.Diagnostics.Debug (>= 4.3) - restriction: || (&& (== net462) (< net45)) (&& (== net462) (< portable-net45+win8+wp8+wpa81)) (== netcoreapp2.1) (== netstandard1.6) (== netstandard2.0)
      System.Diagnostics.Tools (>= 4.3) - restriction: || (&& (== net462) (< net45)) (&& (== net462) (< portable-net45+win8+wp8+wpa81)) (== netcoreapp2.1) (== netstandard1.6) (== netstandard2.0)
      System.Globalization (>= 4.3) - restriction: || (&& (== net462) (< net45)) (&& (== net462) (< portable-net45+win8+wp8+wpa81)) (== netcoreapp2.1) (== netstandard1.6) (== netstandard2.0)
      System.IO (>= 4.3) - restriction: || (&& (== net462) (< net45)) (&& (== net462) (< portable-net45+win8+wp8+wpa81)) (== netcoreapp2.1) (== netstandard1.6) (== netstandard2.0)
      System.Reflection (>= 4.3) - restriction: || (&& (== net462) (< net45)) (&& (== net462) (< portable-net45+win8+wp8+wpa81)) (== netcoreapp2.1) (== netstandard1.6) (== netstandard2.0)
      System.Resources.ResourceManager (>= 4.3) - restriction: || (&& (== net462) (< net45)) (&& (== net462) (< portable-net45+win8+wp8+wpa81)) (== netcoreapp2.1) (== netstandard1.6) (== netstandard2.0)
      System.Runtime (>= 4.3) - restriction: || (&& (== net462) (< net45)) (&& (== net462) (< portable-net45+win8+wp8+wpa81)) (== netcoreapp2.1) (== netstandard1.6) (== netstandard2.0)
      System.Runtime.Extensions (>= 4.3) - restriction: || (&& (== net462) (< net45)) (&& (== net462) (< portable-net45+win8+wp8+wpa81)) (== netcoreapp2.1) (== netstandard1.6) (== netstandard2.0)
      System.Text.Encoding (>= 4.3) - restriction: || (&& (== net462) (< net45)) (&& (== net462) (< portable-net45+win8+wp8+wpa81)) (== netcoreapp2.1) (== netstandard1.6) (== netstandard2.0)
      System.Threading (>= 4.3) - restriction: || (&& (== net462) (< net45)) (&& (== net462) (< portable-net45+win8+wp8+wpa81)) (== netcoreapp2.1) (== netstandard1.6) (== netstandard2.0)
      System.Xml.ReaderWriter (>= 4.3) - restriction: || (&& (== net462) (< net45)) (&& (== net462) (< portable-net45+win8+wp8+wpa81)) (== netcoreapp2.1) (== netstandard1.6) (== netstandard2.0)
    System.Xml.XmlDocument (4.3) - restriction: || (&& (== net462) (== netcoreapp2.1)) (&& (== net462) (== netstandard2.0)) (&& (== net462) (< net20)) (&& (== netcoreapp2.1) (< netstandard2.0)) (== netstandard1.6)
      System.Collections (>= 4.3) - restriction: || (&& (== net462) (< net46)) (== netcoreapp2.1) (== netstandard1.6) (== netstandard2.0)
      System.Diagnostics.Debug (>= 4.3) - restriction: || (&& (== net462) (< net46)) (== netcoreapp2.1) (== netstandard1.6) (== netstandard2.0)
      System.Globalization (>= 4.3) - restriction: || (&& (== net462) (< net46)) (== netcoreapp2.1) (== netstandard1.6) (== netstandard2.0)
      System.IO (>= 4.3) - restriction: || (&& (== net462) (< net46)) (== netcoreapp2.1) (== netstandard1.6) (== netstandard2.0)
      System.Resources.ResourceManager (>= 4.3) - restriction: || (&& (== net462) (< net46)) (== netcoreapp2.1) (== netstandard1.6) (== netstandard2.0)
      System.Runtime (>= 4.3) - restriction: || (&& (== net462) (< net46)) (== netcoreapp2.1) (== netstandard1.6) (== netstandard2.0)
      System.Runtime.Extensions (>= 4.3) - restriction: || (&& (== net462) (< net46)) (== netcoreapp2.1) (== netstandard1.6) (== netstandard2.0)
      System.Text.Encoding (>= 4.3) - restriction: || (&& (== net462) (< net46)) (== netcoreapp2.1) (== netstandard1.6) (== netstandard2.0)
      System.Threading (>= 4.3) - restriction: || (&& (== net462) (< net46)) (== netcoreapp2.1) (== netstandard1.6) (== netstandard2.0)
      System.Xml.ReaderWriter (>= 4.3) - restriction: || (&& (== net462) (< net46)) (== netcoreapp2.1) (== netstandard1.6) (== netstandard2.0)
    System.Xml.XmlSerializer (4.3) - restriction: || (&& (== net462) (== netcoreapp2.1)) (&& (== net462) (== netstandard2.0)) (&& (== net462) (< net451)) (&& (== netcoreapp2.1) (< netstandard2.0)) (== netstandard1.6)
      System.Collections (>= 4.3) - restriction: || (&& (== net462) (< net45)) (&& (== net462) (< portable-net45+win8+wp8+wpa81)) (== netcoreapp2.1) (== netstandard1.6) (== netstandard2.0)
      System.Globalization (>= 4.3) - restriction: || (&& (== net462) (< net45)) (&& (== net462) (< portable-net45+win8+wp8+wpa81)) (== netcoreapp2.1) (== netstandard1.6) (== netstandard2.0)
      System.IO (>= 4.3) - restriction: || (&& (== net462) (< net45)) (&& (== net462) (< portable-net45+win8+wp8+wpa81)) (== netcoreapp2.1) (== netstandard1.6) (== netstandard2.0)
      System.Linq (>= 4.3) - restriction: || (&& (== net462) (< net45)) (&& (== net462) (< portable-net45+win8+wp8+wpa81)) (== netcoreapp2.1) (== netstandard1.6) (== netstandard2.0)
      System.Reflection (>= 4.3) - restriction: || (&& (== net462) (< net45)) (&& (== net462) (< portable-net45+win8+wp8+wpa81)) (== netcoreapp2.1) (== netstandard1.6) (== netstandard2.0)
      System.Reflection.Emit (>= 4.3) - restriction: || (&& (== net462) (< net45)) (&& (== net462) (< portable-net45+win8+wp8+wpa81)) (== netcoreapp2.1) (== netstandard1.6) (== netstandard2.0)
      System.Reflection.Emit.ILGeneration (>= 4.3) - restriction: || (&& (== net462) (< net45)) (&& (== net462) (< portable-net45+win8+wp8+wpa81)) (== netcoreapp2.1) (== netstandard1.6) (== netstandard2.0)
      System.Reflection.Extensions (>= 4.3) - restriction: || (&& (== net462) (< net45)) (&& (== net462) (< portable-net45+win8+wp8+wpa81)) (== netcoreapp2.1) (== netstandard1.6) (== netstandard2.0)
      System.Reflection.Primitives (>= 4.3) - restriction: || (&& (== net462) (< net45)) (&& (== net462) (< portable-net45+win8+wp8+wpa81)) (== netcoreapp2.1) (== netstandard1.6) (== netstandard2.0)
      System.Reflection.TypeExtensions (>= 4.3) - restriction: || (&& (== net462) (< net45)) (&& (== net462) (< portable-net45+win8+wp8+wpa81)) (== netcoreapp2.1) (== netstandard1.6) (== netstandard2.0)
      System.Resources.ResourceManager (>= 4.3) - restriction: || (&& (== net462) (< net45)) (&& (== net462) (< portable-net45+win8+wp8+wpa81)) (== netcoreapp2.1) (== netstandard1.6) (== netstandard2.0)
      System.Runtime (>= 4.3) - restriction: || (&& (== net462) (< net45)) (&& (== net462) (< portable-net45+win8+wp8+wpa81)) (== netcoreapp2.1) (== netstandard1.6) (== netstandard2.0)
      System.Runtime.Extensions (>= 4.3) - restriction: || (&& (== net462) (< net45)) (&& (== net462) (< portable-net45+win8+wp8+wpa81)) (== netcoreapp2.1) (== netstandard1.6) (== netstandard2.0)
      System.Text.RegularExpressions (>= 4.3) - restriction: || (&& (== net462) (< net45)) (&& (== net462) (< portable-net45+win8+wp8+wpa81)) (== netcoreapp2.1) (== netstandard1.6) (== netstandard2.0)
      System.Threading (>= 4.3) - restriction: || (&& (== net462) (< net45)) (&& (== net462) (< portable-net45+win8+wp8+wpa81)) (== netcoreapp2.1) (== netstandard1.6) (== netstandard2.0)
      System.Xml.ReaderWriter (>= 4.3) - restriction: || (&& (== net462) (< net45)) (&& (== net462) (< portable-net45+win8+wp8+wpa81)) (== netcoreapp2.1) (== netstandard1.6) (== netstandard2.0)
      System.Xml.XmlDocument (>= 4.3) - restriction: || (&& (== net462) (< net45)) (&& (== net462) (< portable-net45+win8+wp8+wpa81)) (== netcoreapp2.1) (== netstandard1.6) (== netstandard2.0)

GROUP Build
NUGET
  remote: https://www.nuget.org/api/v2
    FAKE (4.60)
